{
  "bids_meta": {
    "AcquisitionMatrixPE": 192,
    "AcquisitionNumber": 1,
    "AcquisitionTime": "07:29:37.597500",
    "BaseResolution": 256,
    "BodyPartExamined": "BRAIN",
    "CoilCombinationMethod": "Adaptive Combine",
    "ConsistencyInfo": "N4_VE11B_LATEST_20150530",
    "ConversionSoftware": "dcm2niix",
    "ConversionSoftwareVersion": "v1.0.20211006",
    "DeviceSerialNumber": "66094",
    "DwellTime": 3e-06,
    "EchoTime": 0.00169,
    "FlipAngle": 7,
    "ImageOrientationPatientDICOM": [
      -0.00511612,
      0.997789,
      0.0662691,
      -0.0124394,
      0.0662013,
      -0.997729
    ],
    "ImageOrientationText": "Sag>Tra(0.7)>Cor(-0.3)",
    "ImageType": [
      "ORIGINAL",
      "PRIMARY",
      "OTHER",
      "ND",
      "NORM",
      "MEAN"
    ],
    "ImagingFrequency": 123.251,
    "InPlanePhaseEncodingDirectionDICOM": "ROW",
    "InstitutionAddress": "Mill Street 115,Belmount,Boston,US,02478",
    "InstitutionName": "Mclean Hospital",
    "InstitutionalDepartmentName": "Department",
    "InversionTime": 1.2,
    "MRAcquisitionType": "3D",
    "MagneticFieldStrength": 3,
    "Manufacturer": "Siemens",
    "ManufacturersModelName": "Prisma",
    "MatrixCoilMode": "GRAPPA",
    "Modality": "MR",
    "NumberOfAverages": 4,
    "ParallelReductionFactorInPlane": 2,
    "PartialFourier": 1,
    "PatientPosition": "HFS",
    "PercentPhaseFOV": 75,
    "PercentSampling": 100,
    "PhaseEncodingSteps": 191,
    "PhaseResolution": 1,
    "PixelBandwidth": 650,
    "ProcedureStepDescription": "3P,No VA Brain,45",
    "ProtocolName": "T1_MEMPRAGE1_gr2",
    "PulseSequenceDetails": "%CustomerSeq%\\tfl_mgh_multiecho",
    "ReceiveCoilActiveElements": "HC1-7",
    "ReceiveCoilName": "HeadNeck_64",
    "ReconMatrixPE": 192,
    "RefLinesPE": 32,
    "RepetitionTime": 2.53,
    "SAR": 0.0390169,
    "ScanOptions": "IR",
    "ScanningSequence": "GR\\IR",
    "SequenceName": "tfl_me3d4_16ns",
    "SequenceVariant": "SK\\SP\\MP",
    "SeriesDescription": "T1_MEMPRAGE1_gr2 RMS",
    "SeriesNumber": 6,
    "ShimSetting": [
      1617,
      -10006,
      -3923,
      384,
      17,
      -296,
      121,
      -22
    ],
    "SliceThickness": 1.33,
    "SoftwareVersions": "syngo MR E11",
    "SpoilingState": true,
    "StationName": "AWP66094",
    "TxRefAmp": 231.805,
    "dataset": "ds004219",
    "modality": "T1w",
    "session_id": "02",
    "subject_id": "08"
  },
  "cjv": 0.36261563139689984,
  "cnr": 3.7213361862192675,
  "efc": 0.5464059943502056,
  "fber": 9294.305164954028,
  "fwhm_avg": 3.449015955188901,
  "fwhm_x": 3.2341878655667027,
  "fwhm_y": 3.72292,
  "fwhm_z": 3.38994,
  "icvs_csf": 0.19496787612468072,
  "icvs_gm": 0.45144663971480253,
  "icvs_wm": 0.3535854841605167,
  "inu_med": 0.6585263013839722,
  "inu_range": 0.3058120012283325,
  "provenance": {
    "md5sum": "fd4294bf68f846bdb1805c18f567c53b",
    "settings": {
      "testing": false
    },
    "software": "mriqc",
    "version": "23.0.1",
    "warnings": {
      "large_rot_frame": true,
      "small_air_mask": false
    },
    "webapi_port": null,
    "webapi_url": "https://mriqc.nimh.nih.gov/api/v1"
  },
  "qi_1": 0.0,
  "qi_2": 0.005931378116104553,
  "rpve_csf": 18.824709146961933,
  "rpve_gm": 8.675372762267765,
  "rpve_wm": 12.464786690238869,
  "size_x": 128,
  "size_y": 192,
  "size_z": 256,
  "snr_csf": 1.7582034565153177,
  "snr_gm": 9.14808870950379,
  "snr_total": 9.921046388618217,
  "snr_wm": 18.856846999835547,
  "snrd_csf": 14.734402383520793,
  "snrd_gm": 48.11148125796435,
  "snrd_total": 45.11185351166704,
  "snrd_wm": 72.48967689351599,
  "spacing_x": 1.3300000429153442,
  "spacing_y": 1.0,
  "spacing_z": 1.0,
  "summary_bg_k": 5.530637186869049,
  "summary_bg_mad": 9.037650664803229,
  "summary_bg_mean": 6.9496468676584335,
  "summary_bg_median": 6.095802739262581,
  "summary_bg_n": 2059980.0,
  "summary_bg_p05": 0.0,
  "summary_bg_p95": 26.442603774368763,
  "summary_bg_stdv": 9.547417357060258,
  "summary_csf_k": 2.1298431081000357,
  "summary_csf_mad": 93.91828866532003,
  "summary_csf_mean": 228.02785851065292,
  "summary_csf_median": 203.26207106932998,
  "summary_csf_n": 22074.0,
  "summary_csf_p05": 83.44659695774317,
  "summary_csf_p95": 457.31082840654983,
  "summary_csf_stdv": 115.6052026618388,
  "summary_gm_k": -0.03181725399666213,
  "summary_gm_mad": 71.20203158892272,
  "summary_gm_mean": 665.241015415086,
  "summary_gm_median": 663.7011171653867,
  "summary_gm_n": 22609.0,
  "summary_gm_p05": 546.3733895771205,
  "summary_gm_p95": 787.8907416209578,
  "summary_gm_stdv": 72.54919145085469,
  "summary_wm_k": 0.44464066855906426,
  "summary_wm_mad": 50.74518717872623,
  "summary_wm_mean": 999.816056593226,
  "summary_wm_median": 999.9999642334878,
  "summary_wm_n": 139402.0,
  "summary_wm_p05": 912.7228966355324,
  "summary_wm_p95": 1085.794269002974,
  "summary_wm_stdv": 53.03094295068474,
  "tpm_overlap_csf": 0.18141978233496509,
  "tpm_overlap_gm": 0.497862630780699,
  "tpm_overlap_wm": 0.5308878686527431,
  "wm2max": 0.48839314451239135
}