{
  "bids_meta": {
    "AcquisitionMatrixPE": 192,
    "AcquisitionNumber": 1,
    "AcquisitionTime": "07:51:50.985000",
    "BaseResolution": 256,
    "CoilCombinationMethod": "Adaptive Combine",
    "CoilString": "C:HEA;HEP",
    "ConversionSoftware": "dcm2niix",
    "ConversionSoftwareVersion": "v1.0.20211006",
    "DeviceSerialNumber": "35070",
    "DwellTime": 3e-06,
    "EchoTime": 0.00174,
    "FlipAngle": 7,
    "ImageOrientationPatientDICOM": [
      0.0756973,
      0.993233,
      0.0880847,
      0.0047119,
      0.0879809,
      -0.996111
    ],
    "ImageOrientationText": "Sag>Cor(4.3)>Tra(0.1)",
    "ImageType": [
      "ORIGINAL",
      "PRIMARY",
      "OTHER",
      "ND",
      "NORM",
      "MEAN"
    ],
    "ImagingFrequency": 123.244,
    "InPlanePhaseEncodingDirectionDICOM": "ROW",
    "InstitutionAddress": "Mill Street 115,Belmount/FC5C61/,Northeast,US,02478",
    "InstitutionName": "Mclean Hospital",
    "InstitutionalDepartmentName": "Department",
    "MRAcquisitionType": "3D",
    "MagneticFieldStrength": 3,
    "Manufacturer": "Siemens",
    "ManufacturersModelName": "TrioTim",
    "MatrixCoilMode": "GRAPPA",
    "Modality": "MR",
    "NumberOfAverages": 4,
    "ParallelReductionFactorInPlane": 2,
    "PartialFourier": 1,
    "PatientPosition": "HFS",
    "PercentPhaseFOV": 75,
    "PercentSampling": 100,
    "PhaseEncodingSteps": 191,
    "PhaseResolution": 1,
    "PixelBandwidth": 651,
    "ProcedureStepDescription": "3T,VA,45",
    "ProtocolName": "mocoMEMPRAGE",
    "PulseSequenceDetails": "%CustomerSeq%\\WIP711_Moco\\tfl_multiecho_epinav_711",
    "ReceiveCoilName": "32Ch_Head",
    "ReconMatrixPE": 192,
    "RefLinesPE": 32,
    "RepetitionTime": 2.53,
    "SAR": 0.0727648,
    "ScanOptions": "IR",
    "ScanningSequence": "GR\\IR",
    "SequenceName": "Moco3d4_ns",
    "SequenceVariant": "SP\\MP",
    "SeriesDescription": "mocoMEMPRAGE RMS",
    "SeriesNumber": 6,
    "ShimSetting": [
      -1176,
      -9846,
      -25513,
      516,
      5,
      -625,
      36,
      -14
    ],
    "SliceThickness": 1.33,
    "SoftwareVersions": "syngo MR B17",
    "StationName": "MRC35070",
    "TxRefAmp": 320.321,
    "dataset": "ds004219",
    "modality": "T1w",
    "session_id": "02",
    "subject_id": "10"
  },
  "cjv": 0.39954176290657206,
  "cnr": 3.417348344751252,
  "efc": 0.5821821276739664,
  "fber": -1.0,
  "fwhm_avg": 3.223130519243979,
  "fwhm_x": 2.9876615577319368,
  "fwhm_y": 3.53277,
  "fwhm_z": 3.14896,
  "icvs_csf": 0.21059203430160484,
  "icvs_gm": 0.44509415053432627,
  "icvs_wm": 0.3443138151640689,
  "inu_med": 0.7143502831459045,
  "inu_range": 0.323000591993332,
  "provenance": {
    "md5sum": "81cec2aa2b3e8a39c5e944b74a3d9cc8",
    "settings": {
      "testing": false
    },
    "software": "mriqc",
    "version": "23.0.1",
    "warnings": {
      "large_rot_frame": true,
      "small_air_mask": false
    },
    "webapi_port": null,
    "webapi_url": "https://mriqc.nimh.nih.gov/api/v1"
  },
  "qi_1": 0.024801006340887298,
  "qi_2": 0.0420645129314,
  "rpve_csf": 16.947154394118318,
  "rpve_gm": 8.3280063524045,
  "rpve_wm": 12.17734070093933,
  "size_x": 128,
  "size_y": 192,
  "size_z": 256,
  "snr_csf": 1.9137704022053252,
  "snr_gm": 8.9952528790319,
  "snr_total": 9.296686695133992,
  "snr_wm": 16.981036804164752,
  "snrd_csf": 11.956602685587258,
  "snrd_gm": 39.26022259711605,
  "snrd_total": 36.531510442722464,
  "snrd_wm": 58.377706045464095,
  "spacing_x": 1.3300000429153442,
  "spacing_y": 1.0,
  "spacing_z": 1.0,
  "summary_bg_k": 1194.6821947975375,
  "summary_bg_mad": 0.0,
  "summary_bg_mean": 3.286020626080051,
  "summary_bg_median": 0.0,
  "summary_bg_n": 1891333.0,
  "summary_bg_p05": 0.0,
  "summary_bg_p95": 18.470855429768562,
  "summary_bg_stdv": 11.222373145322432,
  "summary_csf_k": 3.6326939760666574,
  "summary_csf_mad": 83.81584691984487,
  "summary_csf_mean": 222.00672076687226,
  "summary_csf_median": 204.81453463435173,
  "summary_csf_n": 28410.0,
  "summary_csf_p05": 86.03936419822276,
  "summary_csf_p95": 429.6139292418957,
  "summary_csf_stdv": 107.01959323132847,
  "summary_gm_k": -0.023600683780331533,
  "summary_gm_mad": 73.78218768760848,
  "summary_gm_mean": 671.3246492891169,
  "summary_gm_median": 672.5208181887865,
  "summary_gm_n": 13514.0,
  "summary_gm_p05": 545.3732026275247,
  "summary_gm_p95": 793.8834223896265,
  "summary_gm_stdv": 74.76120398144171,
  "summary_wm_k": 0.37037158419715155,
  "summary_wm_mad": 57.059422300547844,
  "summary_wm_mean": 999.7985901575439,
  "summary_wm_median": 1000.0000009313226,
  "summary_wm_n": 122580.0,
  "summary_wm_p05": 903.0734300613403,
  "summary_wm_p95": 1094.7781993541862,
  "summary_wm_stdv": 58.88897912928997,
  "tpm_overlap_csf": 0.17246009225122588,
  "tpm_overlap_gm": 0.4604681649622343,
  "tpm_overlap_wm": 0.4874090549728578,
  "wm2max": 0.6320332236086657
}