{
  "bids_meta": {
    "AcquisitionMatrixPE": 192,
    "AcquisitionNumber": 1,
    "AcquisitionTime": "08:08:55.965000",
    "BaseResolution": 256,
    "CoilCombinationMethod": "Adaptive Combine",
    "CoilString": "C:HEA;HEP",
    "ConversionSoftware": "dcm2niix",
    "ConversionSoftwareVersion": "v1.0.20211006",
    "DeviceSerialNumber": "35070",
    "DwellTime": 3e-06,
    "EchoTime": 0.00174,
    "FlipAngle": 7,
    "ImageOrientationPatientDICOM": [
      0.047384,
      0.998828,
      0.00986368,
      -0.0301801,
      0.0113019,
      -0.999481
    ],
    "ImageOrientationText": "Sag>Cor(2.7)>Tra(1.8)",
    "ImageType": [
      "ORIGINAL",
      "PRIMARY",
      "OTHER",
      "ND",
      "NORM",
      "MEAN"
    ],
    "ImagingFrequency": 123.246,
    "InPlanePhaseEncodingDirectionDICOM": "ROW",
    "InstitutionAddress": "Mill Street 115,Belmount/FC5C61/,Northeast,US,02478",
    "InstitutionName": "Mclean Hospital",
    "InstitutionalDepartmentName": "Department",
    "MRAcquisitionType": "3D",
    "MagneticFieldStrength": 3,
    "Manufacturer": "Siemens",
    "ManufacturersModelName": "TrioTim",
    "MatrixCoilMode": "GRAPPA",
    "Modality": "MR",
    "NumberOfAverages": 4,
    "ParallelReductionFactorInPlane": 2,
    "PartialFourier": 1,
    "PatientPosition": "HFS",
    "PercentPhaseFOV": 75,
    "PercentSampling": 100,
    "PhaseEncodingSteps": 191,
    "PhaseResolution": 1,
    "PixelBandwidth": 651,
    "ProcedureStepDescription": "3T,VA,45",
    "ProtocolName": "mocoMEMPRAGE",
    "PulseSequenceDetails": "%CustomerSeq%\\WIP711_Moco\\tfl_multiecho_epinav_711",
    "ReceiveCoilName": "32Ch_Head",
    "ReconMatrixPE": 192,
    "RefLinesPE": 32,
    "RepetitionTime": 2.53,
    "SAR": 0.0829228,
    "ScanOptions": "IR",
    "ScanningSequence": "GR\\IR",
    "SequenceName": "Moco3d4_ns",
    "SequenceVariant": "SP\\MP",
    "SeriesDescription": "mocoMEMPRAGE RMS",
    "SeriesNumber": 6,
    "ShimSetting": [
      -1219,
      -9743,
      -25434,
      437,
      118,
      -122,
      360,
      46
    ],
    "SliceThickness": 1.33,
    "SoftwareVersions": "syngo MR B17",
    "StationName": "MRC35070",
    "TxRefAmp": 324.775,
    "dataset": "ds004219",
    "modality": "T1w",
    "session_id": "01",
    "subject_id": "04"
  },
  "cjv": 0.3937587502761695,
  "cnr": 3.455409821832806,
  "efc": 0.5873680216007913,
  "fber": -1.0,
  "fwhm_avg": 3.3044464074617603,
  "fwhm_x": 3.1277292223852813,
  "fwhm_y": 3.51482,
  "fwhm_z": 3.27079,
  "icvs_csf": 0.1795474498415772,
  "icvs_gm": 0.4670124340868366,
  "icvs_wm": 0.35344011607158615,
  "inu_med": 0.7454566657543182,
  "inu_range": 0.39333757758140553,
  "provenance": {
    "md5sum": "a9f6aff4e3104e3efcc789498fd23cea",
    "settings": {
      "testing": false
    },
    "software": "mriqc",
    "version": "23.0.1",
    "warnings": {
      "large_rot_frame": true,
      "small_air_mask": false
    },
    "webapi_port": null,
    "webapi_url": "https://mriqc.nimh.nih.gov/api/v1"
  },
  "qi_1": 0.011498716568325799,
  "qi_2": 0.04804171491402288,
  "rpve_csf": 17.22816761029361,
  "rpve_gm": 7.335797333180712,
  "rpve_wm": 10.831801091232697,
  "size_x": 128,
  "size_y": 192,
  "size_z": 256,
  "snr_csf": 1.63170621946386,
  "snr_gm": 8.683936447869765,
  "snr_total": 8.851809489514272,
  "snr_wm": 16.239785801209187,
  "snrd_csf": 19.299968468413624,
  "snrd_gm": 55.609598405686036,
  "snrd_total": 53.02493579862827,
  "snrd_wm": 84.16524052178517,
  "spacing_x": 1.3300000429153442,
  "spacing_y": 1.0,
  "spacing_z": 1.0,
  "summary_bg_k": 22.884280603273613,
  "summary_bg_mad": 0.0,
  "summary_bg_mean": 3.3341791418549183,
  "summary_bg_median": 0.0,
  "summary_bg_n": 2001204.0,
  "summary_bg_p05": 0.0,
  "summary_bg_p95": 20.648637056350708,
  "summary_bg_stdv": 7.784367668223839,
  "summary_csf_k": 1.4268916636655273,
  "summary_csf_mad": 127.19665869959464,
  "summary_csf_mean": 257.5737312633123,
  "summary_csf_median": 229.3233142644167,
  "summary_csf_n": 13353.0,
  "summary_csf_p05": 75.3899694263935,
  "summary_csf_p95": 523.7908340245484,
  "summary_csf_stdv": 140.53677335401014,
  "summary_gm_k": 0.0083762641663494,
  "summary_gm_mad": 75.28644612369729,
  "summary_gm_mean": 661.7166313998911,
  "summary_gm_median": 660.7563858032227,
  "summary_gm_n": 17234.0,
  "summary_gm_p05": 535.0858629360795,
  "summary_gm_p95": 788.8200183726847,
  "summary_gm_stdv": 76.08729282527213,
  "summary_wm_k": 0.5256160370860199,
  "summary_wm_mad": 58.31579970465392,
  "summary_wm_mean": 1001.2449302112199,
  "summary_wm_median": 1000.0561365634203,
  "summary_wm_n": 138692.0,
  "summary_wm_p05": 902.4239939600229,
  "summary_wm_p95": 1104.1409782469273,
  "summary_wm_stdv": 61.5804015819886,
  "tpm_overlap_csf": 0.15473401241561635,
  "tpm_overlap_gm": 0.46340892467778466,
  "tpm_overlap_wm": 0.479546782020634,
  "wm2max": 0.382299263125303
}