{
  "aor": 0.0014440740740740744,
  "aqi": 0.007653239696969697,
  "bids_meta": {
    "AcquisitionMatrixPE": 64,
    "AcquisitionNumber": 1,
    "AcquisitionTime": "08:32:46.087500",
    "BandwidthPerPixelPhaseEncode": 63.776,
    "BaseResolution": 64,
    "BodyPartExamined": "BRAIN",
    "CoilCombinationMethod": "Sum of Squares",
    "ConsistencyInfo": "N4_VE11B_LATEST_20150530",
    "ConversionSoftware": "dcm2niix",
    "ConversionSoftwareVersion": "v1.0.20211006",
    "DerivedVendorReportedEchoSpacing": 0.000489996,
    "DeviceSerialNumber": "66094",
    "DwellTime": 3.2e-06,
    "EchoTime": 0.029,
    "EchoTrainLength": 31,
    "EffectiveEchoSpacing": 0.000244998,
    "FlipAngle": 75,
    "ImageOrientationPatientDICOM": [
      0.999825,
      0.0163722,
      -0.00908498,
      -0.017452,
      0.990638,
      -0.135392
    ],
    "ImageOrientationText": "Tra>Cor(-7.8)>Sag(-0.4)",
    "ImageType": [
      "ORIGINAL",
      "PRIMARY",
      "M",
      "ND",
      "NORM",
      "MOSAIC"
    ],
    "ImagingFrequency": 123.251,
    "InPlanePhaseEncodingDirectionDICOM": "COL",
    "InstitutionAddress": "Mill Street 115,Belmount,Boston,US,02478",
    "InstitutionName": "Mclean Hospital",
    "InstitutionalDepartmentName": "Department",
    "MRAcquisitionType": "2D",
    "MagneticFieldStrength": 3,
    "Manufacturer": "Siemens",
    "ManufacturersModelName": "Prisma",
    "MatrixCoilMode": "GRAPPA",
    "Modality": "MR",
    "ParallelReductionFactorInPlane": 2,
    "PartialFourier": 1,
    "PatientPosition": "HFS",
    "PercentPhaseFOV": 100,
    "PercentSampling": 100,
    "PhaseEncodingDirection": "j",
    "PhaseEncodingSteps": 63,
    "PhaseResolution": 1,
    "PixelBandwidth": 2440,
    "ProcedureStepDescription": "3P,No VA Brain,45",
    "ProtocolName": "Go-NoGo",
    "PulseSequenceDetails": "%SiemensSeq%\\ep2d_pace",
    "ReceiveCoilActiveElements": "HC1-7",
    "ReceiveCoilName": "HeadNeck_64",
    "ReconMatrixPE": 64,
    "RefLinesPE": 24,
    "RepetitionTime": 2,
    "SAR": 0.114033,
    "ScanOptions": "FS",
    "ScanningSequence": "EP",
    "SequenceName": "*epfid2d1_64",
    "SequenceVariant": "SK",
    "SeriesDescription": "Go-NoGo",
    "SeriesNumber": 12,
    "ShimSetting": [
      1604,
      -9966,
      -3853,
      356,
      -62,
      3,
      59,
      -69
    ],
    "SliceThickness": 3.5,
    "SliceTiming": [
      0.99,
      0,
      1.0425,
      0.0525,
      1.095,
      0.105,
      1.1475,
      0.1575,
      1.2,
      0.21,
      1.2525,
      0.2625,
      1.3025,
      0.3125,
      1.355,
      0.365,
      1.4075,
      0.4175,
      1.46,
      0.47,
      1.5125,
      0.5225,
      1.565,
      0.575,
      1.615,
      0.625,
      1.6675,
      0.6775,
      1.72,
      0.73,
      1.7725,
      0.7825,
      1.825,
      0.835,
      1.8775,
      0.8875,
      1.9275,
      0.9375
    ],
    "SoftwareVersions": "syngo MR E11",
    "SpacingBetweenSlices": 3.5,
    "StationName": "AWP66094",
    "TaskName": "no4 attention",
    "TotalReadoutTime": 0.0154349,
    "TxRefAmp": 273.102,
    "dataset": "ds004219",
    "modality": "bold",
    "session_id": "02",
    "subject_id": "04",
    "task_id": "atten"
  },
  "dummy_trs": 3,
  "dvars_nstd": 26.08423985037163,
  "dvars_std": 1.3479552083108124,
  "dvars_vstd": 1.0069772320945938,
  "efc": 0.49615773434681687,
  "fber": 5312.93896484375,
  "fd_mean": 0.15503611267713602,
  "fd_num": 63,
  "fd_perc": 21.21212121212121,
  "fwhm_avg": 1.6617428192594126,
  "fwhm_x": 1.570997142857143,
  "fwhm_y": 1.7458371428571429,
  "fwhm_z": 1.6683941720639521,
  "gcor": 0.0396084,
  "gsr_x": -0.0016481520142406225,
  "gsr_y": 0.010131601244211197,
  "provenance": {
    "md5sum": "b57b04eac2cf6a07ebe1149fad9e1f37",
    "settings": {
      "fd_thres": 0.2,
      "testing": false
    },
    "software": "mriqc",
    "version": "23.0.1",
    "webapi_port": null,
    "webapi_url": "https://mriqc.nimh.nih.gov/api/v1"
  },
  "size_t": 297,
  "size_x": 64,
  "size_y": 64,
  "size_z": 38,
  "snr": 7.439446671059255,
  "spacing_tr": 2.0,
  "spacing_x": 3.5,
  "spacing_y": 3.5,
  "spacing_z": 3.500000238418579,
  "summary_bg_k": 57.27172172279689,
  "summary_bg_mad": 5.885481576913743,
  "summary_bg_mean": 25.593809127807617,
  "summary_bg_median": 10.303030014038086,
  "summary_bg_n": 94585.0,
  "summary_bg_p05": 0.939393937587738,
  "summary_bg_p95": 82.12188568115238,
  "summary_bg_stdv": 51.19865417480469,
  "summary_fg_k": 1.3027585166587663,
  "summary_fg_mad": 100.78202138716858,
  "summary_fg_mean": 759.78271484375,
  "summary_fg_median": 756.658203125,
  "summary_fg_n": 28532.0,
  "summary_fg_p05": 609.795932006836,
  "summary_fg_p95": 927.3146209716797,
  "summary_fg_stdv": 101.7071533203125,
  "tsnr": 76.56931839999743
}