{
  "aor": 0.00017551939924906137,
  "aqi": 0.02687328710888611,
  "bids_meta": {
    "AcquisitionMatrixPE": 80,
    "AcquisitionNumber": 1,
    "AcquisitionTime": "08:23:8.277500",
    "BandwidthPerPixelPhaseEncode": 48.077,
    "BaseResolution": 80,
    "CoilCombinationMethod": "Sum of Squares",
    "CoilString": "t:HEA;HEP",
    "ConversionSoftware": "dcm2niix",
    "ConversionSoftwareVersion": "v1.0.20211006",
    "DerivedVendorReportedEchoSpacing": 0.000519999,
    "DeviceSerialNumber": "35070",
    "DwellTime": 2.3e-06,
    "EchoTime": 0.03,
    "EffectiveEchoSpacing": 0.00026,
    "FlipAngle": 52,
    "ImageComments": "Unaliased MB6/PE4 (remote)",
    "ImageOrientationPatientDICOM": [
      1,
      0,
      0,
      0,
      1,
      0
    ],
    "ImageOrientationText": "Tra",
    "ImageType": [
      "ORIGINAL",
      "PRIMARY",
      "M",
      "MB",
      "ND",
      "NORM",
      "MOSAIC"
    ],
    "ImagingFrequency": 123.244,
    "InPlanePhaseEncodingDirectionDICOM": "COL",
    "InstitutionAddress": "Mill Street 115,Belmount/FC5C61/,Northeast,US,02478",
    "InstitutionName": "Mclean Hospital",
    "InstitutionalDepartmentName": "Department",
    "MRAcquisitionType": "2D",
    "MagneticFieldStrength": 3,
    "Manufacturer": "Siemens",
    "ManufacturersModelName": "TrioTim",
    "MatrixCoilMode": "GRAPPA",
    "Modality": "MR",
    "MultibandAccelerationFactor": 6,
    "ParallelReductionFactorInPlane": 2,
    "PartialFourier": 1,
    "PatientPosition": "HFS",
    "PercentPhaseFOV": 100,
    "PercentSampling": 100,
    "PhaseEncodingDirection": "j",
    "PhaseEncodingSteps": 79,
    "PhaseResolution": 1,
    "PixelBandwidth": 2717,
    "ProcedureStepDescription": "3T,VA,45",
    "ProtocolName": "BOLDmb_GNG",
    "PulseSequenceDetails": "%CustomerSeq%\\cmrr_mbep2d_bold",
    "ReceiveCoilName": "32Ch_Head",
    "ReconMatrixPE": 80,
    "RefLinesPE": 24,
    "RepetitionTime": 0.75,
    "SAR": 0.0569805,
    "ScanOptions": "FS",
    "ScanningSequence": "EP",
    "SequenceName": "epfid2d1_80",
    "SequenceVariant": "SK\\SS",
    "SeriesDescription": "BOLDmb_GNG",
    "SeriesNumber": 16,
    "ShimSetting": [
      -1177,
      -9763,
      -25547,
      807,
      108,
      -336,
      166,
      49
    ],
    "SliceThickness": 2.8,
    "SliceTiming": [
      0,
      0.4175,
      0.0825,
      0.5025,
      0.1675,
      0.585,
      0.25,
      0.67,
      0.335,
      0,
      0.4175,
      0.0825,
      0.5025,
      0.1675,
      0.585,
      0.25,
      0.67,
      0.335,
      0,
      0.4175,
      0.0825,
      0.5025,
      0.1675,
      0.585,
      0.25,
      0.67,
      0.335,
      0,
      0.4175,
      0.0825,
      0.5025,
      0.1675,
      0.585,
      0.25,
      0.67,
      0.335,
      0,
      0.4175,
      0.0825,
      0.5025,
      0.1675,
      0.585,
      0.25,
      0.67,
      0.335,
      0,
      0.4175,
      0.0825,
      0.5025,
      0.1675,
      0.585,
      0.25,
      0.67,
      0.335
    ],
    "SoftwareVersions": "syngo MR B17",
    "SpacingBetweenSlices": 2.8,
    "StationName": "MRC35070",
    "TaskName": "no4 attention",
    "TotalReadoutTime": 0.02054,
    "TxRefAmp": 310.894,
    "dataset": "ds004219",
    "modality": "bold",
    "session_id": "01",
    "subject_id": "07",
    "task_id": "atten"
  },
  "dummy_trs": 1,
  "dvars_nstd": 49.2701771384461,
  "dvars_std": 1.1791659748496244,
  "dvars_vstd": 1.0025196714786977,
  "efc": 0.47424205769829186,
  "fber": 8642.60546875,
  "fd_mean": 0.05370163711088859,
  "fd_num": 0,
  "fd_perc": 0.0,
  "fwhm_avg": 1.5757003764010673,
  "fwhm_x": 1.4908727272727271,
  "fwhm_y": 1.750189090909091,
  "fwhm_z": 1.4860393110213845,
  "gcor": 0.0137141,
  "gsr_x": 0.00669977767392993,
  "gsr_y": 0.008898225612938404,
  "provenance": {
    "md5sum": "eb46ab123792373c13e79557a005f47a",
    "settings": {
      "fd_thres": 0.2,
      "testing": false
    },
    "software": "mriqc",
    "version": "23.0.1",
    "webapi_port": null,
    "webapi_url": "https://mriqc.nimh.nih.gov/api/v1"
  },
  "size_t": 799,
  "size_x": 80,
  "size_y": 80,
  "size_z": 54,
  "snr": 7.205236124248643,
  "spacing_tr": 0.75,
  "spacing_x": 2.75,
  "spacing_y": 2.75,
  "spacing_z": 2.799999952316284,
  "summary_bg_k": 16.319662533205744,
  "summary_bg_mad": 4.249260522448623,
  "summary_bg_mean": 17.77750587463379,
  "summary_bg_median": 4.185231685638428,
  "summary_bg_n": 236891.0,
  "summary_bg_p05": 0.0,
  "summary_bg_p95": 97.25845336914062,
  "summary_bg_stdv": 37.16957092285156,
  "summary_fg_k": 3.2082362766314985,
  "summary_fg_mad": 47.9767824686047,
  "summary_fg_mean": 385.2583312988281,
  "summary_fg_median": 385.34478759765625,
  "summary_fg_n": 53998.0,
  "summary_fg_p05": 305.05520477294925,
  "summary_fg_p95": 469.3122085571289,
  "summary_fg_stdv": 53.48072052001953,
  "tsnr": 34.374124590773135
}