{
  "bids_meta": {
    "AcquisitionMatrixPE": 192,
    "AcquisitionNumber": 1,
    "AcquisitionTime": "08:12:17.962500",
    "BaseResolution": 256,
    "CoilCombinationMethod": "Adaptive Combine",
    "CoilString": "C:HEA;HEP",
    "ConversionSoftware": "dcm2niix",
    "ConversionSoftwareVersion": "v1.0.20211006",
    "DeviceSerialNumber": "35070",
    "DwellTime": 3e-06,
    "EchoTime": 0.00174,
    "FlipAngle": 7,
    "ImageOrientationPatientDICOM": [
      0.00112439,
      0.999996,
      0.00275746,
      0.00382199,
      0.00275315,
      -0.999989
    ],
    "ImageOrientationText": "Sag>Tra(-0.2)>Cor(0.1)",
    "ImageType": [
      "ORIGINAL",
      "PRIMARY",
      "OTHER",
      "ND",
      "NORM",
      "MEAN"
    ],
    "ImagingFrequency": 123.246,
    "InPlanePhaseEncodingDirectionDICOM": "ROW",
    "InstitutionAddress": "Mill Street 115,Belmount/FC5C61/,Northeast,US,02478",
    "InstitutionName": "Mclean Hospital",
    "InstitutionalDepartmentName": "Department",
    "MRAcquisitionType": "3D",
    "MagneticFieldStrength": 3,
    "Manufacturer": "Siemens",
    "ManufacturersModelName": "TrioTim",
    "MatrixCoilMode": "GRAPPA",
    "Modality": "MR",
    "NumberOfAverages": 4,
    "ParallelReductionFactorInPlane": 2,
    "PartialFourier": 1,
    "PatientPosition": "HFS",
    "PercentPhaseFOV": 75,
    "PercentSampling": 100,
    "PhaseEncodingSteps": 191,
    "PhaseResolution": 1,
    "PixelBandwidth": 651,
    "ProcedureStepDescription": "3T,VA,45",
    "ProtocolName": "mocoMEMPRAGE",
    "PulseSequenceDetails": "%CustomerSeq%\\WIP711_Moco\\tfl_multiecho_epinav_711",
    "ReceiveCoilName": "32Ch_Head",
    "ReconMatrixPE": 192,
    "RefLinesPE": 32,
    "RepetitionTime": 2.53,
    "SAR": 0.0756442,
    "ScanOptions": "IR",
    "ScanningSequence": "GR\\IR",
    "SequenceName": "Moco3d4_ns",
    "SequenceVariant": "SP\\MP",
    "SeriesDescription": "mocoMEMPRAGE RMS",
    "SeriesNumber": 6,
    "ShimSetting": [
      -1209,
      -9723,
      -25500,
      570,
      27,
      -256,
      440,
      70
    ],
    "SliceThickness": 1.33,
    "SoftwareVersions": "syngo MR B17",
    "StationName": "MRC35070",
    "TxRefAmp": 322.136,
    "dataset": "ds004219",
    "modality": "T1w",
    "session_id": "02",
    "subject_id": "03"
  },
  "cjv": 0.37208961601320284,
  "cnr": 3.6529564675841524,
  "efc": 0.6116163220483428,
  "fber": -1.0,
  "fwhm_avg": 3.2996655559124863,
  "fwhm_x": 3.0737066677374587,
  "fwhm_y": 3.61709,
  "fwhm_z": 3.2082,
  "icvs_csf": 0.16644600375169685,
  "icvs_gm": 0.479962126037053,
  "icvs_wm": 0.3535918702112501,
  "inu_med": 0.6754484474658966,
  "inu_range": 0.3243896543979645,
  "provenance": {
    "md5sum": "7e67328623f801889591971e7c5bb2d3",
    "settings": {
      "testing": false
    },
    "software": "mriqc",
    "version": "23.0.1",
    "warnings": {
      "large_rot_frame": true,
      "small_air_mask": false
    },
    "webapi_port": null,
    "webapi_url": "https://mriqc.nimh.nih.gov/api/v1"
  },
  "qi_1": 0.0,
  "qi_2": 0.042423808279783475,
  "rpve_csf": 19.00337661624619,
  "rpve_gm": 7.426550753919077,
  "rpve_wm": 11.032454760380327,
  "size_x": 128,
  "size_y": 192,
  "size_z": 256,
  "snr_csf": 1.5992290723024594,
  "snr_gm": 9.24181092241388,
  "snr_total": 9.366180598412306,
  "snr_wm": 17.25750180052058,
  "snrd_csf": 16.10870951937023,
  "snrd_gm": 54.93647549235425,
  "snrd_total": 51.3369197535724,
  "snrd_wm": 82.96557424899272,
  "spacing_x": 1.3300000429153442,
  "spacing_y": 1.0,
  "spacing_z": 1.0,
  "summary_bg_k": 8.98645046892794,
  "summary_bg_mad": 0.0,
  "summary_bg_mean": 4.187752755320176,
  "summary_bg_median": 0.0,
  "summary_bg_n": 2009175.0,
  "summary_bg_p05": 0.0,
  "summary_bg_p95": 23.173684503883123,
  "summary_bg_stdv": 7.896750295880414,
  "summary_csf_k": 18.272314700163346,
  "summary_csf_mad": 91.05447338025743,
  "summary_csf_mean": 217.82221685873677,
  "summary_csf_median": 194.16789643093944,
  "summary_csf_n": 12895.0,
  "summary_csf_p05": 74.80155926942825,
  "summary_csf_p95": 443.4716724079102,
  "summary_csf_stdv": 121.40872801907682,
  "summary_gm_k": 0.050930785613881646,
  "summary_gm_mad": 70.559737038918,
  "summary_gm_mean": 664.1075585099416,
  "summary_gm_median": 662.182148784399,
  "summary_gm_n": 22397.0,
  "summary_gm_p05": 548.4595623627305,
  "summary_gm_p95": 784.9118654094636,
  "summary_gm_stdv": 71.64909251519887,
  "summary_wm_k": 0.5071565564324643,
  "summary_wm_mad": 55.15128562900587,
  "summary_wm_mean": 999.8868555821157,
  "summary_wm_median": 1000.0336158983409,
  "summary_wm_n": 135879.0,
  "summary_wm_p05": 905.3881177939475,
  "summary_wm_p95": 1094.1409732885659,
  "summary_wm_stdv": 57.9475492793069,
  "tpm_overlap_csf": 0.16023847905287186,
  "tpm_overlap_gm": 0.4693190279525879,
  "tpm_overlap_wm": 0.4872013389181158,
  "wm2max": 0.5462503139290446
}