{
  "aor": 0.003694115432873275,
  "aqi": 0.031557280928481805,
  "bids_meta": {
    "AcquisitionMatrixPE": 80,
    "AcquisitionNumber": 1,
    "AcquisitionTime": "08:33:28.405000",
    "BandwidthPerPixelPhaseEncode": 49.02,
    "BaseResolution": 80,
    "BodyPartExamined": "BRAIN",
    "CoilCombinationMethod": "Sum of Squares",
    "ConsistencyInfo": "N4_VE11B_LATEST_20150530",
    "ConversionSoftware": "dcm2niix",
    "ConversionSoftwareVersion": "v1.0.20211006",
    "DerivedVendorReportedEchoSpacing": 0.000509996,
    "DeviceSerialNumber": "66094",
    "DwellTime": 2.4e-06,
    "EchoTime": 0.03,
    "EchoTrainLength": 39,
    "EffectiveEchoSpacing": 0.000254998,
    "FlipAngle": 52,
    "ImageComments": "Unaliased MB6/PE4/LB",
    "ImageOrientationPatientDICOM": [
      0.998776,
      -0.0491778,
      0.00529041,
      0.0488483,
      0.997524,
      0.050586
    ],
    "ImageOrientationText": "Tra>Cor(2.9)>Sag(0.4)",
    "ImageType": [
      "ORIGINAL",
      "PRIMARY",
      "M",
      "MB",
      "ND",
      "NORM",
      "MOSAIC"
    ],
    "ImagingFrequency": 123.251,
    "InPlanePhaseEncodingDirectionDICOM": "COL",
    "InstitutionAddress": "Mill Street 115,Belmount,Boston,US,02478",
    "InstitutionName": "Mclean Hospital",
    "InstitutionalDepartmentName": "Department",
    "MRAcquisitionType": "2D",
    "MagneticFieldStrength": 3,
    "Manufacturer": "Siemens",
    "ManufacturersModelName": "Prisma",
    "MatrixCoilMode": "GRAPPA",
    "Modality": "MR",
    "MultibandAccelerationFactor": 6,
    "ParallelReductionFactorInPlane": 2,
    "PartialFourier": 1,
    "PatientPosition": "HFS",
    "PercentPhaseFOV": 100,
    "PercentSampling": 100,
    "PhaseEncodingDirection": "j-",
    "PhaseEncodingSteps": 79,
    "PhaseResolution": 1,
    "PixelBandwidth": 2605,
    "ProcedureStepDescription": "3P,VA,45",
    "ProtocolName": "GNG_BOLDP_mb",
    "PulseSequenceDetails": "%CustomerSeq%\\cmrr_mbep2d_bold",
    "ReceiveCoilActiveElements": "HC1-7",
    "ReceiveCoilName": "HeadNeck_64",
    "ReconMatrixPE": 80,
    "RefLinesPE": 24,
    "RepetitionTime": 0.75,
    "SAR": 0.0602998,
    "ScanOptions": "FS",
    "ScanningSequence": "EP",
    "SequenceName": "epfid2d1_80",
    "SequenceVariant": "SK\\SS",
    "SeriesDescription": "GNG_BOLDP_mb",
    "SeriesNumber": 13,
    "ShimSetting": [
      1614,
      -9988,
      -3821,
      464,
      -28,
      -76,
      56,
      -14
    ],
    "SliceThickness": 2.75,
    "SliceTiming": [
      0,
      0.4075,
      0.0825,
      0.4875,
      0.1625,
      0.5675,
      0.245,
      0.65,
      0.325,
      0,
      0.4075,
      0.0825,
      0.4875,
      0.1625,
      0.5675,
      0.245,
      0.65,
      0.325,
      0,
      0.4075,
      0.0825,
      0.4875,
      0.1625,
      0.5675,
      0.245,
      0.65,
      0.325,
      0,
      0.4075,
      0.0825,
      0.4875,
      0.1625,
      0.5675,
      0.245,
      0.65,
      0.325,
      0,
      0.4075,
      0.0825,
      0.4875,
      0.1625,
      0.5675,
      0.245,
      0.65,
      0.325,
      0,
      0.4075,
      0.0825,
      0.4875,
      0.1625,
      0.5675,
      0.245,
      0.65,
      0.325
    ],
    "SoftwareVersions": "syngo MR E11",
    "SpacingBetweenSlices": 2.75,
    "StationName": "AWP66094",
    "TaskName": "no4 attention",
    "TotalReadoutTime": 0.0201448,
    "TxRefAmp": 240.919,
    "WipMemBlock": "a584e61b-f138-4982-acb4-0c56de8a6efd||Sequence: ve11b/master r/50434d5; Mar  3 2017 10:46:13 by eja",
    "dataset": "ds004219",
    "modality": "bold",
    "session_id": "01",
    "subject_id": "08",
    "task_id": "atten"
  },
  "dummy_trs": 3,
  "dvars_nstd": 56.05090371325389,
  "dvars_std": 1.3807360775251247,
  "dvars_vstd": 1.0301442367587954,
  "efc": 0.44586153428072456,
  "fber": 11403.64453125,
  "fd_mean": 0.17311979807224862,
  "fd_num": 106,
  "fd_perc": 13.299874529485571,
  "fwhm_avg": 1.8606109090909093,
  "fwhm_x": 1.7371309090909093,
  "fwhm_y": 2.001410909090909,
  "fwhm_z": 1.843290909090909,
  "gcor": 0.0212881,
  "gsr_x": -0.005663045682013035,
  "gsr_y": 0.010354048572480679,
  "provenance": {
    "md5sum": "66647e800a6fe2058de1b5cff23f544f",
    "settings": {
      "fd_thres": 0.2,
      "testing": false
    },
    "software": "mriqc",
    "version": "23.0.1",
    "webapi_port": null,
    "webapi_url": "https://mriqc.nimh.nih.gov/api/v1"
  },
  "size_t": 797,
  "size_x": 80,
  "size_y": 80,
  "size_z": 54,
  "snr": 6.971598736449883,
  "spacing_tr": 0.75,
  "spacing_x": 2.75,
  "spacing_y": 2.75,
  "spacing_z": 2.75,
  "summary_bg_k": 32.02718956795543,
  "summary_bg_mad": 63.80769997677266,
  "summary_bg_mean": 310.28106689453125,
  "summary_bg_median": 90.09661102294922,
  "summary_bg_n": 240921.0,
  "summary_bg_p05": 5.041405200958252,
  "summary_bg_p95": 1262.0125732421875,
  "summary_bg_stdv": 700.948974609375,
  "summary_fg_k": 0.7911535929474298,
  "summary_fg_mad": 1364.5246794168356,
  "summary_fg_mean": 9550.6337890625,
  "summary_fg_median": 9512.400390625,
  "summary_fg_n": 51590.0,
  "summary_fg_p05": 7498.478930664062,
  "summary_fg_p95": 11873.410937499999,
  "summary_fg_stdv": 1364.4371337890625,
  "tsnr": 29.16319136985112
}