{
  "aor": 0.0033900333333333334,
  "aqi": 0.017896159,
  "bids_meta": {
    "AcquisitionMatrixPE": 64,
    "AcquisitionNumber": 1,
    "AcquisitionTime": "08:50:1.582500",
    "BandwidthPerPixelPhaseEncode": 71.023,
    "BaseResolution": 64,
    "CoilCombinationMethod": "Adaptive Combine",
    "CoilString": "C:HEA;HEP",
    "ConversionSoftware": "dcm2niix",
    "ConversionSoftwareVersion": "v1.0.20211006",
    "DerivedVendorReportedEchoSpacing": 0.000439998,
    "DeviceSerialNumber": "35070",
    "DwellTime": 2.8e-06,
    "EchoTime": 0.029,
    "EffectiveEchoSpacing": 0.000219999,
    "FlipAngle": 75,
    "ImageOrientationPatientDICOM": [
      1,
      0,
      0,
      0,
      1,
      0
    ],
    "ImageOrientationText": "Tra",
    "ImageType": [
      "ORIGINAL",
      "PRIMARY",
      "M",
      "ND",
      "NORM",
      "MOSAIC"
    ],
    "ImagingFrequency": 123.246,
    "InPlanePhaseEncodingDirectionDICOM": "COL",
    "InstitutionAddress": "Mill Street 115,Belmount/FC5C61/,Northeast,US,02478",
    "InstitutionName": "Mclean Hospital",
    "InstitutionalDepartmentName": "Department",
    "MRAcquisitionType": "2D",
    "MagneticFieldStrength": 3,
    "Manufacturer": "Siemens",
    "ManufacturersModelName": "TrioTim",
    "MatrixCoilMode": "GRAPPA",
    "Modality": "MR",
    "ParallelReductionFactorInPlane": 2,
    "PartialFourier": 1,
    "PatientPosition": "HFS",
    "PercentPhaseFOV": 100,
    "PercentSampling": 100,
    "PhaseEncodingDirection": "j",
    "PhaseEncodingSteps": 63,
    "PhaseResolution": 1,
    "PixelBandwidth": 2790,
    "ProcedureStepDescription": "3T,VA,45",
    "ProtocolName": "fMRI-GoNoGo",
    "PulseSequenceDetails": "%SiemensSeq%\\ep2d_pace",
    "ReceiveCoilName": "32Ch_Head",
    "ReconMatrixPE": 64,
    "RefLinesPE": 24,
    "RepetitionTime": 2,
    "SAR": 0.173289,
    "ScanOptions": "FS",
    "ScanningSequence": "EP",
    "SequenceName": "*epfid2d1_64",
    "SequenceVariant": "SK",
    "SeriesDescription": "fMRI-GoNoGo",
    "SeriesNumber": 18,
    "ShimSetting": [
      -1214,
      -9697,
      -25478,
      622,
      1,
      -87,
      492,
      70
    ],
    "SliceThickness": 3.5,
    "SliceTiming": [
      0.9925,
      0,
      1.045,
      0.0525,
      1.0975,
      0.105,
      1.15,
      0.155,
      1.2025,
      0.2075,
      1.255,
      0.26,
      1.3075,
      0.3125,
      1.36,
      0.365,
      1.4125,
      0.4175,
      1.4625,
      0.47,
      1.515,
      0.5225,
      1.5675,
      0.575,
      1.62,
      0.6275,
      1.6725,
      0.68,
      1.725,
      0.7325,
      1.7775,
      0.7825,
      1.83,
      0.835,
      1.8825,
      0.8875,
      1.935,
      0.94
    ],
    "SoftwareVersions": "syngo MR B17",
    "SpacingBetweenSlices": 3.5,
    "StationName": "MRC35070",
    "TaskName": "no4 attention",
    "TotalReadoutTime": 0.0138599,
    "TxRefAmp": 322.136,
    "dataset": "ds004219",
    "modality": "bold",
    "session_id": "02",
    "subject_id": "03",
    "task_id": "atten"
  },
  "dummy_trs": 0,
  "dvars_nstd": 23.051586916421403,
  "dvars_std": 0.9764463181939809,
  "dvars_vstd": 0.9121031319063547,
  "efc": 0.46968209575887027,
  "fber": 22309.86328125,
  "fd_mean": 0.1116366595078441,
  "fd_num": 21,
  "fd_perc": 7.0,
  "fwhm_avg": 1.6327857142857143,
  "fwhm_x": 1.476022857142857,
  "fwhm_y": 1.7982342857142857,
  "fwhm_z": 1.6241,
  "gcor": 0.0555149,
  "gsr_x": 0.007833525538444519,
  "gsr_y": 0.011724444106221199,
  "provenance": {
    "md5sum": "73ad227005c31e3de14407b491965594",
    "settings": {
      "fd_thres": 0.2,
      "testing": false
    },
    "software": "mriqc",
    "version": "23.0.1",
    "webapi_port": null,
    "webapi_url": "https://mriqc.nimh.nih.gov/api/v1"
  },
  "size_t": 300,
  "size_x": 64,
  "size_y": 64,
  "size_z": 38,
  "snr": 7.460283754094155,
  "spacing_tr": 2.0,
  "spacing_x": 3.5,
  "spacing_y": 3.5,
  "spacing_z": 3.5,
  "summary_bg_k": 35.588370646080676,
  "summary_bg_mad": 3.5681296479092737,
  "summary_bg_mean": 17.204471588134766,
  "summary_bg_median": 4.043333530426025,
  "summary_bg_n": 97450.0,
  "summary_bg_p05": 0.09666667133569717,
  "summary_bg_p95": 81.30499992370615,
  "summary_bg_stdv": 40.723819732666016,
  "summary_fg_k": 2.0839361665657936,
  "summary_fg_mad": 77.39185390416404,
  "summary_fg_mean": 604.0873413085938,
  "summary_fg_median": 600.2100219726562,
  "summary_fg_n": 26917.0,
  "summary_fg_p05": 489.9180114746094,
  "summary_fg_p95": 736.1880004882811,
  "summary_fg_stdv": 80.45255279541016,
  "tsnr": 50.984525023028255
}