{
  "bids_meta": {
    "AcquisitionMatrixPE": 192,
    "AcquisitionNumber": 1,
    "AcquisitionTime": "08:09:26.757500",
    "BaseResolution": 256,
    "BodyPartExamined": "BRAIN",
    "CoilCombinationMethod": "Adaptive Combine",
    "ConsistencyInfo": "N4_VE11B_LATEST_20150530",
    "ConversionSoftware": "dcm2niix",
    "ConversionSoftwareVersion": "v1.0.20211006",
    "DeviceSerialNumber": "66094",
    "DwellTime": 3e-06,
    "EchoTime": 0.00169,
    "FlipAngle": 7,
    "ImageOrientationPatientDICOM": [
      0.0487331,
      0.998787,
      0.00698023,
      0.0170282,
      0.00615671,
      -0.999836
    ],
    "ImageOrientationText": "Sag>Cor(2.8)>Tra(-1.0)",
    "ImageType": [
      "ORIGINAL",
      "PRIMARY",
      "OTHER",
      "ND",
      "NORM",
      "MEAN"
    ],
    "ImagingFrequency": 123.251,
    "InPlanePhaseEncodingDirectionDICOM": "ROW",
    "InstitutionAddress": "Mill Street 115,Belmount,Boston,US,02478",
    "InstitutionName": "Mclean Hospital",
    "InstitutionalDepartmentName": "Department",
    "InversionTime": 1.2,
    "MRAcquisitionType": "3D",
    "MagneticFieldStrength": 3,
    "Manufacturer": "Siemens",
    "ManufacturersModelName": "Prisma",
    "MatrixCoilMode": "GRAPPA",
    "Modality": "MR",
    "NumberOfAverages": 4,
    "ParallelReductionFactorInPlane": 2,
    "PartialFourier": 1,
    "PatientPosition": "HFS",
    "PercentPhaseFOV": 75,
    "PercentSampling": 100,
    "PhaseEncodingSteps": 191,
    "PhaseResolution": 1,
    "PixelBandwidth": 650,
    "ProcedureStepDescription": "3P,No VA Brain,45",
    "ProtocolName": "T1_MEMPRAGE1_gr2",
    "PulseSequenceDetails": "%CustomerSeq%\\tfl_mgh_multiecho",
    "ReceiveCoilActiveElements": "HC1-7",
    "ReceiveCoilName": "HeadNeck_64",
    "ReconMatrixPE": 192,
    "RefLinesPE": 32,
    "RepetitionTime": 2.53,
    "SAR": 0.0500137,
    "ScanOptions": "IR",
    "ScanningSequence": "GR\\IR",
    "SequenceName": "tfl_me3d4_16ns",
    "SequenceVariant": "SK\\SP\\MP",
    "SeriesDescription": "T1_MEMPRAGE1_gr2 RMS",
    "SeriesNumber": 6,
    "ShimSetting": [
      1603,
      -9989,
      -3853,
      183,
      -21,
      -298,
      110,
      -56
    ],
    "SliceThickness": 1.33,
    "SoftwareVersions": "syngo MR E11",
    "SpoilingState": true,
    "StationName": "AWP66094",
    "TxRefAmp": 273.102,
    "dataset": "ds004219",
    "modality": "T1w",
    "session_id": "02",
    "subject_id": "04"
  },
  "cjv": 0.3236866879443967,
  "cnr": 3.999297086118164,
  "efc": 0.6108383976973961,
  "fber": 9854.979879937502,
  "fwhm_avg": 3.7373859779279974,
  "fwhm_x": 3.4502179337839927,
  "fwhm_y": 4.01992,
  "fwhm_z": 3.74202,
  "icvs_csf": 0.18783133057428933,
  "icvs_gm": 0.4708368546059199,
  "icvs_wm": 0.3413318148197908,
  "inu_med": 0.555310070514679,
  "inu_range": 0.2960469126701355,
  "provenance": {
    "md5sum": "aae6190c34db7e72de5dc36f7830fb97",
    "settings": {
      "testing": false
    },
    "software": "mriqc",
    "version": "23.0.1",
    "warnings": {
      "large_rot_frame": true,
      "small_air_mask": false
    },
    "webapi_port": null,
    "webapi_url": "https://mriqc.nimh.nih.gov/api/v1"
  },
  "qi_1": 0.0,
  "qi_2": 0.004822567335594352,
  "rpve_csf": 16.957959021350085,
  "rpve_gm": 7.421794552024706,
  "rpve_wm": 11.445146279040692,
  "size_x": 128,
  "size_y": 192,
  "size_z": 256,
  "snr_csf": 2.127349161290686,
  "snr_gm": 11.01072687460629,
  "snr_total": 12.443818174140853,
  "snr_wm": 24.193378486525585,
  "snrd_csf": 17.462265717753368,
  "snrd_gm": 43.13261147010943,
  "snrd_total": 40.87812548727189,
  "snrd_wm": 62.03949927395286,
  "spacing_x": 1.3300000429153442,
  "spacing_y": 1.0,
  "spacing_z": 1.0,
  "summary_bg_k": 2306.6399489002074,
  "summary_bg_mad": 0.0,
  "summary_bg_mean": 5.289651572734608,
  "summary_bg_median": 0.0,
  "summary_bg_n": 1973479.0,
  "summary_bg_p05": 0.0,
  "summary_bg_p95": 20.110222965478897,
  "summary_bg_stdv": 10.55998849950594,
  "summary_csf_k": 1.953360386818292,
  "summary_csf_mad": 133.70962719389968,
  "summary_csf_mean": 305.7170541070503,
  "summary_csf_median": 281.4701261520386,
  "summary_csf_n": 18795.0,
  "summary_csf_p05": 120.95331925153732,
  "summary_csf_p95": 533.9063460081815,
  "summary_csf_stdv": 132.30674271758798,
  "summary_gm_k": 0.2595997758771773,
  "summary_gm_mad": 59.90148009050867,
  "summary_gm_mean": 695.9930453236043,
  "summary_gm_median": 695.2443507611752,
  "summary_gm_n": 26887.0,
  "summary_gm_p05": 591.9194120764732,
  "summary_gm_p95": 803.558522620797,
  "summary_gm_stdv": 63.14128300091439,
  "summary_wm_k": 0.7565645695247025,
  "summary_wm_mad": 38.74386607480055,
  "summary_wm_mean": 999.9819946952888,
  "summary_wm_median": 999.999998241663,
  "summary_wm_n": 137111.0,
  "summary_wm_p05": 932.9537557959557,
  "summary_wm_p95": 1067.1922314167023,
  "summary_wm_stdv": 41.33347279758955,
  "tpm_overlap_csf": 0.1434164792635997,
  "tpm_overlap_gm": 0.47146296276420696,
  "tpm_overlap_wm": 0.4782329033490822,
  "wm2max": 0.5330441042003073
}