{
  "bids_meta": {
    "AcquisitionMatrixPE": 192,
    "AcquisitionNumber": 1,
    "AcquisitionTime": "07:55:14.965000",
    "BaseResolution": 256,
    "CoilCombinationMethod": "Adaptive Combine",
    "CoilString": "C:HEA;HEP",
    "ConversionSoftware": "dcm2niix",
    "ConversionSoftwareVersion": "v1.0.20211006",
    "DeviceSerialNumber": "35070",
    "DwellTime": 3e-06,
    "EchoTime": 0.00174,
    "FlipAngle": 7,
    "ImageOrientationPatientDICOM": [
      0.0255312,
      0.997787,
      -0.0613934,
      -0.0299163,
      -0.0606233,
      -0.997712
    ],
    "ImageOrientationText": "Sag>Tra(1.6)>Cor(1.6)",
    "ImageType": [
      "ORIGINAL",
      "PRIMARY",
      "OTHER",
      "ND",
      "NORM",
      "MEAN"
    ],
    "ImagingFrequency": 123.244,
    "InPlanePhaseEncodingDirectionDICOM": "ROW",
    "InstitutionAddress": "Mill Street 115,Belmount/FC5C61/,Northeast,US,02478",
    "InstitutionName": "Mclean Hospital",
    "InstitutionalDepartmentName": "Department",
    "MRAcquisitionType": "3D",
    "MagneticFieldStrength": 3,
    "Manufacturer": "Siemens",
    "ManufacturersModelName": "TrioTim",
    "MatrixCoilMode": "GRAPPA",
    "Modality": "MR",
    "NumberOfAverages": 4,
    "ParallelReductionFactorInPlane": 2,
    "PartialFourier": 1,
    "PatientPosition": "HFS",
    "PercentPhaseFOV": 75,
    "PercentSampling": 100,
    "PhaseEncodingSteps": 191,
    "PhaseResolution": 1,
    "PixelBandwidth": 651,
    "ProcedureStepDescription": "3T,No VA Brain,45",
    "ProtocolName": "mocoMEMPRAGE",
    "PulseSequenceDetails": "%CustomerSeq%\\WIP711_Moco\\tfl_multiecho_epinav_711",
    "ReceiveCoilName": "32Ch_Head",
    "ReconMatrixPE": 192,
    "RefLinesPE": 32,
    "RepetitionTime": 2.53,
    "SAR": 0.0488963,
    "ScanOptions": "IR",
    "ScanningSequence": "GR\\IR",
    "SequenceName": "Moco3d4_ns",
    "SequenceVariant": "SP\\MP",
    "SeriesDescription": "mocoMEMPRAGE RMS",
    "SeriesNumber": 6,
    "ShimSetting": [
      -1200,
      -9670,
      -25495,
      738,
      59,
      110,
      254,
      -9
    ],
    "SliceThickness": 1.33,
    "SoftwareVersions": "syngo MR B17",
    "StationName": "MRC35070",
    "TxRefAmp": 303.087,
    "dataset": "ds004219",
    "modality": "T1w",
    "session_id": "02",
    "subject_id": "05"
  },
  "cjv": 0.3462152916923328,
  "cnr": 3.8791988698909448,
  "efc": 0.5221435493710286,
  "fber": -1.0,
  "fwhm_avg": 3.353656357358606,
  "fwhm_x": 3.1256690720758162,
  "fwhm_y": 3.62034,
  "fwhm_z": 3.31496,
  "icvs_csf": 0.18912762985032863,
  "icvs_gm": 0.4695696903643869,
  "icvs_wm": 0.3413026797852845,
  "inu_med": 0.6734083294868469,
  "inu_range": 0.288170850276947,
  "provenance": {
    "md5sum": "5535509fad64a1190c6e450a19eb6d84",
    "settings": {
      "testing": false
    },
    "software": "mriqc",
    "version": "23.0.1",
    "warnings": {
      "large_rot_frame": true,
      "small_air_mask": false
    },
    "webapi_port": null,
    "webapi_url": "https://mriqc.nimh.nih.gov/api/v1"
  },
  "qi_1": 0.017223250051826833,
  "qi_2": 0.05337914342667571,
  "rpve_csf": 19.251115688823962,
  "rpve_gm": 8.431072319133886,
  "rpve_wm": 12.89403297928914,
  "size_x": 128,
  "size_y": 192,
  "size_z": 256,
  "snr_csf": 1.7412936697884065,
  "snr_gm": 9.169339729081788,
  "snr_total": 9.728163827977417,
  "snr_wm": 18.273858085062056,
  "snrd_csf": 23.24903777532312,
  "snrd_gm": 69.29413825130364,
  "snrd_total": 66.30990408731343,
  "snrd_wm": 106.38653623531353,
  "spacing_x": 1.3300000429153442,
  "spacing_y": 1.0,
  "spacing_z": 1.0,
  "summary_bg_k": 14.775586298970484,
  "summary_bg_mad": 0.0,
  "summary_bg_mean": 2.667410267111915,
  "summary_bg_median": 0.0,
  "summary_bg_n": 2337258.0,
  "summary_bg_p05": 0.0,
  "summary_bg_p95": 13.154250234365463,
  "summary_bg_stdv": 6.158075918537041,
  "summary_csf_k": 0.9435122424036084,
  "summary_csf_mad": 110.8564327719364,
  "summary_csf_mean": 242.909934667663,
  "summary_csf_median": 218.53363613039255,
  "summary_csf_n": 14703.0,
  "summary_csf_p05": 77.57545993477106,
  "summary_csf_p95": 485.8280008926987,
  "summary_csf_stdv": 125.49646748004224,
  "summary_gm_k": 0.19614167343919497,
  "summary_gm_mad": 68.72072383408465,
  "summary_gm_mean": 652.0373111814469,
  "summary_gm_median": 651.3430852890015,
  "summary_gm_n": 16807.0,
  "summary_gm_p05": 535.2256721675396,
  "summary_gm_p95": 770.215967670083,
  "summary_gm_stdv": 71.03278176049447,
  "summary_wm_k": 0.5330346513679785,
  "summary_wm_mad": 51.98961407313499,
  "summary_wm_mean": 999.8065897678439,
  "summary_wm_median": 999.9999493956566,
  "summary_wm_n": 123401.0,
  "summary_wm_p05": 910.2741162180901,
  "summary_wm_p95": 1088.7911384776235,
  "summary_wm_stdv": 54.722757115755215,
  "tpm_overlap_csf": 0.15388534120729386,
  "tpm_overlap_gm": 0.48361851047532833,
  "tpm_overlap_wm": 0.4940219779482325,
  "wm2max": 0.5166867018099967
}