{
  "bids_meta": {
    "AcquisitionMatrixPE": 192,
    "AcquisitionNumber": 1,
    "AcquisitionTime": "07:51:50.985000",
    "BaseResolution": 256,
    "CoilCombinationMethod": "Adaptive Combine",
    "CoilString": "C:HEA;HEP",
    "ConversionSoftware": "dcm2niix",
    "ConversionSoftwareVersion": "v1.0.20211006",
    "DeviceSerialNumber": "35070",
    "DwellTime": 3e-06,
    "EchoTime": 0.00174,
    "FlipAngle": 7,
    "ImageOrientationPatientDICOM": [
      0.0756973,
      0.993233,
      0.0880847,
      0.0047119,
      0.0879809,
      -0.996111
    ],
    "ImageOrientationText": "Sag>Cor(4.3)>Tra(0.1)",
    "ImageType": [
      "ORIGINAL",
      "PRIMARY",
      "OTHER",
      "ND",
      "NORM",
      "MEAN"
    ],
    "ImagingFrequency": 123.244,
    "InPlanePhaseEncodingDirectionDICOM": "ROW",
    "InstitutionAddress": "Mill Street 115,Belmount/FC5C61/,Northeast,US,02478",
    "InstitutionName": "Mclean Hospital",
    "InstitutionalDepartmentName": "Department",
    "MRAcquisitionType": "3D",
    "MagneticFieldStrength": 3,
    "Manufacturer": "Siemens",
    "ManufacturersModelName": "TrioTim",
    "MatrixCoilMode": "GRAPPA",
    "Modality": "MR",
    "NumberOfAverages": 4,
    "ParallelReductionFactorInPlane": 2,
    "PartialFourier": 1,
    "PatientPosition": "HFS",
    "PercentPhaseFOV": 75,
    "PercentSampling": 100,
    "PhaseEncodingSteps": 191,
    "PhaseResolution": 1,
    "PixelBandwidth": 651,
    "ProcedureStepDescription": "3T,VA,45",
    "ProtocolName": "mocoMEMPRAGE",
    "PulseSequenceDetails": "%CustomerSeq%\\WIP711_Moco\\tfl_multiecho_epinav_711",
    "ReceiveCoilName": "32Ch_Head",
    "ReconMatrixPE": 192,
    "RefLinesPE": 32,
    "RepetitionTime": 2.53,
    "SAR": 0.0727648,
    "ScanOptions": "IR",
    "ScanningSequence": "GR\\IR",
    "SequenceName": "Moco3d4_ns",
    "SequenceVariant": "SP\\MP",
    "SeriesDescription": "mocoMEMPRAGE RMS",
    "SeriesNumber": 6,
    "ShimSetting": [
      -1176,
      -9846,
      -25513,
      516,
      5,
      -625,
      36,
      -14
    ],
    "SliceThickness": 1.33,
    "SoftwareVersions": "syngo MR B17",
    "StationName": "MRC35070",
    "TxRefAmp": 320.321,
    "dataset": "ds004219",
    "modality": "T1w",
    "session_id": "01",
    "subject_id": "10"
  },
  "cjv": 0.4191092017276577,
  "cnr": 3.244689433953919,
  "efc": 0.5814392641909107,
  "fber": -1.0,
  "fwhm_avg": 3.2878512206666355,
  "fwhm_x": 3.0185036619999073,
  "fwhm_y": 3.61313,
  "fwhm_z": 3.23192,
  "icvs_csf": 0.20905400950521547,
  "icvs_gm": 0.43812906026203713,
  "icvs_wm": 0.3528169302327474,
  "inu_med": 0.7451530694961548,
  "inu_range": 0.3427073776721955,
  "provenance": {
    "md5sum": "da1bb07467fa6386e3c540f534a11ad4",
    "settings": {
      "testing": false
    },
    "software": "mriqc",
    "version": "23.0.1",
    "warnings": {
      "large_rot_frame": true,
      "small_air_mask": false
    },
    "webapi_port": null,
    "webapi_url": "https://mriqc.nimh.nih.gov/api/v1"
  },
  "qi_1": 0.030493337300106674,
  "qi_2": 0.023582716175943933,
  "rpve_csf": 17.161449866365416,
  "rpve_gm": 8.425760533193365,
  "rpve_wm": 11.878737484471872,
  "size_x": 128,
  "size_y": 192,
  "size_z": 256,
  "snr_csf": 1.9887147160955787,
  "snr_gm": 8.871610851030272,
  "snr_total": 8.87805298356246,
  "snr_wm": 15.77383338356153,
  "snrd_csf": 17.276132285042664,
  "snrd_gm": 55.11539494387751,
  "snrd_total": 51.26601960100566,
  "snrd_wm": 81.40653157409679,
  "spacing_x": 1.3300000429153442,
  "spacing_y": 1.0,
  "spacing_z": 1.0,
  "summary_bg_k": 18.345111384996258,
  "summary_bg_mad": 0.0,
  "summary_bg_mean": 3.5648779544946017,
  "summary_bg_median": 0.0,
  "summary_bg_n": 1933355.0,
  "summary_bg_p05": 0.0,
  "summary_bg_p95": 20.487165302038193,
  "summary_bg_stdv": 8.047952440311155,
  "summary_csf_k": 3.4107595481795396,
  "summary_csf_mad": 88.42987849646615,
  "summary_csf_mean": 228.11267945784704,
  "summary_csf_median": 212.226783586666,
  "summary_csf_n": 28084.0,
  "summary_csf_p05": 86.77714064670727,
  "summary_csf_p95": 432.75265579204995,
  "summary_csf_stdv": 106.7136494775776,
  "summary_gm_k": 0.035450568889862755,
  "summary_gm_mad": 73.64005857818549,
  "summary_gm_mean": 676.694577518526,
  "summary_gm_median": 677.0591242332011,
  "summary_gm_n": 10652.0,
  "summary_gm_p05": 547.7502710851841,
  "summary_gm_p95": 804.194193853531,
  "summary_gm_stdv": 76.31391344938697,
  "summary_wm_k": 0.3962573088857204,
  "summary_wm_mad": 61.71990521121302,
  "summary_wm_mean": 1000.8144658122178,
  "summary_wm_median": 1000.0297563057393,
  "summary_wm_n": 122068.0,
  "summary_wm_p05": 898.6465770243667,
  "summary_wm_p95": 1104.5500327739865,
  "summary_wm_stdv": 63.397757271864684,
  "tpm_overlap_csf": 0.17633660925006,
  "tpm_overlap_gm": 0.45768426867608586,
  "tpm_overlap_wm": 0.49248417688083246,
  "wm2max": 0.6109332363107149
}