{
  "aor": 0.0030313249999999996,
  "aqi": 0.075842750125,
  "bids_meta": {
    "AcquisitionMatrixPE": 80,
    "AcquisitionNumber": 1,
    "AcquisitionTime": "08:23:0.295000",
    "BandwidthPerPixelPhaseEncode": 48.077,
    "BaseResolution": 80,
    "CoilCombinationMethod": "Sum of Squares",
    "CoilString": "t:HEA;HEP",
    "ConversionSoftware": "dcm2niix",
    "ConversionSoftwareVersion": "v1.0.20211006",
    "DerivedVendorReportedEchoSpacing": 0.000519999,
    "DeviceSerialNumber": "35070",
    "DwellTime": 2.3e-06,
    "EchoTime": 0.03,
    "EffectiveEchoSpacing": 0.00026,
    "FlipAngle": 52,
    "ImageComments": "Unaliased MB6/PE4 (remote)",
    "ImageOrientationPatientDICOM": [
      1,
      0,
      0,
      0,
      1,
      0
    ],
    "ImageOrientationText": "Tra",
    "ImageType": [
      "ORIGINAL",
      "PRIMARY",
      "M",
      "MB",
      "ND",
      "NORM",
      "MOSAIC"
    ],
    "ImagingFrequency": 123.244,
    "InPlanePhaseEncodingDirectionDICOM": "COL",
    "InstitutionAddress": "Mill Street 115,Belmount/FC5C61/,Northeast,US,02478",
    "InstitutionName": "Mclean Hospital",
    "InstitutionalDepartmentName": "Department",
    "MRAcquisitionType": "2D",
    "MagneticFieldStrength": 3,
    "Manufacturer": "Siemens",
    "ManufacturersModelName": "TrioTim",
    "MatrixCoilMode": "GRAPPA",
    "Modality": "MR",
    "MultibandAccelerationFactor": 6,
    "ParallelReductionFactorInPlane": 2,
    "PartialFourier": 1,
    "PatientPosition": "HFS",
    "PercentPhaseFOV": 100,
    "PercentSampling": 100,
    "PhaseEncodingDirection": "j",
    "PhaseEncodingSteps": 79,
    "PhaseResolution": 1,
    "PixelBandwidth": 2717,
    "ProcedureStepDescription": "3T,VA,45",
    "ProtocolName": "BOLDmb_GNG",
    "PulseSequenceDetails": "%CustomerSeq%\\cmrr_mbep2d_bold",
    "ReceiveCoilName": "32Ch_Head",
    "ReconMatrixPE": 80,
    "RefLinesPE": 24,
    "RepetitionTime": 0.75,
    "SAR": 0.0810284,
    "ScanOptions": "FS",
    "ScanningSequence": "EP",
    "SequenceName": "epfid2d1_80",
    "SequenceVariant": "SK\\SS",
    "SeriesDescription": "BOLDmb_GNG",
    "SeriesNumber": 16,
    "ShimSetting": [
      -1178,
      -9821,
      -25483,
      640,
      4,
      -508,
      29,
      -13
    ],
    "SliceThickness": 2.8,
    "SliceTiming": [
      0,
      0.42,
      0.085,
      0.5025,
      0.1675,
      0.5875,
      0.2525,
      0.67,
      0.335,
      0,
      0.42,
      0.085,
      0.5025,
      0.1675,
      0.5875,
      0.2525,
      0.67,
      0.335,
      0,
      0.42,
      0.085,
      0.5025,
      0.1675,
      0.5875,
      0.2525,
      0.67,
      0.335,
      0,
      0.42,
      0.085,
      0.5025,
      0.1675,
      0.5875,
      0.2525,
      0.67,
      0.335,
      0,
      0.42,
      0.085,
      0.5025,
      0.1675,
      0.5875,
      0.2525,
      0.67,
      0.335,
      0,
      0.42,
      0.085,
      0.5025,
      0.1675,
      0.5875,
      0.2525,
      0.67,
      0.335
    ],
    "SoftwareVersions": "syngo MR B17",
    "SpacingBetweenSlices": 2.8,
    "StationName": "MRC35070",
    "TaskName": "no4 attention",
    "TotalReadoutTime": 0.02054,
    "TxRefAmp": 320.321,
    "dataset": "ds004219",
    "modality": "bold",
    "session_id": "02",
    "subject_id": "10",
    "task_id": "atten"
  },
  "dummy_trs": 0,
  "dvars_nstd": 54.69293924275347,
  "dvars_std": 1.075279627033792,
  "dvars_vstd": 0.9974624708010018,
  "efc": 0.45788173827438866,
  "fber": 7534.2314453125,
  "fd_mean": 0.401216225568479,
  "fd_num": 324,
  "fd_perc": 40.5,
  "fwhm_avg": 1.804743202288751,
  "fwhm_x": 1.6884762172494179,
  "fwhm_y": 2.009996363636364,
  "fwhm_z": 1.7157570259804709,
  "gcor": 0.0158984,
  "gsr_x": 0.010871071368455887,
  "gsr_y": 0.02250753529369831,
  "provenance": {
    "md5sum": "3e170e5623cb0153051a9f2f6e59f56b",
    "settings": {
      "fd_thres": 0.2,
      "testing": false
    },
    "software": "mriqc",
    "version": "23.0.1",
    "webapi_port": null,
    "webapi_url": "https://mriqc.nimh.nih.gov/api/v1"
  },
  "size_t": 800,
  "size_x": 80,
  "size_y": 80,
  "size_z": 54,
  "snr": 7.714019946847869,
  "spacing_tr": 0.75,
  "spacing_x": 2.750000238418579,
  "spacing_y": 2.75,
  "spacing_z": 2.8000001907348633,
  "summary_bg_k": 20.805817143848714,
  "summary_bg_mad": 4.872201356754479,
  "summary_bg_mean": 17.261577606201172,
  "summary_bg_median": 5.09499979019165,
  "summary_bg_n": 241763.0,
  "summary_bg_p05": 1.1737499237060547,
  "summary_bg_p95": 78.46062545776364,
  "summary_bg_stdv": 35.35353088378906,
  "summary_fg_k": 1.8444103597189043,
  "summary_fg_mad": 50.51964344832097,
  "summary_fg_mean": 425.0027770996094,
  "summary_fg_median": 425.15875244140625,
  "summary_fg_n": 51595.0,
  "summary_fg_p05": 339.12737731933595,
  "summary_fg_p95": 513.4058349609373,
  "summary_fg_stdv": 55.11453628540039,
  "tsnr": 19.276155492989346
}