{
  "bids_meta": {
    "AcquisitionMatrixPE": 192,
    "AcquisitionNumber": 1,
    "AcquisitionTime": "07:55:16.000000",
    "BaseResolution": 256,
    "BodyPartExamined": "BRAIN",
    "CoilCombinationMethod": "Adaptive Combine",
    "ConsistencyInfo": "N4_VE11B_LATEST_20150530",
    "ConversionSoftware": "dcm2niix",
    "ConversionSoftwareVersion": "v1.0.20211006",
    "DeviceSerialNumber": "66094",
    "DwellTime": 3e-06,
    "EchoTime": 0.00169,
    "FlipAngle": 7,
    "ImageOrientationPatientDICOM": [
      -0.0597319,
      0.997799,
      -0.0287891,
      -0.0166288,
      -0.0298312,
      -0.999417
    ],
    "ImageOrientationText": "Sag>Cor(-3.4)>Tra(1.1)",
    "ImageType": [
      "ORIGINAL",
      "PRIMARY",
      "OTHER",
      "ND",
      "NORM",
      "MEAN"
    ],
    "ImagingFrequency": 123.251,
    "InPlanePhaseEncodingDirectionDICOM": "ROW",
    "InstitutionAddress": "Mill Street 115,Belmount,Boston,US,02478",
    "InstitutionName": "Mclean Hospital",
    "InstitutionalDepartmentName": "Department",
    "InversionTime": 1.2,
    "MRAcquisitionType": "3D",
    "MagneticFieldStrength": 3,
    "Manufacturer": "Siemens",
    "ManufacturersModelName": "Prisma",
    "MatrixCoilMode": "GRAPPA",
    "Modality": "MR",
    "NumberOfAverages": 4,
    "ParallelReductionFactorInPlane": 2,
    "PartialFourier": 1,
    "PatientPosition": "HFS",
    "PercentPhaseFOV": 75,
    "PercentSampling": 100,
    "PhaseEncodingSteps": 191,
    "PhaseResolution": 1,
    "PixelBandwidth": 650,
    "ProcedureStepDescription": "3P,VA,45",
    "ProtocolName": "T1_MEMPRAGE1_gr2",
    "PulseSequenceDetails": "%CustomerSeq%\\tfl_mgh_multiecho",
    "ReceiveCoilActiveElements": "HC1-7",
    "ReceiveCoilName": "HeadNeck_64",
    "ReconMatrixPE": 192,
    "RefLinesPE": 32,
    "RepetitionTime": 2.53,
    "SAR": 0.0395783,
    "ScanOptions": "IR",
    "ScanningSequence": "GR\\IR",
    "SequenceName": "tfl_me3d4_16ns",
    "SequenceVariant": "SK\\SP\\MP",
    "SeriesDescription": "T1_MEMPRAGE1_gr2 RMS",
    "SeriesNumber": 6,
    "ShimSetting": [
      1608,
      -10030,
      -3863,
      426,
      -41,
      -387,
      -26,
      16
    ],
    "SliceThickness": 1.33,
    "SoftwareVersions": "syngo MR E11",
    "SpoilingState": true,
    "StationName": "AWP66094",
    "TxRefAmp": 220.226,
    "dataset": "ds004219",
    "modality": "T1w",
    "session_id": "01",
    "subject_id": "02"
  },
  "cjv": 0.39133627812153193,
  "cnr": 3.434219997911865,
  "efc": 0.5545990353218977,
  "fber": 12084.39213319459,
  "fwhm_avg": 3.3903973848927538,
  "fwhm_x": 3.1289021546782605,
  "fwhm_y": 3.73846,
  "fwhm_z": 3.30383,
  "icvs_csf": 0.18994745980297353,
  "icvs_gm": 0.45734469033509173,
  "icvs_wm": 0.35270784986193476,
  "inu_med": 0.6597456336021423,
  "inu_range": 0.34166974425315844,
  "provenance": {
    "md5sum": "42a35343d79bfef47dd29537a74d7ab9",
    "settings": {
      "testing": false
    },
    "software": "mriqc",
    "version": "23.0.1",
    "warnings": {
      "large_rot_frame": true,
      "small_air_mask": false
    },
    "webapi_port": null,
    "webapi_url": "https://mriqc.nimh.nih.gov/api/v1"
  },
  "qi_1": 0.0016095693862491856,
  "qi_2": 0.0020874733710043655,
  "rpve_csf": 18.452363105219806,
  "rpve_gm": 8.39883928437737,
  "rpve_wm": 12.475725473239166,
  "size_x": 128,
  "size_y": 192,
  "size_z": 256,
  "snr_csf": 1.7351360997291227,
  "snr_gm": 9.270829658112348,
  "snr_total": 9.999365949260609,
  "snr_wm": 18.99213208994036,
  "snrd_csf": 8.916997304482859,
  "snrd_gm": 28.454706859266768,
  "snrd_total": 26.323118296918896,
  "snrd_wm": 41.59765072700707,
  "spacing_x": 1.3300000429153442,
  "spacing_y": 1.0,
  "spacing_z": 1.0,
  "summary_bg_k": 692.8675990177941,
  "summary_bg_mad": 0.0,
  "summary_bg_mean": 6.3006831478592655,
  "summary_bg_median": 0.0,
  "summary_bg_n": 2363112.0,
  "summary_bg_p05": 0.0,
  "summary_bg_p95": 24.80663738027215,
  "summary_bg_stdv": 15.749361139787203,
  "summary_csf_k": 2.5818851661203555,
  "summary_csf_mad": 96.13475241178445,
  "summary_csf_mean": 241.1193154618378,
  "summary_csf_median": 214.36301025375724,
  "summary_csf_n": 15957.0,
  "summary_csf_p05": 87.95736304074526,
  "summary_csf_p95": 486.4906200550496,
  "summary_csf_stdv": 123.53860500410066,
  "summary_gm_k": -0.10287995891175816,
  "summary_gm_mad": 74.32915653099032,
  "summary_gm_mean": 683.310734713165,
  "summary_gm_median": 684.0460314117372,
  "summary_gm_n": 19163.0,
  "summary_gm_p05": 558.4979965411127,
  "summary_gm_p95": 803.8713072873652,
  "summary_gm_stdv": 73.78284450376403,
  "summary_wm_k": 0.6985315362872755,
  "summary_wm_mad": 49.31510785029734,
  "summary_wm_mean": 1000.6371144813844,
  "summary_wm_median": 1000.0000364296138,
  "summary_wm_n": 134962.0,
  "summary_wm_p05": 916.0021172873676,
  "summary_wm_p95": 1087.4444350786507,
  "summary_wm_stdv": 52.65318959137648,
  "tpm_overlap_csf": 0.17417076375095286,
  "tpm_overlap_gm": 0.4813794137191304,
  "tpm_overlap_wm": 0.5069867930726591,
  "wm2max": 0.5007772151484663
}