{
  "bids_meta": {
    "AcquisitionMatrixPE": 192,
    "AcquisitionNumber": 1,
    "AcquisitionTime": "09:08:14.967500",
    "BaseResolution": 256,
    "CoilCombinationMethod": "Adaptive Combine",
    "CoilString": "C:HEA;HEP",
    "ConversionSoftware": "dcm2niix",
    "ConversionSoftwareVersion": "v1.0.20211006",
    "DeviceSerialNumber": "35070",
    "DwellTime": 3e-06,
    "EchoTime": 0.00174,
    "FlipAngle": 7,
    "ImageOrientationPatientDICOM": [
      0.00882128,
      0.999845,
      0.0152379,
      -0.00260206,
      0.0152614,
      -0.99988
    ],
    "ImageOrientationText": "Sag>Cor(0.5)>Tra(0.2)",
    "ImageType": [
      "ORIGINAL",
      "PRIMARY",
      "OTHER",
      "ND",
      "NORM",
      "MEAN"
    ],
    "ImagingFrequency": 123.244,
    "InPlanePhaseEncodingDirectionDICOM": "ROW",
    "InstitutionAddress": "Mill Street 115,Belmount/FC5C61/,Northeast,US,02478",
    "InstitutionName": "Mclean Hospital",
    "InstitutionalDepartmentName": "Department",
    "MRAcquisitionType": "3D",
    "MagneticFieldStrength": 3,
    "Manufacturer": "Siemens",
    "ManufacturersModelName": "TrioTim",
    "MatrixCoilMode": "GRAPPA",
    "Modality": "MR",
    "NumberOfAverages": 4,
    "ParallelReductionFactorInPlane": 2,
    "PartialFourier": 1,
    "PatientPosition": "HFS",
    "PercentPhaseFOV": 75,
    "PercentSampling": 100,
    "PhaseEncodingSteps": 191,
    "PhaseResolution": 1,
    "PixelBandwidth": 651,
    "ProcedureStepDescription": "3T,No VA Brain,60",
    "ProtocolName": "mocoMEMPRAGE",
    "PulseSequenceDetails": "%CustomerSeq%\\WIP711_Moco\\tfl_multiecho_epinav_711",
    "ReceiveCoilName": "32Ch_Head",
    "ReconMatrixPE": 192,
    "RefLinesPE": 32,
    "RepetitionTime": 2.53,
    "SAR": 0.0605379,
    "ScanOptions": "IR",
    "ScanningSequence": "GR\\IR",
    "SequenceName": "Moco3d4_ns",
    "SequenceVariant": "SP\\MP",
    "SeriesDescription": "mocoMEMPRAGE RMS",
    "SeriesNumber": 6,
    "ShimSetting": [
      -1198,
      -9727,
      -25551,
      752,
      45,
      -211,
      474,
      83
    ],
    "SliceThickness": 1.33,
    "SoftwareVersions": "syngo MR B17",
    "StationName": "MRC35070",
    "TxRefAmp": 303.931,
    "dataset": "ds004219",
    "modality": "T1w",
    "session_id": "02",
    "subject_id": "09"
  },
  "cjv": 0.3202455238549456,
  "cnr": 4.074220286580688,
  "efc": 0.5554934844243828,
  "fber": 18566.260145681583,
  "fwhm_avg": 3.9248052243048193,
  "fwhm_x": 3.612315672914458,
  "fwhm_y": 4.30763,
  "fwhm_z": 3.85447,
  "icvs_csf": 0.24256782659923717,
  "icvs_gm": 0.4271334916672848,
  "icvs_wm": 0.33029868173347804,
  "inu_med": 0.5105766952037811,
  "inu_range": 0.16776387989521024,
  "provenance": {
    "md5sum": "1d86dceeae6d0791877cee95727cf0a1",
    "settings": {
      "testing": false
    },
    "software": "mriqc",
    "version": "23.0.1",
    "warnings": {
      "large_rot_frame": true,
      "small_air_mask": false
    },
    "webapi_port": null,
    "webapi_url": "https://mriqc.nimh.nih.gov/api/v1"
  },
  "qi_1": 0.10359895986345173,
  "qi_2": 0.05103353627543959,
  "rpve_csf": 18.394359971711456,
  "rpve_gm": 10.282134848432035,
  "rpve_wm": 15.186130028700687,
  "size_x": 128,
  "size_y": 192,
  "size_z": 256,
  "snr_csf": 2.0656634364693582,
  "snr_gm": 9.83595565996799,
  "snr_total": 11.79807195952634,
  "snr_wm": 23.49259678214167,
  "snrd_csf": 30.07603248147813,
  "snrd_gm": 89.22070558335264,
  "snrd_total": 84.04963855639532,
  "snrd_wm": 132.85217760435518,
  "spacing_x": 1.3300000429153442,
  "spacing_y": 1.0,
  "spacing_z": 1.0,
  "summary_bg_k": 19.231393556541967,
  "summary_bg_mad": 0.0,
  "summary_bg_mean": 2.1045069135851864,
  "summary_bg_median": 0.0,
  "summary_bg_n": 1443070.0,
  "summary_bg_p05": 0.0,
  "summary_bg_p95": 13.543802469968796,
  "summary_bg_stdv": 4.931200800845489,
  "summary_csf_k": -0.17051416234425876,
  "summary_csf_mad": 110.65250717165357,
  "summary_csf_mean": 247.25574137499143,
  "summary_csf_median": 226.3817969188094,
  "summary_csf_n": 34814.0,
  "summary_csf_p05": 99.75797394979746,
  "summary_csf_p95": 450.649759173952,
  "summary_csf_stdv": 109.59120522477751,
  "summary_gm_k": 0.005063156367471233,
  "summary_gm_mad": 67.80559385151167,
  "summary_gm_mean": 669.9106290546796,
  "summary_gm_median": 671.5627689510584,
  "summary_gm_n": 24523.0,
  "summary_gm_p05": 554.799931037426,
  "summary_gm_p95": 780.6285303905606,
  "summary_gm_stdv": 68.27491903366436,
  "summary_wm_k": 1.2364468102340433,
  "summary_wm_mad": 37.36731631962869,
  "summary_wm_mean": 997.5222388411011,
  "summary_wm_median": 999.9761341251433,
  "summary_wm_n": 117216.0,
  "summary_wm_p05": 922.8146116025746,
  "summary_wm_p95": 1061.8829953270033,
  "summary_wm_stdv": 42.56540381047743,
  "tpm_overlap_csf": 0.13963096632371613,
  "tpm_overlap_gm": 0.47301286183919034,
  "tpm_overlap_wm": 0.4963370821643655,
  "wm2max": 0.7556179116057499
}