{
  "bids_meta": {
    "AcquisitionMatrixPE": 192,
    "AcquisitionNumber": 1,
    "AcquisitionTime": "09:01:19.040000",
    "BaseResolution": 256,
    "BodyPartExamined": "BRAIN",
    "CoilCombinationMethod": "Adaptive Combine",
    "ConsistencyInfo": "N4_VE11B_LATEST_20150530",
    "ConversionSoftware": "dcm2niix",
    "ConversionSoftwareVersion": "v1.0.20211006",
    "DeviceSerialNumber": "66094",
    "DwellTime": 3e-06,
    "EchoTime": 0.00169,
    "FlipAngle": 7,
    "ImageOrientationPatientDICOM": [
      0.0468278,
      0.998865,
      0.00871172,
      0.0585649,
      0.00596091,
      -0.998266
    ],
    "ImageOrientationText": "Sag>Tra(-3.3)>Cor(2.7)",
    "ImageType": [
      "ORIGINAL",
      "PRIMARY",
      "OTHER",
      "ND",
      "NORM",
      "MEAN"
    ],
    "ImagingFrequency": 123.251,
    "InPlanePhaseEncodingDirectionDICOM": "ROW",
    "InstitutionAddress": "Mill Street 115,Belmount,Boston,US,02478",
    "InstitutionName": "Mclean Hospital",
    "InstitutionalDepartmentName": "Department",
    "InversionTime": 1.2,
    "MRAcquisitionType": "3D",
    "MagneticFieldStrength": 3,
    "Manufacturer": "Siemens",
    "ManufacturersModelName": "Prisma",
    "MatrixCoilMode": "GRAPPA",
    "Modality": "MR",
    "NumberOfAverages": 4,
    "ParallelReductionFactorInPlane": 2,
    "PartialFourier": 1,
    "PatientPosition": "HFS",
    "PercentPhaseFOV": 75,
    "PercentSampling": 100,
    "PhaseEncodingSteps": 191,
    "PhaseResolution": 1,
    "PixelBandwidth": 650,
    "ProcedureStepDescription": "3P,No VA Brain,45",
    "ProtocolName": "T1_MEMPRAGE1_gr2",
    "PulseSequenceDetails": "%CustomerSeq%\\tfl_mgh_multiecho",
    "ReceiveCoilActiveElements": "HC1-7",
    "ReceiveCoilName": "HeadNeck_64",
    "ReconMatrixPE": 192,
    "RefLinesPE": 32,
    "RepetitionTime": 2.53,
    "SAR": 0.0391258,
    "ScanOptions": "IR",
    "ScanningSequence": "GR\\IR",
    "SequenceName": "tfl_me3d4_16ns",
    "SequenceVariant": "SK\\SP\\MP",
    "SeriesDescription": "T1_MEMPRAGE1_gr2 RMS",
    "SeriesNumber": 6,
    "ShimSetting": [
      1620,
      -9955,
      -3950,
      359,
      24,
      -387,
      8,
      -12
    ],
    "SliceThickness": 1.33,
    "SoftwareVersions": "syngo MR E11",
    "SpoilingState": true,
    "StationName": "AWP66094",
    "TxRefAmp": 247.537,
    "dataset": "ds004219",
    "modality": "T1w",
    "session_id": "02",
    "subject_id": "07"
  },
  "cjv": 0.3699386126482468,
  "cnr": 3.7022360824812237,
  "efc": 0.6024645633047168,
  "fber": 22784.340975029725,
  "fwhm_avg": 3.303887209789849,
  "fwhm_x": 3.097691629369547,
  "fwhm_y": 3.56579,
  "fwhm_z": 3.24818,
  "icvs_csf": 0.19042678823034329,
  "icvs_gm": 0.46247250174240767,
  "icvs_wm": 0.34710071002724907,
  "inu_med": 0.6350246667861938,
  "inu_range": 0.2950016558170318,
  "provenance": {
    "md5sum": "ba9734757f43617dbf1a5815064fed6a",
    "settings": {
      "testing": false
    },
    "software": "mriqc",
    "version": "23.0.1",
    "warnings": {
      "large_rot_frame": true,
      "small_air_mask": false
    },
    "webapi_port": null,
    "webapi_url": "https://mriqc.nimh.nih.gov/api/v1"
  },
  "qi_1": 0.0,
  "qi_2": 0.005900802965009609,
  "rpve_csf": 17.87543739289436,
  "rpve_gm": 8.058037446801839,
  "rpve_wm": 12.14534464338631,
  "size_x": 128,
  "size_y": 192,
  "size_z": 256,
  "snr_csf": 1.9016800974399464,
  "snr_gm": 9.083357543214065,
  "snr_total": 9.822260249064746,
  "snr_wm": 18.481743106540222,
  "snrd_csf": 16.19407922986297,
  "snrd_gm": 48.766493964012135,
  "snrd_total": 46.19903822246061,
  "snrd_wm": 73.63654147350671,
  "spacing_x": 1.3300000429153442,
  "spacing_y": 1.0,
  "spacing_z": 1.0,
  "summary_bg_k": 138.61673755739284,
  "summary_bg_mad": 0.0,
  "summary_bg_mean": 5.740200459461314,
  "summary_bg_median": 0.0,
  "summary_bg_n": 1989517.0,
  "summary_bg_p05": 0.0,
  "summary_bg_p95": 22.798182986676693,
  "summary_bg_stdv": 8.896892363948439,
  "summary_csf_k": 4.981002048550532,
  "summary_csf_mad": 95.56236913303955,
  "summary_csf_mean": 238.7729266291855,
  "summary_csf_median": 219.91905783489347,
  "summary_csf_n": 16224.0,
  "summary_csf_p05": 89.92616622522473,
  "summary_csf_p95": 457.04796355850965,
  "summary_csf_stdv": 115.64104837723433,
  "summary_gm_k": -0.05959496745628634,
  "summary_gm_mad": 72.50190766240192,
  "summary_gm_mean": 663.8660234794792,
  "summary_gm_median": 662.259413100779,
  "summary_gm_n": 18719.0,
  "summary_gm_p05": 546.1987444274127,
  "summary_gm_p95": 787.3775712750851,
  "summary_gm_stdv": 72.90715137175386,
  "summary_wm_k": 0.2893912996072556,
  "summary_wm_mad": 52.44136719737852,
  "summary_wm_mean": 998.3983709453913,
  "summary_wm_median": 999.9999748803675,
  "summary_wm_n": 133003.0,
  "summary_wm_p05": 907.0155158154666,
  "summary_wm_p95": 1084.0257983542979,
  "summary_wm_stdv": 54.10724571784696,
  "tpm_overlap_csf": 0.16777864614344504,
  "tpm_overlap_gm": 0.47003213424247153,
  "tpm_overlap_wm": 0.497317056358812,
  "wm2max": 0.6090269416014449
}