{
  "aor": 0.006639733333333333,
  "aqi": 0.029633867333333334,
  "bids_meta": {
    "AcquisitionMatrixPE": 64,
    "AcquisitionNumber": 1,
    "AcquisitionTime": "08:41:27.717500",
    "BandwidthPerPixelPhaseEncode": 71.023,
    "BaseResolution": 64,
    "CoilCombinationMethod": "Adaptive Combine",
    "CoilString": "C:HEA;HEP",
    "ConversionSoftware": "dcm2niix",
    "ConversionSoftwareVersion": "v1.0.20211006",
    "DerivedVendorReportedEchoSpacing": 0.000439998,
    "DeviceSerialNumber": "35070",
    "DwellTime": 2.8e-06,
    "EchoTime": 0.029,
    "EffectiveEchoSpacing": 0.000219999,
    "FlipAngle": 75,
    "ImageOrientationPatientDICOM": [
      0.999979,
      -0.000691216,
      -0.00648271,
      2.45696e-08,
      0.994364,
      -0.10602
    ],
    "ImageOrientationText": "Tra>Cor(-6.1)>Sag(-0.4)",
    "ImageType": [
      "ORIGINAL",
      "PRIMARY",
      "M",
      "ND",
      "NORM",
      "MOSAIC"
    ],
    "ImagingFrequency": 123.246,
    "InPlanePhaseEncodingDirectionDICOM": "COL",
    "InstitutionAddress": "Mill Street 115,Belmount/FC5C61/,Northeast,US,02478",
    "InstitutionName": "Mclean Hospital",
    "InstitutionalDepartmentName": "Department",
    "MRAcquisitionType": "2D",
    "MagneticFieldStrength": 3,
    "Manufacturer": "Siemens",
    "ManufacturersModelName": "TrioTim",
    "MatrixCoilMode": "GRAPPA",
    "Modality": "MR",
    "ParallelReductionFactorInPlane": 2,
    "PartialFourier": 1,
    "PatientPosition": "HFS",
    "PercentPhaseFOV": 100,
    "PercentSampling": 100,
    "PhaseEncodingDirection": "j",
    "PhaseEncodingSteps": 63,
    "PhaseResolution": 1,
    "PixelBandwidth": 2790,
    "ProcedureStepDescription": "3T,VA,45",
    "ProtocolName": "fMRI-GoNoGo",
    "PulseSequenceDetails": "%SiemensSeq%\\ep2d_pace",
    "ReceiveCoilName": "32Ch_Head",
    "ReconMatrixPE": 64,
    "RefLinesPE": 24,
    "RepetitionTime": 2,
    "SAR": 0.189963,
    "ScanOptions": "FS",
    "ScanningSequence": "EP",
    "SequenceName": "*epfid2d1_64",
    "SequenceVariant": "SK",
    "SeriesDescription": "fMRI-GoNoGo",
    "SeriesNumber": 17,
    "ShimSetting": [
      -1225,
      -9730,
      -25390,
      542,
      88,
      -25,
      269,
      23
    ],
    "SliceThickness": 3.5,
    "SliceTiming": [
      0.9925,
      0,
      1.045,
      0.0525,
      1.0975,
      0.105,
      1.15,
      0.1575,
      1.2025,
      0.21,
      1.255,
      0.26,
      1.3075,
      0.3125,
      1.36,
      0.365,
      1.4125,
      0.4175,
      1.465,
      0.47,
      1.5175,
      0.5225,
      1.5675,
      0.575,
      1.62,
      0.6275,
      1.6725,
      0.68,
      1.725,
      0.7325,
      1.7775,
      0.785,
      1.83,
      0.8375,
      1.8825,
      0.8875,
      1.935,
      0.94
    ],
    "SoftwareVersions": "syngo MR B17",
    "SpacingBetweenSlices": 3.5,
    "StationName": "MRC35070",
    "TaskName": "no4 attention",
    "TotalReadoutTime": 0.0138599,
    "TxRefAmp": 324.775,
    "dataset": "ds004219",
    "modality": "bold",
    "session_id": "01",
    "subject_id": "04",
    "task_id": "atten"
  },
  "dummy_trs": 0,
  "dvars_nstd": 41.291263414581934,
  "dvars_std": 1.0935370161204023,
  "dvars_vstd": 0.99101823270903,
  "efc": 0.46975570045036624,
  "fber": 22621.833984375,
  "fd_mean": 0.7732206509125702,
  "fd_num": 246,
  "fd_perc": 82.0,
  "fwhm_avg": 1.795252380952381,
  "fwhm_x": 1.6652371428571429,
  "fwhm_y": 1.9038857142857142,
  "fwhm_z": 1.8166342857142859,
  "gcor": 0.0776172,
  "gsr_x": -0.00043439489672891796,
  "gsr_y": 0.012526335194706917,
  "provenance": {
    "md5sum": "af4cdb366d93d43096a9c180f75aa267",
    "settings": {
      "fd_thres": 0.2,
      "testing": false
    },
    "software": "mriqc",
    "version": "23.0.1",
    "webapi_port": null,
    "webapi_url": "https://mriqc.nimh.nih.gov/api/v1"
  },
  "size_t": 300,
  "size_x": 64,
  "size_y": 64,
  "size_z": 38,
  "snr": 6.890939708669152,
  "spacing_tr": 2.0,
  "spacing_x": 3.5,
  "spacing_y": 3.5,
  "spacing_z": 3.5,
  "summary_bg_k": 54.06469983985922,
  "summary_bg_mad": 2.9503786057053016,
  "summary_bg_mean": 11.348686218261719,
  "summary_bg_median": 3.383333444595337,
  "summary_bg_n": 96151.0,
  "summary_bg_p05": 0.7133333683013916,
  "summary_bg_p95": 41.4950008392334,
  "summary_bg_stdv": 25.571847915649414,
  "summary_fg_k": 1.2689978660517038,
  "summary_fg_mad": 71.7530291975354,
  "summary_fg_mean": 515.461181640625,
  "summary_fg_median": 511.91168212890625,
  "summary_fg_n": 27632.0,
  "summary_fg_p05": 404.6781692504883,
  "summary_fg_p95": 637.3798492431639,
  "summary_fg_stdv": 74.28630065917969,
  "tsnr": 32.87494551832788
}