{
  "aor": 0.0021167625,
  "aqi": 0.053840847500000004,
  "bids_meta": {
    "AcquisitionMatrixPE": 80,
    "AcquisitionNumber": 1,
    "AcquisitionTime": "08:23:0.295000",
    "BandwidthPerPixelPhaseEncode": 48.077,
    "BaseResolution": 80,
    "CoilCombinationMethod": "Sum of Squares",
    "CoilString": "t:HEA;HEP",
    "ConversionSoftware": "dcm2niix",
    "ConversionSoftwareVersion": "v1.0.20211006",
    "DerivedVendorReportedEchoSpacing": 0.000519999,
    "DeviceSerialNumber": "35070",
    "DwellTime": 2.3e-06,
    "EchoTime": 0.03,
    "EffectiveEchoSpacing": 0.00026,
    "FlipAngle": 52,
    "ImageComments": "Unaliased MB6/PE4 (remote)",
    "ImageOrientationPatientDICOM": [
      1,
      0,
      0,
      0,
      1,
      0
    ],
    "ImageOrientationText": "Tra",
    "ImageType": [
      "ORIGINAL",
      "PRIMARY",
      "M",
      "MB",
      "ND",
      "NORM",
      "MOSAIC"
    ],
    "ImagingFrequency": 123.244,
    "InPlanePhaseEncodingDirectionDICOM": "COL",
    "InstitutionAddress": "Mill Street 115,Belmount/FC5C61/,Northeast,US,02478",
    "InstitutionName": "Mclean Hospital",
    "InstitutionalDepartmentName": "Department",
    "MRAcquisitionType": "2D",
    "MagneticFieldStrength": 3,
    "Manufacturer": "Siemens",
    "ManufacturersModelName": "TrioTim",
    "MatrixCoilMode": "GRAPPA",
    "Modality": "MR",
    "MultibandAccelerationFactor": 6,
    "ParallelReductionFactorInPlane": 2,
    "PartialFourier": 1,
    "PatientPosition": "HFS",
    "PercentPhaseFOV": 100,
    "PercentSampling": 100,
    "PhaseEncodingDirection": "j",
    "PhaseEncodingSteps": 79,
    "PhaseResolution": 1,
    "PixelBandwidth": 2717,
    "ProcedureStepDescription": "3T,VA,45",
    "ProtocolName": "BOLDmb_GNG",
    "PulseSequenceDetails": "%CustomerSeq%\\cmrr_mbep2d_bold",
    "ReceiveCoilName": "32Ch_Head",
    "ReconMatrixPE": 80,
    "RefLinesPE": 24,
    "RepetitionTime": 0.75,
    "SAR": 0.0810284,
    "ScanOptions": "FS",
    "ScanningSequence": "EP",
    "SequenceName": "epfid2d1_80",
    "SequenceVariant": "SK\\SS",
    "SeriesDescription": "BOLDmb_GNG",
    "SeriesNumber": 16,
    "ShimSetting": [
      -1178,
      -9821,
      -25483,
      640,
      4,
      -508,
      29,
      -13
    ],
    "SliceThickness": 2.8,
    "SliceTiming": [
      0,
      0.42,
      0.085,
      0.5025,
      0.1675,
      0.5875,
      0.2525,
      0.67,
      0.335,
      0,
      0.42,
      0.085,
      0.5025,
      0.1675,
      0.5875,
      0.2525,
      0.67,
      0.335,
      0,
      0.42,
      0.085,
      0.5025,
      0.1675,
      0.5875,
      0.2525,
      0.67,
      0.335,
      0,
      0.42,
      0.085,
      0.5025,
      0.1675,
      0.5875,
      0.2525,
      0.67,
      0.335,
      0,
      0.42,
      0.085,
      0.5025,
      0.1675,
      0.5875,
      0.2525,
      0.67,
      0.335,
      0,
      0.42,
      0.085,
      0.5025,
      0.1675,
      0.5875,
      0.2525,
      0.67,
      0.335
    ],
    "SoftwareVersions": "syngo MR B17",
    "SpacingBetweenSlices": 2.8,
    "StationName": "MRC35070",
    "TaskName": "no4 attention",
    "TotalReadoutTime": 0.02054,
    "TxRefAmp": 320.321,
    "dataset": "ds004219",
    "modality": "bold",
    "session_id": "01",
    "subject_id": "10",
    "task_id": "atten"
  },
  "dummy_trs": 0,
  "dvars_nstd": 51.26483467973726,
  "dvars_std": 1.0962375795369188,
  "dvars_vstd": 1.0042673647809761,
  "efc": 0.4621339305384752,
  "fber": 9362.888671875,
  "fd_mean": 0.21316820140874926,
  "fd_num": 208,
  "fd_perc": 26.0,
  "fwhm_avg": 1.810952260886242,
  "fwhm_x": 1.681178181818182,
  "fwhm_y": 2.0246,
  "fwhm_z": 1.7270786008405448,
  "gcor": 0.0176874,
  "gsr_x": 0.009032252244651318,
  "gsr_y": 0.01654261350631714,
  "provenance": {
    "md5sum": "ed39609a12c8478ec275b10b331e1561",
    "settings": {
      "fd_thres": 0.2,
      "testing": false
    },
    "software": "mriqc",
    "version": "23.0.1",
    "webapi_port": null,
    "webapi_url": "https://mriqc.nimh.nih.gov/api/v1"
  },
  "size_t": 800,
  "size_x": 80,
  "size_y": 80,
  "size_z": 54,
  "snr": 7.506899408849904,
  "spacing_tr": 0.75,
  "spacing_x": 2.75,
  "spacing_y": 2.75,
  "spacing_z": 2.799999952316284,
  "summary_bg_k": 18.466911697975085,
  "summary_bg_mad": 4.725794394746649,
  "summary_bg_mean": 18.862428665161133,
  "summary_bg_median": 4.713749885559082,
  "summary_bg_n": 240134.0,
  "summary_bg_p05": 0.6387499570846558,
  "summary_bg_p95": 88.62968444824205,
  "summary_bg_stdv": 39.96807861328125,
  "summary_fg_k": 1.7325075363219966,
  "summary_fg_mad": 54.91926372191918,
  "summary_fg_mean": 451.31719970703125,
  "summary_fg_median": 451.1524963378906,
  "summary_fg_n": 52225.0,
  "summary_fg_p05": 357.57598266601565,
  "summary_fg_p95": 548.1902587890623,
  "summary_fg_stdv": 60.09780502319336,
  "tsnr": 22.166032579552848
}