{
  "bids_meta": {
    "AcquisitionMatrixPE": 192,
    "AcquisitionNumber": 1,
    "AcquisitionTime": "08:05:52.380000",
    "BaseResolution": 256,
    "BodyPartExamined": "BRAIN",
    "CoilCombinationMethod": "Adaptive Combine",
    "ConsistencyInfo": "N4_VE11B_LATEST_20150530",
    "ConversionSoftware": "dcm2niix",
    "ConversionSoftwareVersion": "v1.0.20211006",
    "DeviceSerialNumber": "66094",
    "DwellTime": 3e-06,
    "EchoTime": 0.00169,
    "FlipAngle": 7,
    "ImageOrientationPatientDICOM": [
      0.049421,
      0.986182,
      0.158123,
      0.029132,
      0.156826,
      -0.987197
    ],
    "ImageOrientationText": "Sag>Cor(3.1)>Tra(-1.2)",
    "ImageType": [
      "ORIGINAL",
      "PRIMARY",
      "OTHER",
      "ND",
      "NORM",
      "MEAN"
    ],
    "ImagingFrequency": 123.251,
    "InPlanePhaseEncodingDirectionDICOM": "ROW",
    "InstitutionAddress": "Mill Street 115,Belmount,Boston,US,02478",
    "InstitutionName": "Mclean Hospital",
    "InstitutionalDepartmentName": "Department",
    "InversionTime": 1.2,
    "MRAcquisitionType": "3D",
    "MagneticFieldStrength": 3,
    "Manufacturer": "Siemens",
    "ManufacturersModelName": "Prisma",
    "MatrixCoilMode": "GRAPPA",
    "Modality": "MR",
    "NumberOfAverages": 4,
    "ParallelReductionFactorInPlane": 2,
    "PartialFourier": 1,
    "PatientPosition": "HFS",
    "PercentPhaseFOV": 75,
    "PercentSampling": 100,
    "PhaseEncodingSteps": 191,
    "PhaseResolution": 1,
    "PixelBandwidth": 650,
    "ProcedureStepDescription": "3P,VA,45",
    "ProtocolName": "T1_MEMPRAGE1_gr2",
    "PulseSequenceDetails": "%CustomerSeq%\\tfl_mgh_multiecho",
    "ReceiveCoilActiveElements": "HC1-7",
    "ReceiveCoilName": "HeadNeck_64",
    "ReconMatrixPE": 192,
    "RefLinesPE": 32,
    "RepetitionTime": 2.53,
    "SAR": 0.0438635,
    "ScanOptions": "IR",
    "ScanningSequence": "GR\\IR",
    "SequenceName": "tfl_me3d4_16ns",
    "SequenceVariant": "SK\\SP\\MP",
    "SeriesDescription": "T1_MEMPRAGE1_gr2 RMS",
    "SeriesNumber": 6,
    "ShimSetting": [
      1614,
      -10067,
      -3849,
      397,
      -38,
      -367,
      55,
      -7
    ],
    "SliceThickness": 1.33,
    "SoftwareVersions": "syngo MR E11",
    "SpoilingState": true,
    "StationName": "AWP66094",
    "TxRefAmp": 240.919,
    "dataset": "ds004219",
    "modality": "T1w",
    "session_id": "01",
    "subject_id": "08"
  },
  "cjv": 0.3634137090323337,
  "cnr": 3.7091768938671397,
  "efc": 0.5500707478286898,
  "fber": 9338.208925887386,
  "fwhm_avg": 3.5942042997042414,
  "fwhm_x": 3.3530828991127244,
  "fwhm_y": 3.91734,
  "fwhm_z": 3.51219,
  "icvs_csf": 0.20719365309645302,
  "icvs_gm": 0.4441447958130506,
  "icvs_wm": 0.34866155109049635,
  "inu_med": 0.6811539530754089,
  "inu_range": 0.36188316941261295,
  "provenance": {
    "md5sum": "bcd5afbe652c62335c4e5fe3682256af",
    "settings": {
      "testing": false
    },
    "software": "mriqc",
    "version": "23.0.1",
    "warnings": {
      "large_rot_frame": true,
      "small_air_mask": false
    },
    "webapi_port": null,
    "webapi_url": "https://mriqc.nimh.nih.gov/api/v1"
  },
  "qi_1": 0.0,
  "qi_2": 0.005235597460670967,
  "rpve_csf": 17.9523240410091,
  "rpve_gm": 8.719120808998028,
  "rpve_wm": 12.515733040388968,
  "size_x": 128,
  "size_y": 192,
  "size_z": 256,
  "snr_csf": 1.7123238080691123,
  "snr_gm": 9.0797708231584,
  "snr_total": 9.929881934286577,
  "snr_wm": 18.99755117163222,
  "snrd_csf": 10.883986733824965,
  "snrd_gm": 33.37389595105486,
  "snrd_total": 31.538423257897055,
  "snrd_wm": 50.357387088811336,
  "spacing_x": 1.3299999237060547,
  "spacing_y": 1.0,
  "spacing_z": 1.0,
  "summary_bg_k": 11831.85053245381,
  "summary_bg_mad": 0.0,
  "summary_bg_mean": 5.390410301982396,
  "summary_bg_median": 0.0,
  "summary_bg_n": 1972063.0,
  "summary_bg_p05": 0.0,
  "summary_bg_p95": 22.57676124572754,
  "summary_bg_stdv": 13.009737902842911,
  "summary_csf_k": 0.3445260385406117,
  "summary_csf_mad": 111.96503185556834,
  "summary_csf_mean": 244.95501762421617,
  "summary_csf_median": 216.13486099243164,
  "summary_csf_n": 28083.0,
  "summary_csf_p05": 81.61875469684601,
  "summary_csf_p95": 495.1422392606734,
  "summary_csf_stdv": 126.22087703014647,
  "summary_gm_k": -0.02262509781820876,
  "summary_gm_mad": 72.18871510767585,
  "summary_gm_mean": 664.0463193635978,
  "summary_gm_median": 662.7408263683319,
  "summary_gm_n": 22420.0,
  "summary_gm_p05": 545.1140188813209,
  "summary_gm_p95": 786.4652407884597,
  "summary_gm_stdv": 72.98929223937313,
  "summary_wm_k": 0.4558332697369627,
  "summary_wm_mad": 50.37589624592835,
  "summary_wm_mean": 999.4065130510513,
  "summary_wm_median": 1000.0000114440918,
  "summary_wm_n": 137147.0,
  "summary_wm_p05": 911.8377587795258,
  "summary_wm_p95": 1083.9103074073792,
  "summary_wm_stdv": 52.6381719769983,
  "tpm_overlap_csf": 0.17576142696889213,
  "tpm_overlap_gm": 0.49689075551586975,
  "tpm_overlap_wm": 0.5281258852363054,
  "wm2max": 0.47542039355992843
}