{
  "bids_meta": {
    "AcquisitionMatrixPE": 192,
    "AcquisitionNumber": 1,
    "AcquisitionTime": "08:00:8.557500",
    "BaseResolution": 256,
    "CoilCombinationMethod": "Adaptive Combine",
    "CoilString": "C:HEA;HEP",
    "ConversionSoftware": "dcm2niix",
    "ConversionSoftwareVersion": "v1.0.20211006",
    "DeviceSerialNumber": "35070",
    "DwellTime": 3e-06,
    "EchoTime": 0.00174,
    "FlipAngle": 7,
    "ImageOrientationPatientDICOM": [
      0.033729,
      0.998881,
      0.0331465,
      -0.021773,
      0.0338919,
      -0.999188
    ],
    "ImageOrientationText": "Sag>Cor(1.9)>Tra(1.3)",
    "ImageType": [
      "ORIGINAL",
      "PRIMARY",
      "OTHER",
      "ND",
      "NORM",
      "MEAN"
    ],
    "ImagingFrequency": 123.244,
    "InPlanePhaseEncodingDirectionDICOM": "ROW",
    "InstitutionAddress": "Mill Street 115,Belmount/FC5C61/,Northeast,US,02478",
    "InstitutionName": "Mclean Hospital",
    "InstitutionalDepartmentName": "Department",
    "MRAcquisitionType": "3D",
    "MagneticFieldStrength": 3,
    "Manufacturer": "Siemens",
    "ManufacturersModelName": "TrioTim",
    "MatrixCoilMode": "GRAPPA",
    "Modality": "MR",
    "NumberOfAverages": 4,
    "ParallelReductionFactorInPlane": 2,
    "PartialFourier": 1,
    "PatientPosition": "HFS",
    "PercentPhaseFOV": 75,
    "PercentSampling": 100,
    "PhaseEncodingSteps": 191,
    "PhaseResolution": 1,
    "PixelBandwidth": 651,
    "ProcedureStepDescription": "3T,VA,45",
    "ProtocolName": "mocoMEMPRAGE",
    "PulseSequenceDetails": "%CustomerSeq%\\WIP711_Moco\\tfl_multiecho_epinav_711",
    "ReceiveCoilName": "32Ch_Head",
    "ReconMatrixPE": 192,
    "RefLinesPE": 32,
    "RepetitionTime": 2.53,
    "SAR": 0.0468994,
    "ScanOptions": "IR",
    "ScanningSequence": "GR\\IR",
    "SequenceName": "Moco3d4_ns",
    "SequenceVariant": "SP\\MP",
    "SeriesDescription": "mocoMEMPRAGE RMS",
    "SeriesNumber": 6,
    "ShimSetting": [
      -1178,
      -9742,
      -25527,
      718,
      189,
      -28,
      457,
      3
    ],
    "SliceThickness": 1.33,
    "SoftwareVersions": "syngo MR B17",
    "StationName": "MRC35070",
    "TxRefAmp": 301.141,
    "dataset": "ds004219",
    "modality": "T1w",
    "session_id": "01",
    "subject_id": "05"
  },
  "cjv": 0.35244571402588964,
  "cnr": 3.7794848020240277,
  "efc": 0.5462994005348485,
  "fber": 17115.857312722947,
  "fwhm_avg": 3.3872544022384816,
  "fwhm_x": 3.147323206715445,
  "fwhm_y": 3.67199,
  "fwhm_z": 3.34245,
  "icvs_csf": 0.19596616736630598,
  "icvs_gm": 0.4651593707628301,
  "icvs_wm": 0.33887446187086395,
  "inu_med": 0.7099647521972656,
  "inu_range": 0.2993457734584809,
  "provenance": {
    "md5sum": "2c417768b98ba0a31618e934a36f3341",
    "settings": {
      "testing": false
    },
    "software": "mriqc",
    "version": "23.0.1",
    "warnings": {
      "large_rot_frame": true,
      "small_air_mask": false
    },
    "webapi_port": null,
    "webapi_url": "https://mriqc.nimh.nih.gov/api/v1"
  },
  "qi_1": 0.04289444621733939,
  "qi_2": 0.02562718189045027,
  "rpve_csf": 18.651745901590285,
  "rpve_gm": 8.443050785796444,
  "rpve_wm": 12.907977023256391,
  "size_x": 128,
  "size_y": 192,
  "size_z": 256,
  "snr_csf": 1.7838256551795484,
  "snr_gm": 9.175126203347416,
  "snr_total": 9.806415135481506,
  "snr_wm": 18.46029354791755,
  "snrd_csf": 24.360011637986176,
  "snrd_gm": 69.92800270968803,
  "snrd_total": 66.79217312252133,
  "snrd_wm": 106.08850501988978,
  "spacing_x": 1.3300000429153442,
  "spacing_y": 1.0,
  "spacing_z": 1.0,
  "summary_bg_k": 17.71192739254728,
  "summary_bg_mad": 0.0,
  "summary_bg_mean": 2.82969131674487,
  "summary_bg_median": 0.0,
  "summary_bg_n": 1718417.0,
  "summary_bg_p05": 0.0,
  "summary_bg_p95": 14.873294658958912,
  "summary_bg_stdv": 6.175375770984167,
  "summary_csf_k": 0.7789510299109383,
  "summary_csf_mad": 117.31018562060594,
  "summary_csf_mean": 255.21970955092957,
  "summary_csf_median": 229.6197030879557,
  "summary_csf_n": 15977.0,
  "summary_csf_p05": 84.26320585459472,
  "summary_csf_p95": 501.6741141602395,
  "summary_csf_stdv": 128.71914716737305,
  "summary_gm_k": 0.10688959834770628,
  "summary_gm_mad": 68.8184919654067,
  "summary_gm_mean": 659.8251244000098,
  "summary_gm_median": 659.1477647200227,
  "summary_gm_n": 16084.0,
  "summary_gm_p05": 540.5949181694538,
  "summary_gm_p95": 780.7369485570117,
  "summary_gm_stdv": 71.8384967140886,
  "summary_wm_k": 0.5392786846934339,
  "summary_wm_mad": 51.31340858772162,
  "summary_wm_mean": 1000.5305614777619,
  "summary_wm_median": 999.99997478351,
  "summary_wm_n": 122606.0,
  "summary_wm_p05": 912.9101380482316,
  "summary_wm_p95": 1089.4512113817036,
  "summary_wm_stdv": 54.170097245515294,
  "tpm_overlap_csf": 0.15310266215662824,
  "tpm_overlap_gm": 0.481407918225926,
  "tpm_overlap_wm": 0.4894585424908035,
  "wm2max": 0.5029846821725988
}