{
  "bids_meta": {
    "AcquisitionMatrixPE": 192,
    "AcquisitionNumber": 1,
    "AcquisitionTime": "07:52:53.397500",
    "BaseResolution": 256,
    "CoilCombinationMethod": "Adaptive Combine",
    "CoilString": "C:HEA;HEP",
    "ConversionSoftware": "dcm2niix",
    "ConversionSoftwareVersion": "v1.0.20211006",
    "DeviceSerialNumber": "35070",
    "DwellTime": 3e-06,
    "EchoTime": 0.00174,
    "FlipAngle": 7,
    "ImageOrientationPatientDICOM": [
      0.0191389,
      0.996969,
      -0.075405,
      0.0352734,
      -0.0760452,
      -0.99648
    ],
    "ImageOrientationText": "Sag>Tra(-2.1)>Cor(0.9)",
    "ImageType": [
      "ORIGINAL",
      "PRIMARY",
      "OTHER",
      "ND",
      "NORM",
      "MEAN"
    ],
    "ImagingFrequency": 123.244,
    "InPlanePhaseEncodingDirectionDICOM": "ROW",
    "InstitutionAddress": "Mill Street 115,Belmount/FC5C61/,Northeast,US,02478",
    "InstitutionName": "Mclean Hospital",
    "InstitutionalDepartmentName": "Department",
    "MRAcquisitionType": "3D",
    "MagneticFieldStrength": 3,
    "Manufacturer": "Siemens",
    "ManufacturersModelName": "TrioTim",
    "MatrixCoilMode": "GRAPPA",
    "Modality": "MR",
    "NumberOfAverages": 4,
    "ParallelReductionFactorInPlane": 2,
    "PartialFourier": 1,
    "PatientPosition": "HFS",
    "PercentPhaseFOV": 75,
    "PercentSampling": 100,
    "PhaseEncodingSteps": 191,
    "PhaseResolution": 1,
    "PixelBandwidth": 651,
    "ProcedureStepDescription": "3T,VA,45",
    "ProtocolName": "mocoMEMPRAGE",
    "PulseSequenceDetails": "%CustomerSeq%\\WIP711_Moco\\tfl_multiecho_epinav_711",
    "ReceiveCoilName": "32Ch_Head",
    "ReconMatrixPE": 192,
    "RefLinesPE": 32,
    "RepetitionTime": 2.53,
    "SAR": 0.0511694,
    "ScanOptions": "IR",
    "ScanningSequence": "GR\\IR",
    "SequenceName": "Moco3d4_ns",
    "SequenceVariant": "SP\\MP",
    "SeriesDescription": "mocoMEMPRAGE RMS",
    "SeriesNumber": 6,
    "ShimSetting": [
      -1174,
      -9790,
      -25564,
      737,
      107,
      -487,
      187,
      31
    ],
    "SliceThickness": 1.33,
    "SoftwareVersions": "syngo MR B17",
    "StationName": "MRC35070",
    "TxRefAmp": 310.894,
    "dataset": "ds004219",
    "modality": "T1w",
    "session_id": "01",
    "subject_id": "07"
  },
  "cjv": 0.38280560628646465,
  "cnr": 3.6004125768506747,
  "efc": 0.5946081214916111,
  "fber": -1.0,
  "fwhm_avg": 3.2674632078594463,
  "fwhm_x": 3.0879996235783396,
  "fwhm_y": 3.4948,
  "fwhm_z": 3.21959,
  "icvs_csf": 0.2007977016688791,
  "icvs_gm": 0.45254545899900017,
  "icvs_wm": 0.3466568393321207,
  "inu_med": 0.6799070835113525,
  "inu_range": 0.31181670427322383,
  "provenance": {
    "md5sum": "3196cf92fdc330ad3a4c4cd776ec2030",
    "settings": {
      "testing": false
    },
    "software": "mriqc",
    "version": "23.0.1",
    "warnings": {
      "large_rot_frame": true,
      "small_air_mask": false
    },
    "webapi_port": null,
    "webapi_url": "https://mriqc.nimh.nih.gov/api/v1"
  },
  "qi_1": 0.014945193080374728,
  "qi_2": 0.04558312682370346,
  "rpve_csf": 17.247556547676748,
  "rpve_gm": 8.171573811246544,
  "rpve_wm": 12.108308824529926,
  "size_x": 128,
  "size_y": 192,
  "size_z": 256,
  "snr_csf": 1.855026989565604,
  "snr_gm": 8.66833977613639,
  "snr_total": 9.357153648759748,
  "snr_wm": 17.54809418057725,
  "snrd_csf": 15.036607496175447,
  "snrd_gm": 46.29058993680601,
  "snrd_total": 43.929396401174195,
  "snrd_wm": 70.46099177054113,
  "spacing_x": 1.3300001621246338,
  "spacing_y": 1.0,
  "spacing_z": 1.0,
  "summary_bg_k": 2058.0612657245924,
  "summary_bg_mad": 0.0,
  "summary_bg_mean": 2.793031368575046,
  "summary_bg_median": 0.0,
  "summary_bg_n": 1918044.0,
  "summary_bg_p05": 0.0,
  "summary_bg_p95": 17.266437727957964,
  "summary_bg_stdv": 9.297859330383417,
  "summary_csf_k": 1.9885134603626513,
  "summary_csf_mad": 94.57503975539409,
  "summary_csf_mean": 234.6755395451999,
  "summary_csf_median": 213.40328717138618,
  "summary_csf_n": 18936.0,
  "summary_csf_p05": 85.68542392691597,
  "summary_csf_p95": 459.166611044202,
  "summary_csf_stdv": 115.03749187520717,
  "summary_gm_k": -0.10574485928008315,
  "summary_gm_mad": 76.71158385263226,
  "summary_gm_mean": 657.4284322511006,
  "summary_gm_median": 656.9676078949124,
  "summary_gm_n": 14681.0,
  "summary_gm_p05": 532.4399660993367,
  "summary_gm_p95": 782.9486535396427,
  "summary_gm_stdv": 75.78674229702811,
  "summary_wm_k": 0.41957693645796645,
  "summary_wm_mad": 54.60313300072195,
  "summary_wm_mean": 999.0296348739608,
  "summary_wm_median": 999.9999843724072,
  "summary_wm_n": 132324.0,
  "summary_wm_p05": 903.2904922496527,
  "summary_wm_p95": 1089.5587295573205,
  "summary_wm_stdv": 56.986029107828706,
  "tpm_overlap_csf": 0.1665114150761853,
  "tpm_overlap_gm": 0.46558572996443726,
  "tpm_overlap_wm": 0.49423377677698965,
  "wm2max": 0.632712197195731
}