{
  "aor": 0.00037993742177722155,
  "aqi": 0.05119710087609512,
  "bids_meta": {
    "AcquisitionMatrixPE": 80,
    "AcquisitionNumber": 1,
    "AcquisitionTime": "08:30:36.265000",
    "BandwidthPerPixelPhaseEncode": 48.077,
    "BaseResolution": 80,
    "CoilCombinationMethod": "Sum of Squares",
    "CoilString": "t:HEA;HEP",
    "ConversionSoftware": "dcm2niix",
    "ConversionSoftwareVersion": "v1.0.20211006",
    "DerivedVendorReportedEchoSpacing": 0.000519999,
    "DeviceSerialNumber": "35070",
    "DwellTime": 2.3e-06,
    "EchoTime": 0.03,
    "EffectiveEchoSpacing": 0.00026,
    "FlipAngle": 52,
    "ImageComments": "Unaliased MB6/PE4 (remote)",
    "ImageOrientationPatientDICOM": [
      0.998193,
      1.23515e-05,
      0.0600915,
      5.02079e-08,
      1,
      -0.000206379
    ],
    "ImageOrientationText": "Tra>Sag(3.4)>Cor(-0.0)",
    "ImageType": [
      "ORIGINAL",
      "PRIMARY",
      "M",
      "MB",
      "ND",
      "NORM",
      "MOSAIC"
    ],
    "ImagingFrequency": 123.244,
    "InPlanePhaseEncodingDirectionDICOM": "COL",
    "InstitutionAddress": "Mill Street 115,Belmount/FC5C61/,Northeast,US,02478",
    "InstitutionName": "Mclean Hospital",
    "InstitutionalDepartmentName": "Department",
    "MRAcquisitionType": "2D",
    "MagneticFieldStrength": 3,
    "Manufacturer": "Siemens",
    "ManufacturersModelName": "TrioTim",
    "MatrixCoilMode": "GRAPPA",
    "Modality": "MR",
    "MultibandAccelerationFactor": 6,
    "ParallelReductionFactorInPlane": 2,
    "PartialFourier": 1,
    "PatientPosition": "HFS",
    "PercentPhaseFOV": 100,
    "PercentSampling": 100,
    "PhaseEncodingDirection": "j",
    "PhaseEncodingSteps": 79,
    "PhaseResolution": 1,
    "PixelBandwidth": 2717,
    "ProcedureStepDescription": "3T,No VA Brain,45",
    "ProtocolName": "BOLDmb_GNG",
    "PulseSequenceDetails": "%CustomerSeq%\\cmrr_mbep2d_bold",
    "ReceiveCoilName": "32Ch_Head",
    "ReconMatrixPE": 80,
    "RefLinesPE": 24,
    "RepetitionTime": 0.75,
    "SAR": 0.0703554,
    "ScanOptions": "FS",
    "ScanningSequence": "EP",
    "SequenceName": "epfid2d1_80",
    "SequenceVariant": "SK\\SS",
    "SeriesDescription": "BOLDmb_GNG",
    "SeriesNumber": 16,
    "ShimSetting": [
      -1150,
      -9657,
      -25542,
      735,
      20,
      -131,
      471,
      -82
    ],
    "SliceThickness": 2.8,
    "SliceTiming": [
      0,
      0.4175,
      0.085,
      0.5025,
      0.1675,
      0.585,
      0.25,
      0.67,
      0.335,
      0,
      0.4175,
      0.085,
      0.5025,
      0.1675,
      0.585,
      0.25,
      0.67,
      0.335,
      0,
      0.4175,
      0.085,
      0.5025,
      0.1675,
      0.585,
      0.25,
      0.67,
      0.335,
      0,
      0.4175,
      0.085,
      0.5025,
      0.1675,
      0.585,
      0.25,
      0.67,
      0.335,
      0,
      0.4175,
      0.085,
      0.5025,
      0.1675,
      0.585,
      0.25,
      0.67,
      0.335,
      0,
      0.4175,
      0.085,
      0.5025,
      0.1675,
      0.585,
      0.25,
      0.67,
      0.335
    ],
    "SoftwareVersions": "syngo MR B17",
    "SpacingBetweenSlices": 2.8,
    "StationName": "MRC35070",
    "TaskName": "no4 attention",
    "TotalReadoutTime": 0.02054,
    "TxRefAmp": 321.365,
    "dataset": "ds004219",
    "modality": "bold",
    "session_id": "02",
    "subject_id": "06",
    "task_id": "atten"
  },
  "dummy_trs": 1,
  "dvars_nstd": 41.83708089093985,
  "dvars_std": 1.0908533990350873,
  "dvars_vstd": 0.9736608507769424,
  "efc": 0.40303451825331027,
  "fber": 19466.048828125,
  "fd_mean": 0.11548481051835255,
  "fd_num": 58,
  "fd_perc": 7.259073842302879,
  "fwhm_avg": 1.6496184289924036,
  "fwhm_x": 1.5307309090909091,
  "fwhm_y": 1.8187636363636364,
  "fwhm_z": 1.5993607415226654,
  "gcor": 0.005611,
  "gsr_x": -0.007978678680956364,
  "gsr_y": 0.008874126709997654,
  "provenance": {
    "md5sum": "1b5c39e1a4b1ea32f83926f3abd7bec7",
    "settings": {
      "fd_thres": 0.2,
      "testing": false
    },
    "software": "mriqc",
    "version": "23.0.1",
    "webapi_port": null,
    "webapi_url": "https://mriqc.nimh.nih.gov/api/v1"
  },
  "size_t": 799,
  "size_x": 80,
  "size_y": 80,
  "size_z": 54,
  "snr": 8.911743114510859,
  "spacing_tr": 0.75,
  "spacing_x": 2.75,
  "spacing_y": 2.75,
  "spacing_z": 2.799999952316284,
  "summary_bg_k": 47.34010441385055,
  "summary_bg_mad": 2.931803943168196,
  "summary_bg_mean": 11.517663955688477,
  "summary_bg_median": 3.2528159618377686,
  "summary_bg_n": 253253.0,
  "summary_bg_p05": 0.30538174510002136,
  "summary_bg_p95": 51.25206604003898,
  "summary_bg_stdv": 28.084104537963867,
  "summary_fg_k": 3.7762093048314203,
  "summary_fg_mad": 44.61167630709821,
  "summary_fg_mean": 444.8503112792969,
  "summary_fg_median": 445.28411865234375,
  "summary_fg_n": 42255.0,
  "summary_fg_p05": 370.4122741699219,
  "summary_fg_p95": 523.2606994628907,
  "summary_fg_stdv": 49.96540451049805,
  "tsnr": 29.339457869529724
}