{
  "aor": 0.0007201666666666666,
  "aqi": 0.0055242062,
  "bids_meta": {
    "AcquisitionMatrixPE": 64,
    "AcquisitionNumber": 1,
    "AcquisitionTime": "08:39:27.052500",
    "BandwidthPerPixelPhaseEncode": 63.776,
    "BaseResolution": 64,
    "BodyPartExamined": "BRAIN",
    "CoilCombinationMethod": "Sum of Squares",
    "ConsistencyInfo": "N4_VE11B_LATEST_20150530",
    "ConversionSoftware": "dcm2niix",
    "ConversionSoftwareVersion": "v1.0.20211006",
    "DerivedVendorReportedEchoSpacing": 0.000489996,
    "DeviceSerialNumber": "66094",
    "DwellTime": 3.2e-06,
    "EchoTime": 0.029,
    "EchoTrainLength": 31,
    "EffectiveEchoSpacing": 0.000244998,
    "FlipAngle": 75,
    "ImageOrientationPatientDICOM": [
      0.999848,
      0.0174524,
      0,
      -0.0174524,
      0.999848,
      0
    ],
    "ImageOrientationText": "Tra",
    "ImageType": [
      "ORIGINAL",
      "PRIMARY",
      "M",
      "ND",
      "NORM",
      "MOSAIC"
    ],
    "ImagingFrequency": 123.251,
    "InPlanePhaseEncodingDirectionDICOM": "COL",
    "InstitutionAddress": "Mill Street 115,Belmount,Boston,US,02478",
    "InstitutionName": "McLean Hospital BIC",
    "InstitutionalDepartmentName": "Department",
    "MRAcquisitionType": "2D",
    "MagneticFieldStrength": 3,
    "Manufacturer": "Siemens",
    "ManufacturersModelName": "Prisma",
    "MatrixCoilMode": "GRAPPA",
    "Modality": "MR",
    "ParallelReductionFactorInPlane": 2,
    "PartialFourier": 1,
    "PatientPosition": "HFS",
    "PercentPhaseFOV": 100,
    "PercentSampling": 100,
    "PhaseEncodingDirection": "j",
    "PhaseEncodingSteps": 63,
    "PhaseResolution": 1,
    "PixelBandwidth": 2440,
    "ProcedureStepDescription": "3P,VA,45",
    "ProtocolName": "Go-NoGo",
    "PulseSequenceDetails": "%SiemensSeq%\\ep2d_pace",
    "ReceiveCoilActiveElements": "HC1-7",
    "ReceiveCoilName": "HeadNeck_64",
    "ReconMatrixPE": 64,
    "RefLinesPE": 24,
    "RepetitionTime": 2,
    "SAR": 0.0704293,
    "ScanOptions": "FS",
    "ScanningSequence": "EP",
    "SequenceName": "*epfid2d1_64",
    "SequenceVariant": "SK",
    "SeriesDescription": "Go-NoGo",
    "SeriesNumber": 14,
    "ShimSetting": [
      1608,
      -9925,
      -3934,
      425,
      4,
      -133,
      32,
      -16
    ],
    "SliceThickness": 3.5,
    "SliceTiming": [
      0.99,
      0,
      1.0425,
      0.0525,
      1.095,
      0.105,
      1.1475,
      0.1575,
      1.1975,
      0.2075,
      1.25,
      0.26,
      1.3025,
      0.3125,
      1.355,
      0.365,
      1.4075,
      0.4175,
      1.46,
      0.47,
      1.51,
      0.52,
      1.5625,
      0.5725,
      1.615,
      0.625,
      1.6675,
      0.6775,
      1.72,
      0.73,
      1.7725,
      0.7825,
      1.8225,
      0.835,
      1.875,
      0.885,
      1.9275,
      0.9375
    ],
    "SoftwareVersions": "syngo MR E11",
    "SpacingBetweenSlices": 3.5,
    "StationName": "AWP66094",
    "TaskName": "no4 attention",
    "TotalReadoutTime": 0.0154349,
    "TxRefAmp": 234.559,
    "dataset": "ds004219",
    "modality": "bold",
    "session_id": "02",
    "subject_id": "01",
    "task_id": "atten"
  },
  "dummy_trs": 0,
  "dvars_nstd": 23.37071161662208,
  "dvars_std": 1.358334008561873,
  "dvars_vstd": 1.0073051452173916,
  "efc": 0.41423824901969264,
  "fber": 30360.97265625,
  "fd_mean": 0.053702438057333955,
  "fd_num": 1,
  "fd_perc": 0.3333333333333333,
  "fwhm_avg": 1.5601542857142858,
  "fwhm_x": 1.4489971428571429,
  "fwhm_y": 1.7155857142857143,
  "fwhm_z": 1.51588,
  "gcor": 0.0241014,
  "gsr_x": -0.004959824960678816,
  "gsr_y": 0.0052682338282465935,
  "provenance": {
    "md5sum": "5aea833c6e24ec90c110cd5e33aee88f",
    "settings": {
      "fd_thres": 0.2,
      "testing": false
    },
    "software": "mriqc",
    "version": "23.0.1",
    "webapi_port": null,
    "webapi_url": "https://mriqc.nimh.nih.gov/api/v1"
  },
  "size_t": 300,
  "size_x": 64,
  "size_y": 64,
  "size_z": 38,
  "snr": 7.67050035889489,
  "spacing_tr": 2.0,
  "spacing_x": 3.5,
  "spacing_y": 3.5,
  "spacing_z": 3.5,
  "summary_bg_k": 64.93506386438585,
  "summary_bg_mad": 1.6407464810680599,
  "summary_bg_mean": 7.442995548248291,
  "summary_bg_median": 2.390000104904175,
  "summary_bg_n": 104134.0,
  "summary_bg_p05": 0.0,
  "summary_bg_p95": 29.046667098999023,
  "summary_bg_stdv": 18.8820858001709,
  "summary_fg_k": 2.2648149287693036,
  "summary_fg_mad": 54.82171457692717,
  "summary_fg_mean": 416.9395751953125,
  "summary_fg_median": 417.1966857910156,
  "summary_fg_n": 21113.0,
  "summary_fg_p05": 338.5053405761719,
  "summary_fg_p95": 502.19133911132803,
  "summary_fg_stdv": 54.38847351074219,
  "tsnr": 80.88025472871959
}