{
  "bids_meta": {
    "AcquisitionMatrixPE": 192,
    "AcquisitionNumber": 1,
    "AcquisitionTime": "08:07:10.190000",
    "BaseResolution": 256,
    "CoilCombinationMethod": "Adaptive Combine",
    "CoilString": "C:HEA;HEP",
    "ConversionSoftware": "dcm2niix",
    "ConversionSoftwareVersion": "v1.0.20211006",
    "DeviceSerialNumber": "35070",
    "DwellTime": 3e-06,
    "EchoTime": 0.00174,
    "FlipAngle": 7,
    "ImageOrientationPatientDICOM": [
      0.0165367,
      0.996406,
      -0.083078,
      0.0693479,
      -0.0840322,
      -0.994047
    ],
    "ImageOrientationText": "Sag>Tra(-4.0)>Cor(0.6)",
    "ImageType": [
      "ORIGINAL",
      "PRIMARY",
      "OTHER",
      "ND",
      "NORM",
      "MEAN"
    ],
    "ImagingFrequency": 123.244,
    "InPlanePhaseEncodingDirectionDICOM": "ROW",
    "InstitutionAddress": "Mill Street 115,Belmount/FC5C61/,Northeast,US,02478",
    "InstitutionName": "Mclean Hospital",
    "InstitutionalDepartmentName": "Department",
    "MRAcquisitionType": "3D",
    "MagneticFieldStrength": 3,
    "Manufacturer": "Siemens",
    "ManufacturersModelName": "TrioTim",
    "MatrixCoilMode": "GRAPPA",
    "Modality": "MR",
    "NumberOfAverages": 4,
    "ParallelReductionFactorInPlane": 2,
    "PartialFourier": 1,
    "PatientPosition": "HFS",
    "PercentPhaseFOV": 75,
    "PercentSampling": 100,
    "PhaseEncodingSteps": 191,
    "PhaseResolution": 1,
    "PixelBandwidth": 651,
    "ProcedureStepDescription": "3T,No VA Brain,45",
    "ProtocolName": "mocoMEMPRAGE",
    "PulseSequenceDetails": "%CustomerSeq%\\WIP711_Moco\\tfl_multiecho_epinav_711",
    "ReceiveCoilName": "32Ch_Head",
    "ReconMatrixPE": 192,
    "RefLinesPE": 32,
    "RepetitionTime": 2.53,
    "SAR": 0.0631803,
    "ScanOptions": "IR",
    "ScanningSequence": "GR\\IR",
    "SequenceName": "Moco3d4_ns",
    "SequenceVariant": "SP\\MP",
    "SeriesDescription": "mocoMEMPRAGE RMS",
    "SeriesNumber": 6,
    "ShimSetting": [
      -1149,
      -9658,
      -25546,
      716,
      17,
      -136,
      479,
      -83
    ],
    "SliceThickness": 1.33,
    "SoftwareVersions": "syngo MR B17",
    "StationName": "MRC35070",
    "TxRefAmp": 321.365,
    "dataset": "ds004219",
    "modality": "T1w",
    "session_id": "02",
    "subject_id": "06"
  },
  "cjv": 0.36834720138832033,
  "cnr": 3.684209277718129,
  "efc": 0.4760718897941908,
  "fber": -1.0,
  "fwhm_avg": 3.283707460703585,
  "fwhm_x": 3.0709923821107554,
  "fwhm_y": 3.5314,
  "fwhm_z": 3.24873,
  "icvs_csf": 0.19324213260501052,
  "icvs_gm": 0.4650608889736478,
  "icvs_wm": 0.3416969784213417,
  "inu_med": 0.6448773741722107,
  "inu_range": 0.2561515510082244,
  "provenance": {
    "md5sum": "82bf7b1f8f9131ebb81ba21c93213181",
    "settings": {
      "testing": false
    },
    "software": "mriqc",
    "version": "23.0.1",
    "warnings": {
      "large_rot_frame": true,
      "small_air_mask": false
    },
    "webapi_port": null,
    "webapi_url": "https://mriqc.nimh.nih.gov/api/v1"
  },
  "qi_1": 0.00794732262214039,
  "qi_2": 0.04707130993704989,
  "rpve_csf": 22.400100147529155,
  "rpve_gm": 10.017327237417058,
  "rpve_wm": 15.309331681346452,
  "size_x": 128,
  "size_y": 192,
  "size_z": 256,
  "snr_csf": 1.83384260473767,
  "snr_gm": 9.592152209745981,
  "snr_total": 10.011669305485702,
  "snr_wm": 18.609013101973453,
  "snrd_csf": 26.466851705934026,
  "snrd_gm": 76.302734006985,
  "snrd_total": 72.01804444212523,
  "snrd_wm": 113.28454761345664,
  "spacing_x": 1.3300000429153442,
  "spacing_y": 1.0,
  "spacing_z": 1.0,
  "summary_bg_k": 18.363702457951536,
  "summary_bg_mad": 0.0,
  "summary_bg_mean": 2.254463652993708,
  "summary_bg_median": 0.0,
  "summary_bg_n": 2721968.0,
  "summary_bg_p05": 0.0,
  "summary_bg_p95": 15.673632860183716,
  "summary_bg_stdv": 5.783104751925228,
  "summary_csf_k": 0.6187807708631081,
  "summary_csf_mad": 118.04289107593564,
  "summary_csf_mean": 257.98949037197895,
  "summary_csf_median": 233.63161605596542,
  "summary_csf_n": 9987.0,
  "summary_csf_p05": 89.85382469296455,
  "summary_csf_p95": 503.9573186874389,
  "summary_csf_stdv": 127.39365874310913,
  "summary_gm_k": -0.010089058274006302,
  "summary_gm_mad": 69.23946891906103,
  "summary_gm_mean": 673.4914353273055,
  "summary_gm_median": 673.5493610501289,
  "summary_gm_n": 11884.0,
  "summary_gm_p05": 555.6914231777191,
  "summary_gm_p95": 788.6282860040665,
  "summary_gm_stdv": 70.2158397021821,
  "summary_wm_k": 0.4683316457613258,
  "summary_wm_mad": 51.00771349110238,
  "summary_wm_mean": 998.8954222254077,
  "summary_wm_median": 1000.0000085830688,
  "summary_wm_n": 103320.0,
  "summary_wm_p05": 908.9317552447319,
  "summary_wm_p95": 1084.0095691084862,
  "summary_wm_stdv": 53.73714144632218,
  "tpm_overlap_csf": 0.1491713364721881,
  "tpm_overlap_gm": 0.4805064679512409,
  "tpm_overlap_wm": 0.49689125398717837,
  "wm2max": 0.5993038322535517
}