{
  "bids_meta": {
    "AcquisitionMatrixPE": 192,
    "AcquisitionNumber": 1,
    "AcquisitionTime": "07:55:16.000000",
    "BaseResolution": 256,
    "BodyPartExamined": "BRAIN",
    "CoilCombinationMethod": "Adaptive Combine",
    "ConsistencyInfo": "N4_VE11B_LATEST_20150530",
    "ConversionSoftware": "dcm2niix",
    "ConversionSoftwareVersion": "v1.0.20211006",
    "DeviceSerialNumber": "66094",
    "DwellTime": 3e-06,
    "EchoTime": 0.00169,
    "FlipAngle": 7,
    "ImageOrientationPatientDICOM": [
      -0.0597319,
      0.997799,
      -0.0287891,
      -0.0166288,
      -0.0298312,
      -0.999417
    ],
    "ImageOrientationText": "Sag>Cor(-3.4)>Tra(1.1)",
    "ImageType": [
      "ORIGINAL",
      "PRIMARY",
      "OTHER",
      "ND",
      "NORM",
      "MEAN"
    ],
    "ImagingFrequency": 123.251,
    "InPlanePhaseEncodingDirectionDICOM": "ROW",
    "InstitutionAddress": "Mill Street 115,Belmount,Boston,US,02478",
    "InstitutionName": "Mclean Hospital",
    "InstitutionalDepartmentName": "Department",
    "InversionTime": 1.2,
    "MRAcquisitionType": "3D",
    "MagneticFieldStrength": 3,
    "Manufacturer": "Siemens",
    "ManufacturersModelName": "Prisma",
    "MatrixCoilMode": "GRAPPA",
    "Modality": "MR",
    "NumberOfAverages": 4,
    "ParallelReductionFactorInPlane": 2,
    "PartialFourier": 1,
    "PatientPosition": "HFS",
    "PercentPhaseFOV": 75,
    "PercentSampling": 100,
    "PhaseEncodingSteps": 191,
    "PhaseResolution": 1,
    "PixelBandwidth": 650,
    "ProcedureStepDescription": "3P,VA,45",
    "ProtocolName": "T1_MEMPRAGE1_gr2",
    "PulseSequenceDetails": "%CustomerSeq%\\tfl_mgh_multiecho",
    "ReceiveCoilActiveElements": "HC1-7",
    "ReceiveCoilName": "HeadNeck_64",
    "ReconMatrixPE": 192,
    "RefLinesPE": 32,
    "RepetitionTime": 2.53,
    "SAR": 0.0395783,
    "ScanOptions": "IR",
    "ScanningSequence": "GR\\IR",
    "SequenceName": "tfl_me3d4_16ns",
    "SequenceVariant": "SK\\SP\\MP",
    "SeriesDescription": "T1_MEMPRAGE1_gr2 RMS",
    "SeriesNumber": 6,
    "ShimSetting": [
      1608,
      -10030,
      -3863,
      426,
      -41,
      -387,
      -26,
      16
    ],
    "SliceThickness": 1.33,
    "SoftwareVersions": "syngo MR E11",
    "SpoilingState": true,
    "StationName": "AWP66094",
    "TxRefAmp": 220.226,
    "dataset": "ds004219",
    "modality": "T1w",
    "session_id": "02",
    "subject_id": "02"
  },
  "cjv": 0.3923489076323606,
  "cnr": 3.3876700322154916,
  "efc": 0.5736733105284273,
  "fber": 8246.145560954657,
  "fwhm_avg": 3.3415542271033094,
  "fwhm_x": 3.119112681309929,
  "fwhm_y": 3.65653,
  "fwhm_z": 3.24902,
  "icvs_csf": 0.1956573571164755,
  "icvs_gm": 0.45570320300449113,
  "icvs_wm": 0.3486394398790334,
  "inu_med": 0.6578027009963989,
  "inu_range": 0.34356868714094163,
  "provenance": {
    "md5sum": "132b016c4804d6a3edca1fd943fc07b5",
    "settings": {
      "testing": false
    },
    "software": "mriqc",
    "version": "23.0.1",
    "warnings": {
      "large_rot_frame": true,
      "small_air_mask": false
    },
    "webapi_port": null,
    "webapi_url": "https://mriqc.nimh.nih.gov/api/v1"
  },
  "qi_1": 0.0002951848090181202,
  "qi_2": 0.002125316755636348,
  "rpve_csf": 18.1585308982378,
  "rpve_gm": 8.39033891808279,
  "rpve_wm": 12.483394423747146,
  "size_x": 128,
  "size_y": 192,
  "size_z": 256,
  "snr_csf": 1.6600754269032103,
  "snr_gm": 8.928720588113428,
  "snr_total": 9.979250064779666,
  "snr_wm": 19.348954179322362,
  "snrd_csf": 15.44531293544396,
  "snrd_gm": 48.99958628813523,
  "snrd_total": 45.44119477844121,
  "snrd_wm": 71.87868511174445,
  "spacing_x": 1.3300000429153442,
  "spacing_y": 1.0,
  "spacing_z": 1.0,
  "summary_bg_k": 240.3405861824936,
  "summary_bg_mad": 9.114473465311617,
  "summary_bg_mean": 7.791240372707823,
  "summary_bg_median": 6.147618930786848,
  "summary_bg_n": 2059078.0,
  "summary_bg_p05": 0.0,
  "summary_bg_p95": 26.232386369258165,
  "summary_bg_stdv": 18.120817088137056,
  "summary_csf_k": 1.5540347967759054,
  "summary_csf_mad": 102.21230957528027,
  "summary_csf_mean": 245.77759520157198,
  "summary_csf_median": 214.88028281368315,
  "summary_csf_n": 17602.0,
  "summary_csf_p05": 86.2213101034984,
  "summary_csf_p95": 509.0285750644282,
  "summary_csf_stdv": 129.43639510883952,
  "summary_gm_k": -0.04494566715123138,
  "summary_gm_mad": 75.68975790758778,
  "summary_gm_mean": 681.2654775459205,
  "summary_gm_median": 681.6983898840845,
  "summary_gm_n": 18851.0,
  "summary_gm_p05": 553.9539232198149,
  "summary_gm_p95": 807.8009459022433,
  "summary_gm_stdv": 76.34691910122018,
  "summary_wm_k": 0.5111465323025537,
  "summary_wm_mad": 49.19551205811053,
  "summary_wm_mean": 1000.4769515898698,
  "summary_wm_median": 999.9999514184892,
  "summary_wm_n": 135235.0,
  "summary_wm_p05": 917.1025557741523,
  "summary_wm_p95": 1085.7229607328773,
  "summary_wm_stdv": 51.682186276133734,
  "tpm_overlap_csf": 0.1638337501175758,
  "tpm_overlap_gm": 0.47800730398398944,
  "tpm_overlap_wm": 0.5029797979971534,
  "wm2max": 0.49688583080884763
}