{
  "aor": 0.0005266,
  "aqi": 0.034943070625,
  "bids_meta": {
    "AcquisitionMatrixPE": 80,
    "AcquisitionNumber": 1,
    "AcquisitionTime": "08:40:33.397500",
    "BandwidthPerPixelPhaseEncode": 49.02,
    "BaseResolution": 80,
    "BodyPartExamined": "BRAIN",
    "CoilCombinationMethod": "Sum of Squares",
    "ConsistencyInfo": "N4_VE11B_LATEST_20150530",
    "ConversionSoftware": "dcm2niix",
    "ConversionSoftwareVersion": "v1.0.20211006",
    "DerivedVendorReportedEchoSpacing": 0.000509996,
    "DeviceSerialNumber": "66094",
    "DwellTime": 2.4e-06,
    "EchoTime": 0.03,
    "EchoTrainLength": 39,
    "EffectiveEchoSpacing": 0.000254998,
    "FlipAngle": 52,
    "ImageComments": "Unaliased MB6/PE4/LB",
    "ImageOrientationPatientDICOM": [
      0.999848,
      0.0174524,
      0,
      -0.0174524,
      0.999848,
      0
    ],
    "ImageOrientationText": "Tra",
    "ImageType": [
      "ORIGINAL",
      "PRIMARY",
      "M",
      "MB",
      "ND",
      "NORM",
      "MOSAIC"
    ],
    "ImagingFrequency": 123.251,
    "InPlanePhaseEncodingDirectionDICOM": "COL",
    "InstitutionAddress": "Mill Street 115,Belmount,Boston,US,02478",
    "InstitutionName": "McLean Hospital BIC",
    "InstitutionalDepartmentName": "Department",
    "MRAcquisitionType": "2D",
    "MagneticFieldStrength": 3,
    "Manufacturer": "Siemens",
    "ManufacturersModelName": "Prisma",
    "MatrixCoilMode": "GRAPPA",
    "Modality": "MR",
    "MultibandAccelerationFactor": 6,
    "ParallelReductionFactorInPlane": 2,
    "PartialFourier": 1,
    "PatientPosition": "HFS",
    "PercentPhaseFOV": 100,
    "PercentSampling": 100,
    "PhaseEncodingDirection": "j",
    "PhaseEncodingSteps": 79,
    "PhaseResolution": 1,
    "PixelBandwidth": 2605,
    "ProcedureStepDescription": "3P,VA,45",
    "ProtocolName": "GNG_BOLDP_mb",
    "PulseSequenceDetails": "%CustomerSeq%\\cmrr_mbep2d_bold",
    "ReceiveCoilActiveElements": "HC1-7",
    "ReceiveCoilName": "HeadNeck_64",
    "ReconMatrixPE": 80,
    "RefLinesPE": 24,
    "RepetitionTime": 0.75,
    "SAR": 0.0474971,
    "ScanOptions": "FS",
    "ScanningSequence": "EP",
    "SequenceName": "epfid2d1_80",
    "SequenceVariant": "SK\\SS",
    "SeriesDescription": "GNG_BOLDP_mb",
    "SeriesNumber": 13,
    "ShimSetting": [
      1609,
      -9965,
      -4081,
      354,
      -18,
      -194,
      145,
      -48
    ],
    "SliceThickness": 2.75,
    "SliceTiming": [
      0,
      0.405,
      0.08,
      0.485,
      0.16,
      0.5675,
      0.2425,
      0.6475,
      0.3225,
      0,
      0.405,
      0.08,
      0.485,
      0.16,
      0.5675,
      0.2425,
      0.6475,
      0.3225,
      0,
      0.405,
      0.08,
      0.485,
      0.16,
      0.5675,
      0.2425,
      0.6475,
      0.3225,
      0,
      0.405,
      0.08,
      0.485,
      0.16,
      0.5675,
      0.2425,
      0.6475,
      0.3225,
      0,
      0.405,
      0.08,
      0.485,
      0.16,
      0.5675,
      0.2425,
      0.6475,
      0.3225,
      0,
      0.405,
      0.08,
      0.485,
      0.16,
      0.5675,
      0.2425,
      0.6475,
      0.3225
    ],
    "SoftwareVersions": "syngo MR E11",
    "SpacingBetweenSlices": 2.75,
    "StationName": "AWP66094",
    "TaskName": "no4 attention",
    "TotalReadoutTime": 0.0201448,
    "TxRefAmp": 228.953,
    "WipMemBlock": "f0c4a020-3949-4bdf-989f-cacb3c37e135||Sequence: ve11b/master r/50434d5; Mar  3 2017 10:46:13 by eja",
    "dataset": "ds004219",
    "modality": "bold",
    "session_id": "01",
    "subject_id": "09",
    "task_id": "atten"
  },
  "dummy_trs": 0,
  "dvars_nstd": 48.413815380187756,
  "dvars_std": 1.1430538777096368,
  "dvars_vstd": 0.99075372020025,
  "efc": 0.43554420663062166,
  "fber": 12391.3583984375,
  "fd_mean": 0.14801186541164355,
  "fd_num": 122,
  "fd_perc": 15.25,
  "fwhm_avg": 1.734489696969697,
  "fwhm_x": 1.6804181818181818,
  "fwhm_y": 1.8460945454545454,
  "fwhm_z": 1.6769563636363636,
  "gcor": 0.00902767,
  "gsr_x": -0.003552638692781329,
  "gsr_y": 0.005145518574863672,
  "provenance": {
    "md5sum": "0fa39a84e56660d75eb7f529e02ecab9",
    "settings": {
      "fd_thres": 0.2,
      "testing": false
    },
    "software": "mriqc",
    "version": "23.0.1",
    "webapi_port": null,
    "webapi_url": "https://mriqc.nimh.nih.gov/api/v1"
  },
  "size_t": 800,
  "size_x": 80,
  "size_y": 80,
  "size_z": 54,
  "snr": 7.161997318776447,
  "spacing_tr": 0.75,
  "spacing_x": 2.75,
  "spacing_y": 2.75,
  "spacing_z": 2.75,
  "summary_bg_k": 25.47601664322026,
  "summary_bg_mad": 61.27039287347002,
  "summary_bg_mean": 323.80029296875,
  "summary_bg_median": 81.76625061035156,
  "summary_bg_n": 247247.0,
  "summary_bg_p05": 27.6875,
  "summary_bg_p95": 1469.36848144531,
  "summary_bg_stdv": 729.8504638671875,
  "summary_fg_k": 0.31391417530335985,
  "summary_fg_mad": 1311.4152328561781,
  "summary_fg_mean": 8970.0400390625,
  "summary_fg_median": 8965.96484375,
  "summary_fg_n": 46990.0,
  "summary_fg_p05": 7051.7150390625,
  "summary_fg_p95": 11020.727832031249,
  "summary_fg_stdv": 1251.8671875,
  "tsnr": 27.168138586799614
}