{
  "aor": 0.0003867669172932331,
  "aqi": 0.025571021428571428,
  "bids_meta": {
    "AcquisitionMatrixPE": 80,
    "AcquisitionNumber": 1,
    "AcquisitionTime": "08:22:42.277500",
    "BandwidthPerPixelPhaseEncode": 49.02,
    "BaseResolution": 80,
    "BodyPartExamined": "BRAIN",
    "CoilCombinationMethod": "Sum of Squares",
    "ConsistencyInfo": "N4_VE11B_LATEST_20150530",
    "ConversionSoftware": "dcm2niix",
    "ConversionSoftwareVersion": "v1.0.20211006",
    "DerivedVendorReportedEchoSpacing": 0.000509996,
    "DeviceSerialNumber": "66094",
    "DwellTime": 2.4e-06,
    "EchoTime": 0.03,
    "EchoTrainLength": 39,
    "EffectiveEchoSpacing": 0.000254998,
    "FlipAngle": 52,
    "ImageComments": "Unaliased MB6/PE4/LB",
    "ImageOrientationPatientDICOM": [
      0.999848,
      0.0174524,
      0,
      -0.0174524,
      0.999848,
      0
    ],
    "ImageOrientationText": "Tra",
    "ImageType": [
      "ORIGINAL",
      "PRIMARY",
      "M",
      "MB",
      "ND",
      "NORM",
      "MOSAIC"
    ],
    "ImagingFrequency": 123.251,
    "InPlanePhaseEncodingDirectionDICOM": "COL",
    "InstitutionAddress": "Mill Street 115,Belmount,Boston,US,02478",
    "InstitutionName": "Mclean Hospital",
    "InstitutionalDepartmentName": "Department",
    "MRAcquisitionType": "2D",
    "MagneticFieldStrength": 3,
    "Manufacturer": "Siemens",
    "ManufacturersModelName": "Prisma",
    "MatrixCoilMode": "GRAPPA",
    "Modality": "MR",
    "MultibandAccelerationFactor": 6,
    "ParallelReductionFactorInPlane": 2,
    "PartialFourier": 1,
    "PatientPosition": "HFS",
    "PercentPhaseFOV": 100,
    "PercentSampling": 100,
    "PhaseEncodingDirection": "j",
    "PhaseEncodingSteps": 79,
    "PhaseResolution": 1,
    "PixelBandwidth": 2605,
    "ProcedureStepDescription": "3P,VA,45",
    "ProtocolName": "GNG_BOLDP_mb",
    "PulseSequenceDetails": "%CustomerSeq%\\cmrr_mbep2d_bold",
    "ReceiveCoilActiveElements": "HC1-7",
    "ReceiveCoilName": "HeadNeck_64",
    "ReconMatrixPE": 80,
    "RefLinesPE": 24,
    "RepetitionTime": 0.75,
    "SAR": 0.054409,
    "ScanOptions": "FS",
    "ScanningSequence": "EP",
    "SequenceName": "epfid2d1_80",
    "SequenceVariant": "SK\\SS",
    "SeriesDescription": "GNG_BOLDP_mb",
    "SeriesNumber": 13,
    "ShimSetting": [
      1614,
      -9991,
      -3846,
      516,
      -14,
      -204,
      -27,
      18
    ],
    "SliceThickness": 2.75,
    "SliceTiming": [
      0,
      0.405,
      0.08,
      0.4875,
      0.1625,
      0.5675,
      0.2425,
      0.6475,
      0.325,
      0,
      0.405,
      0.08,
      0.4875,
      0.1625,
      0.5675,
      0.2425,
      0.6475,
      0.325,
      0,
      0.405,
      0.08,
      0.4875,
      0.1625,
      0.5675,
      0.2425,
      0.6475,
      0.325,
      0,
      0.405,
      0.08,
      0.4875,
      0.1625,
      0.5675,
      0.2425,
      0.6475,
      0.325,
      0,
      0.405,
      0.08,
      0.4875,
      0.1625,
      0.5675,
      0.2425,
      0.6475,
      0.325,
      0,
      0.405,
      0.08,
      0.4875,
      0.1625,
      0.5675,
      0.2425,
      0.6475,
      0.325
    ],
    "SoftwareVersions": "syngo MR E11",
    "SpacingBetweenSlices": 2.75,
    "StationName": "AWP66094",
    "TaskName": "no4 attention",
    "TotalReadoutTime": 0.0201448,
    "TxRefAmp": 220.226,
    "WipMemBlock": "d2ce7b96-91d5-40af-bb1d-c7280940f633||Sequence: ve11b/master r/50434d5; Mar  3 2017 10:46:13 by eja",
    "dataset": "ds004219",
    "modality": "bold",
    "session_id": "02",
    "subject_id": "02",
    "task_id": "atten"
  },
  "dummy_trs": 2,
  "dvars_nstd": 48.29851654490592,
  "dvars_std": 1.2049544685194473,
  "dvars_vstd": 1.0067879340652441,
  "efc": 0.4529873486918969,
  "fber": 11497.3408203125,
  "fd_mean": 0.11399834525299506,
  "fd_num": 71,
  "fd_perc": 8.897243107769423,
  "fwhm_avg": 1.8666145454545455,
  "fwhm_x": 1.7904145454545455,
  "fwhm_y": 2.0413890909090906,
  "fwhm_z": 1.76804,
  "gcor": 0.02109,
  "gsr_x": -0.006050249096006155,
  "gsr_y": 0.014313680119812489,
  "provenance": {
    "md5sum": "3e795c83c8471f8d8c56744931248b8c",
    "settings": {
      "fd_thres": 0.2,
      "testing": false
    },
    "software": "mriqc",
    "version": "23.0.1",
    "webapi_port": null,
    "webapi_url": "https://mriqc.nimh.nih.gov/api/v1"
  },
  "size_t": 798,
  "size_x": 80,
  "size_y": 80,
  "size_z": 54,
  "snr": 6.810640628513458,
  "spacing_tr": 0.75,
  "spacing_x": 2.75,
  "spacing_y": 2.75,
  "spacing_z": 2.75,
  "summary_bg_k": 36.82591183590572,
  "summary_bg_mad": 68.00276001004065,
  "summary_bg_mean": 329.9019775390625,
  "summary_bg_median": 88.73182678222656,
  "summary_bg_n": 239375.0,
  "summary_bg_p05": 26.23320713043213,
  "summary_bg_p95": 1448.774011230467,
  "summary_bg_stdv": 745.05322265625,
  "summary_fg_k": 1.204123629915447,
  "summary_fg_mad": 1301.2831524605706,
  "summary_fg_mean": 9367.9599609375,
  "summary_fg_median": 9330.3447265625,
  "summary_fg_n": 52531.0,
  "summary_fg_p05": 7321.69677734375,
  "summary_fg_p95": 11706.234375,
  "summary_fg_stdv": 1369.9527587890625,
  "tsnr": 34.1076216121437
}