{
  "aor": 0.0005626,
  "aqi": 0.0308294085,
  "bids_meta": {
    "AcquisitionMatrixPE": 80,
    "AcquisitionNumber": 1,
    "AcquisitionTime": "07:51:29.962500",
    "BandwidthPerPixelPhaseEncode": 49.02,
    "BaseResolution": 80,
    "BodyPartExamined": "BRAIN",
    "CoilCombinationMethod": "Sum of Squares",
    "ConsistencyInfo": "N4_VE11B_LATEST_20150530",
    "ConversionSoftware": "dcm2niix",
    "ConversionSoftwareVersion": "v1.0.20211006",
    "DerivedVendorReportedEchoSpacing": 0.000509996,
    "DeviceSerialNumber": "66094",
    "DwellTime": 2.4e-06,
    "EchoTime": 0.03,
    "EchoTrainLength": 39,
    "EffectiveEchoSpacing": 0.000254998,
    "FlipAngle": 52,
    "ImageComments": "Unaliased MB6/PE4/LB",
    "ImageOrientationPatientDICOM": [
      0.999303,
      0.0198715,
      -0.0316039,
      -0.0174428,
      0.997005,
      0.0753468
    ],
    "ImageOrientationText": "Tra>Cor(4.3)>Sag(-1.9)",
    "ImageType": [
      "ORIGINAL",
      "PRIMARY",
      "M",
      "MB",
      "ND",
      "NORM",
      "MOSAIC"
    ],
    "ImagingFrequency": 123.251,
    "InPlanePhaseEncodingDirectionDICOM": "COL",
    "InstitutionAddress": "Mill Street 115,Belmount,Boston,US,02478",
    "InstitutionName": "Mclean Hospital",
    "InstitutionalDepartmentName": "Department",
    "MRAcquisitionType": "2D",
    "MagneticFieldStrength": 3,
    "Manufacturer": "Siemens",
    "ManufacturersModelName": "Prisma",
    "MatrixCoilMode": "GRAPPA",
    "Modality": "MR",
    "MultibandAccelerationFactor": 6,
    "ParallelReductionFactorInPlane": 2,
    "PartialFourier": 1,
    "PatientPosition": "HFS",
    "PercentPhaseFOV": 100,
    "PercentSampling": 100,
    "PhaseEncodingDirection": "j",
    "PhaseEncodingSteps": 79,
    "PhaseResolution": 1,
    "PixelBandwidth": 2605,
    "ProcedureStepDescription": "3P,No VA Brain,45",
    "ProtocolName": "GNG_BOLDP_mb",
    "PulseSequenceDetails": "%CustomerSeq%\\cmrr_mbep2d_bold",
    "ReceiveCoilActiveElements": "HC1-7",
    "ReceiveCoilName": "HeadNeck_64",
    "ReconMatrixPE": 80,
    "RefLinesPE": 24,
    "RepetitionTime": 0.75,
    "SAR": 0.0536372,
    "ScanOptions": "FS",
    "ScanningSequence": "EP",
    "SequenceName": "epfid2d1_80",
    "SequenceVariant": "SK\\SS",
    "SeriesDescription": "GNG_BOLDP_mb",
    "SeriesNumber": 11,
    "ShimSetting": [
      1616,
      -9983,
      -3904,
      488,
      0,
      -102,
      95,
      -20
    ],
    "SliceThickness": 2.75,
    "SliceTiming": [
      0,
      0.405,
      0.0825,
      0.4875,
      0.1625,
      0.5675,
      0.2425,
      0.65,
      0.325,
      0,
      0.405,
      0.0825,
      0.4875,
      0.1625,
      0.5675,
      0.2425,
      0.65,
      0.325,
      0,
      0.405,
      0.0825,
      0.4875,
      0.1625,
      0.5675,
      0.2425,
      0.65,
      0.325,
      0,
      0.405,
      0.0825,
      0.4875,
      0.1625,
      0.5675,
      0.2425,
      0.65,
      0.325,
      0,
      0.405,
      0.0825,
      0.4875,
      0.1625,
      0.5675,
      0.2425,
      0.65,
      0.325,
      0,
      0.405,
      0.0825,
      0.4875,
      0.1625,
      0.5675,
      0.2425,
      0.65,
      0.325
    ],
    "SoftwareVersions": "syngo MR E11",
    "SpacingBetweenSlices": 2.75,
    "StationName": "AWP66094",
    "TaskName": "no4 attention",
    "TotalReadoutTime": 0.0201448,
    "TxRefAmp": 231.805,
    "WipMemBlock": "c1a1b128-ccd7-4f1e-ba32-f9d9de35f610||Sequence: ve11b/master r/50434d5; Mar  3 2017 10:46:13 by eja",
    "dataset": "ds004219",
    "modality": "bold",
    "session_id": "02",
    "subject_id": "08",
    "task_id": "atten"
  },
  "dummy_trs": 0,
  "dvars_nstd": 47.13551697707134,
  "dvars_std": 1.1575982587734666,
  "dvars_vstd": 0.9874548132790987,
  "efc": 0.44489037406436627,
  "fber": 13758.1318359375,
  "fd_mean": 0.0792484879175555,
  "fd_num": 30,
  "fd_perc": 3.75,
  "fwhm_avg": 1.795461818181818,
  "fwhm_x": 1.7036036363636364,
  "fwhm_y": 1.9375454545454545,
  "fwhm_z": 1.7452363636363637,
  "gcor": 0.0122322,
  "gsr_x": -0.002621466526761651,
  "gsr_y": 0.007830765098333359,
  "provenance": {
    "md5sum": "4eb1db053ac7e7a2c61b8d5f7363e2ba",
    "settings": {
      "fd_thres": 0.2,
      "testing": false
    },
    "software": "mriqc",
    "version": "23.0.1",
    "webapi_port": null,
    "webapi_url": "https://mriqc.nimh.nih.gov/api/v1"
  },
  "size_t": 800,
  "size_x": 80,
  "size_y": 80,
  "size_z": 54,
  "snr": 7.128635471520995,
  "spacing_tr": 0.75,
  "spacing_x": 2.75,
  "spacing_y": 2.75,
  "spacing_z": 2.75,
  "summary_bg_k": 37.95600927644168,
  "summary_bg_mad": 52.25616301455159,
  "summary_bg_mean": 268.1543884277344,
  "summary_bg_median": 76.0687484741211,
  "summary_bg_n": 239819.0,
  "summary_bg_p05": 2.1598748683929463,
  "summary_bg_p95": 1111.5270751953092,
  "summary_bg_stdv": 630.892822265625,
  "summary_fg_k": 0.7877630698848819,
  "summary_fg_mad": 1231.804271639733,
  "summary_fg_mean": 8835.6640625,
  "summary_fg_median": 8786.291015625,
  "summary_fg_n": 52720.0,
  "summary_fg_p05": 6996.174536132812,
  "summary_fg_p95": 10945.250195312497,
  "summary_fg_stdv": 1232.5230712890625,
  "tsnr": 32.01653639739379
}