{
  "aor": 0.0015829375000000004,
  "aqi": 0.038874021875,
  "bids_meta": {
    "AcquisitionMatrixPE": 80,
    "AcquisitionNumber": 1,
    "AcquisitionTime": "09:33:31.800000",
    "BandwidthPerPixelPhaseEncode": 48.077,
    "BaseResolution": 80,
    "CoilCombinationMethod": "Sum of Squares",
    "CoilString": "t:HEA;HEP",
    "ConversionSoftware": "dcm2niix",
    "ConversionSoftwareVersion": "v1.0.20211006",
    "DerivedVendorReportedEchoSpacing": 0.000519999,
    "DeviceSerialNumber": "35070",
    "DwellTime": 2.3e-06,
    "EchoTime": 0.03,
    "EffectiveEchoSpacing": 0.00026,
    "FlipAngle": 52,
    "ImageComments": "Unaliased MB6/PE4 (remote)",
    "ImageOrientationPatientDICOM": [
      1,
      -4.99026e-05,
      0.000664189,
      -3.58113e-08,
      0.997185,
      0.0749755
    ],
    "ImageOrientationText": "Tra>Cor(4.3)>Sag(0.0)",
    "ImageType": [
      "ORIGINAL",
      "PRIMARY",
      "M",
      "MB",
      "ND",
      "NORM",
      "MOSAIC"
    ],
    "ImagingFrequency": 123.244,
    "InPlanePhaseEncodingDirectionDICOM": "COL",
    "InstitutionAddress": "Mill Street 115,Belmount/FC5C61/,Northeast,US,02478",
    "InstitutionName": "Mclean Hospital",
    "InstitutionalDepartmentName": "Department",
    "MRAcquisitionType": "2D",
    "MagneticFieldStrength": 3,
    "Manufacturer": "Siemens",
    "ManufacturersModelName": "TrioTim",
    "MatrixCoilMode": "GRAPPA",
    "Modality": "MR",
    "MultibandAccelerationFactor": 6,
    "ParallelReductionFactorInPlane": 2,
    "PartialFourier": 1,
    "PatientPosition": "HFS",
    "PercentPhaseFOV": 100,
    "PercentSampling": 100,
    "PhaseEncodingDirection": "j",
    "PhaseEncodingSteps": 79,
    "PhaseResolution": 1,
    "PixelBandwidth": 2717,
    "ProcedureStepDescription": "3T,No VA Brain,60",
    "ProtocolName": "BOLDmb_GNG",
    "PulseSequenceDetails": "%CustomerSeq%\\cmrr_mbep2d_bold",
    "ReceiveCoilName": "32Ch_Head",
    "ReconMatrixPE": 80,
    "RefLinesPE": 24,
    "RepetitionTime": 0.75,
    "SAR": 0.0674129,
    "ScanOptions": "FS",
    "ScanningSequence": "EP",
    "SequenceName": "epfid2d1_80",
    "SequenceVariant": "SK\\SS",
    "SeriesDescription": "BOLDmb_GNG",
    "SeriesNumber": 14,
    "ShimSetting": [
      -1199,
      -9680,
      -25530,
      893,
      37,
      27,
      467,
      78
    ],
    "SliceThickness": 2.8,
    "SliceTiming": [
      0,
      0.4175,
      0.0825,
      0.5,
      0.1675,
      0.585,
      0.25,
      0.6675,
      0.3325,
      0,
      0.4175,
      0.0825,
      0.5,
      0.1675,
      0.585,
      0.25,
      0.6675,
      0.3325,
      0,
      0.4175,
      0.0825,
      0.5,
      0.1675,
      0.585,
      0.25,
      0.6675,
      0.3325,
      0,
      0.4175,
      0.0825,
      0.5,
      0.1675,
      0.585,
      0.25,
      0.6675,
      0.3325,
      0,
      0.4175,
      0.0825,
      0.5,
      0.1675,
      0.585,
      0.25,
      0.6675,
      0.3325,
      0,
      0.4175,
      0.0825,
      0.5,
      0.1675,
      0.585,
      0.25,
      0.6675,
      0.3325
    ],
    "SoftwareVersions": "syngo MR B17",
    "SpacingBetweenSlices": 2.8,
    "StationName": "MRC35070",
    "TaskName": "no4 attention",
    "TotalReadoutTime": 0.02054,
    "TxRefAmp": 303.931,
    "dataset": "ds004219",
    "modality": "bold",
    "session_id": "02",
    "subject_id": "09",
    "task_id": "atten"
  },
  "dummy_trs": 0,
  "dvars_nstd": 45.46395797655817,
  "dvars_std": 1.1240363817772212,
  "dvars_vstd": 1.026313902428036,
  "efc": 0.42440111762966826,
  "fber": 12408.0322265625,
  "fd_mean": 0.08804639809933423,
  "fd_num": 89,
  "fd_perc": 11.125,
  "fwhm_avg": 1.616347736028508,
  "fwhm_x": 1.5331345454545455,
  "fwhm_y": 1.7734836363636364,
  "fwhm_z": 1.5424250262673416,
  "gcor": 0.0164249,
  "gsr_x": 0.0005883635021746159,
  "gsr_y": 0.00777039909735322,
  "provenance": {
    "md5sum": "a3506ebc95085cf9f98360ea34611d8a",
    "settings": {
      "fd_thres": 0.2,
      "testing": false
    },
    "software": "mriqc",
    "version": "23.0.1",
    "webapi_port": null,
    "webapi_url": "https://mriqc.nimh.nih.gov/api/v1"
  },
  "size_t": 800,
  "size_x": 80,
  "size_y": 80,
  "size_z": 54,
  "snr": 7.73712168746304,
  "spacing_tr": 0.75,
  "spacing_x": 2.75,
  "spacing_y": 2.75,
  "spacing_z": 2.799999952316284,
  "summary_bg_k": 29.594642359914488,
  "summary_bg_mad": 4.243948426296388,
  "summary_bg_mean": 15.439111709594727,
  "summary_bg_median": 4.258749961853027,
  "summary_bg_n": 249611.0,
  "summary_bg_p05": 0.14999999105930328,
  "summary_bg_p95": 65.70500183105469,
  "summary_bg_stdv": 35.41720199584961,
  "summary_fg_k": 0.9573488354418918,
  "summary_fg_mad": 61.116530136369626,
  "summary_fg_mean": 468.9139404296875,
  "summary_fg_median": 468.8505859375,
  "summary_fg_n": 45116.0,
  "summary_fg_p05": 375.9015579223633,
  "summary_fg_p95": 567.0465393066406,
  "summary_fg_stdv": 60.59687423706055,
  "tsnr": 26.775078207137994
}