{
  "aor": 0.0007827666666666667,
  "aqi": 0.004756161166666667,
  "bids_meta": {
    "AcquisitionMatrixPE": 64,
    "AcquisitionNumber": 1,
    "AcquisitionTime": "08:39:27.052500",
    "BandwidthPerPixelPhaseEncode": 63.776,
    "BaseResolution": 64,
    "BodyPartExamined": "BRAIN",
    "CoilCombinationMethod": "Sum of Squares",
    "ConsistencyInfo": "N4_VE11B_LATEST_20150530",
    "ConversionSoftware": "dcm2niix",
    "ConversionSoftwareVersion": "v1.0.20211006",
    "DerivedVendorReportedEchoSpacing": 0.000489996,
    "DeviceSerialNumber": "66094",
    "DwellTime": 3.2e-06,
    "EchoTime": 0.029,
    "EchoTrainLength": 31,
    "EffectiveEchoSpacing": 0.000244998,
    "FlipAngle": 75,
    "ImageOrientationPatientDICOM": [
      0.999848,
      0.0174524,
      0,
      -0.0174524,
      0.999848,
      0
    ],
    "ImageOrientationText": "Tra",
    "ImageType": [
      "ORIGINAL",
      "PRIMARY",
      "M",
      "ND",
      "NORM",
      "MOSAIC"
    ],
    "ImagingFrequency": 123.251,
    "InPlanePhaseEncodingDirectionDICOM": "COL",
    "InstitutionAddress": "Mill Street 115,Belmount,Boston,US,02478",
    "InstitutionName": "McLean Hospital BIC",
    "InstitutionalDepartmentName": "Department",
    "MRAcquisitionType": "2D",
    "MagneticFieldStrength": 3,
    "Manufacturer": "Siemens",
    "ManufacturersModelName": "Prisma",
    "MatrixCoilMode": "GRAPPA",
    "Modality": "MR",
    "ParallelReductionFactorInPlane": 2,
    "PartialFourier": 1,
    "PatientPosition": "HFS",
    "PercentPhaseFOV": 100,
    "PercentSampling": 100,
    "PhaseEncodingDirection": "j",
    "PhaseEncodingSteps": 63,
    "PhaseResolution": 1,
    "PixelBandwidth": 2440,
    "ProcedureStepDescription": "3P,VA,45",
    "ProtocolName": "Go-NoGo",
    "PulseSequenceDetails": "%SiemensSeq%\\ep2d_pace",
    "ReceiveCoilActiveElements": "HC1-7",
    "ReceiveCoilName": "HeadNeck_64",
    "ReconMatrixPE": 64,
    "RefLinesPE": 24,
    "RepetitionTime": 2,
    "SAR": 0.0704293,
    "ScanOptions": "FS",
    "ScanningSequence": "EP",
    "SequenceName": "*epfid2d1_64",
    "SequenceVariant": "SK",
    "SeriesDescription": "Go-NoGo",
    "SeriesNumber": 14,
    "ShimSetting": [
      1608,
      -9925,
      -3934,
      425,
      4,
      -133,
      32,
      -16
    ],
    "SliceThickness": 3.5,
    "SliceTiming": [
      0.99,
      0,
      1.0425,
      0.0525,
      1.095,
      0.105,
      1.1475,
      0.1575,
      1.1975,
      0.2075,
      1.25,
      0.26,
      1.3025,
      0.3125,
      1.355,
      0.365,
      1.4075,
      0.4175,
      1.46,
      0.47,
      1.51,
      0.52,
      1.5625,
      0.5725,
      1.615,
      0.625,
      1.6675,
      0.6775,
      1.72,
      0.73,
      1.7725,
      0.7825,
      1.8225,
      0.835,
      1.875,
      0.885,
      1.9275,
      0.9375
    ],
    "SoftwareVersions": "syngo MR E11",
    "SpacingBetweenSlices": 3.5,
    "StationName": "AWP66094",
    "TaskName": "no4 attention",
    "TotalReadoutTime": 0.0154349,
    "TxRefAmp": 234.559,
    "dataset": "ds004219",
    "modality": "bold",
    "session_id": "01",
    "subject_id": "01",
    "task_id": "atten"
  },
  "dummy_trs": 0,
  "dvars_nstd": 21.079884784214038,
  "dvars_std": 1.4385283500668888,
  "dvars_vstd": 0.9933106094314381,
  "efc": 0.43755074928322213,
  "fber": 6451.03515625,
  "fd_mean": 0.08132350028568734,
  "fd_num": 4,
  "fd_perc": 1.3333333333333333,
  "fwhm_avg": 1.6007609523809523,
  "fwhm_x": 1.5130057142857143,
  "fwhm_y": 1.7376685714285713,
  "fwhm_z": 1.5516085714285714,
  "gcor": 0.023637,
  "gsr_x": -0.005639336071908474,
  "gsr_y": 0.004578045103698969,
  "provenance": {
    "md5sum": "51a9d79a09612a45af3dcdf5bf8ad1d3",
    "settings": {
      "fd_thres": 0.2,
      "testing": false
    },
    "software": "mriqc",
    "version": "23.0.1",
    "webapi_port": null,
    "webapi_url": "https://mriqc.nimh.nih.gov/api/v1"
  },
  "size_t": 300,
  "size_x": 64,
  "size_y": 64,
  "size_z": 38,
  "snr": 7.668943044962104,
  "spacing_tr": 2.0,
  "spacing_x": 3.5,
  "spacing_y": 3.5,
  "spacing_z": 3.5,
  "summary_bg_k": 53.729275457256264,
  "summary_bg_mad": 5.184166115567568,
  "summary_bg_mean": 21.6573543548584,
  "summary_bg_median": 10.176667213439941,
  "summary_bg_n": 103772.0,
  "summary_bg_p05": 0.0,
  "summary_bg_p95": 75.09667205810547,
  "summary_bg_stdv": 39.868961334228516,
  "summary_fg_k": 1.9637321440034823,
  "summary_fg_mad": 107.55535260404864,
  "summary_fg_mean": 810.8458251953125,
  "summary_fg_median": 813.068359375,
  "summary_fg_n": 21420.0,
  "summary_fg_p05": 652.6593658447266,
  "summary_fg_p95": 974.5136993408203,
  "summary_fg_stdv": 106.01844024658203,
  "tsnr": 97.2674966705963
}