{
  "bids_meta": {
    "AcquisitionMatrixPE": 192,
    "AcquisitionNumber": 1,
    "AcquisitionTime": "08:12:6.802500",
    "BaseResolution": 256,
    "BodyPartExamined": "BRAIN",
    "CoilCombinationMethod": "Adaptive Combine",
    "ConsistencyInfo": "N4_VE11B_LATEST_20150530",
    "ConversionSoftware": "dcm2niix",
    "ConversionSoftwareVersion": "v1.0.20211006",
    "DeviceSerialNumber": "66094",
    "DwellTime": 3e-06,
    "EchoTime": 0.00169,
    "FlipAngle": 7,
    "ImageOrientationPatientDICOM": [
      0.0248779,
      0.988128,
      0.151603,
      0.0103594,
      0.151387,
      -0.98842
    ],
    "ImageOrientationText": "Sag>Cor(1.5)>Tra(-0.4)",
    "ImageType": [
      "ORIGINAL",
      "PRIMARY",
      "OTHER",
      "ND",
      "NORM",
      "MEAN"
    ],
    "ImagingFrequency": 123.251,
    "InPlanePhaseEncodingDirectionDICOM": "ROW",
    "InstitutionAddress": "Mill Street 115,Belmount,Boston,US,02478",
    "InstitutionName": "McLean Hospital BIC",
    "InstitutionalDepartmentName": "Department",
    "InversionTime": 1.2,
    "MRAcquisitionType": "3D",
    "MagneticFieldStrength": 3,
    "Manufacturer": "Siemens",
    "ManufacturersModelName": "Prisma",
    "MatrixCoilMode": "GRAPPA",
    "Modality": "MR",
    "NumberOfAverages": 4,
    "ParallelReductionFactorInPlane": 2,
    "PartialFourier": 1,
    "PatientPosition": "HFS",
    "PercentPhaseFOV": 75,
    "PercentSampling": 100,
    "PhaseEncodingSteps": 191,
    "PhaseResolution": 1,
    "PixelBandwidth": 650,
    "ProcedureStepDescription": "3P,VA,45",
    "ProtocolName": "T1_MEMPRAGE1_gr2",
    "PulseSequenceDetails": "%CustomerSeq%\\tfl_mgh_multiecho",
    "ReceiveCoilActiveElements": "HC1-7",
    "ReceiveCoilName": "HeadNeck_64",
    "ReconMatrixPE": 192,
    "RefLinesPE": 32,
    "RepetitionTime": 2.53,
    "SAR": 0.0345505,
    "ScanOptions": "IR",
    "ScanningSequence": "GR\\IR",
    "SequenceName": "tfl_me3d4_16ns",
    "SequenceVariant": "SK\\SP\\MP",
    "SeriesDescription": "T1_MEMPRAGE1_gr2 RMS",
    "SeriesNumber": 6,
    "ShimSetting": [
      1609,
      -10017,
      -4086,
      96,
      -5,
      -416,
      67,
      -52
    ],
    "SliceThickness": 1.33,
    "SoftwareVersions": "syngo MR E11",
    "SpoilingState": true,
    "StationName": "AWP66094",
    "TxRefAmp": 228.953,
    "dataset": "ds004219",
    "modality": "T1w",
    "session_id": "01",
    "subject_id": "09"
  },
  "cjv": 0.38288350334961785,
  "cnr": 3.5363630897752896,
  "efc": 0.541152615126488,
  "fber": 16200.000042165626,
  "fwhm_avg": 3.427769488999388,
  "fwhm_x": 3.236428466998164,
  "fwhm_y": 3.72049,
  "fwhm_z": 3.32639,
  "icvs_csf": 0.2270346142989239,
  "icvs_gm": 0.4257842413966902,
  "icvs_wm": 0.3471811443043859,
  "inu_med": 0.6534903049468994,
  "inu_range": 0.28438951075077057,
  "provenance": {
    "md5sum": "6a5ec994417372f547874a801a5294ee",
    "settings": {
      "testing": false
    },
    "software": "mriqc",
    "version": "23.0.1",
    "warnings": {
      "large_rot_frame": true,
      "small_air_mask": false
    },
    "webapi_port": null,
    "webapi_url": "https://mriqc.nimh.nih.gov/api/v1"
  },
  "qi_1": 0.0007543129668832275,
  "qi_2": 0.0027985500119223116,
  "rpve_csf": 18.63035330866653,
  "rpve_gm": 10.113204464392208,
  "rpve_wm": 14.215029494158108,
  "size_x": 128,
  "size_y": 192,
  "size_z": 256,
  "snr_csf": 1.8024700287680013,
  "snr_gm": 8.817957369726209,
  "snr_total": 9.787129713592307,
  "snr_wm": 18.74096174228271,
  "snrd_csf": 11.453983408917702,
  "snrd_gm": 31.198360659819716,
  "snrd_total": 29.775151985749428,
  "snrd_wm": 46.67311188851086,
  "spacing_x": 1.3300000429153442,
  "spacing_y": 1.0,
  "spacing_z": 1.0,
  "summary_bg_k": 929.2988686614979,
  "summary_bg_mad": 0.0,
  "summary_bg_mean": 5.740024348720849,
  "summary_bg_median": 0.0,
  "summary_bg_n": 2494052.0,
  "summary_bg_p05": 0.0,
  "summary_bg_p95": 23.83690658211708,
  "summary_bg_stdv": 14.036699213205946,
  "summary_csf_k": 0.4656857279613984,
  "summary_csf_mad": 139.14089475806833,
  "summary_csf_mean": 269.5929539981476,
  "summary_csf_median": 245.4086201041937,
  "summary_csf_n": 23615.0,
  "summary_csf_p05": 84.54434995353222,
  "summary_csf_p95": 516.5116133414209,
  "summary_csf_stdv": 136.1484075184933,
  "summary_gm_k": -0.07968850707587105,
  "summary_gm_mad": 75.79639532494848,
  "summary_gm_mean": 669.0539724839527,
  "summary_gm_median": 668.4440133795142,
  "summary_gm_n": 16753.0,
  "summary_gm_p05": 543.1887361317873,
  "summary_gm_p95": 794.2150599509478,
  "summary_gm_stdv": 75.80259634698646,
  "summary_wm_k": 0.389412807250999,
  "summary_wm_mad": 51.15094163033332,
  "summary_wm_mean": 999.0757994525259,
  "summary_wm_median": 1000.0000502541661,
  "summary_wm_n": 125518.0,
  "summary_wm_p05": 910.0540621131659,
  "summary_wm_p95": 1084.9625915512443,
  "summary_wm_stdv": 53.35884467964457,
  "tpm_overlap_csf": 0.14520233743893982,
  "tpm_overlap_gm": 0.4652694687371876,
  "tpm_overlap_wm": 0.4980448214500524,
  "wm2max": 0.5094351581095362
}