{
  "bids_meta": {
    "AcquisitionMatrixPE": 192,
    "AcquisitionNumber": 1,
    "AcquisitionTime": "08:12:17.962500",
    "BaseResolution": 256,
    "CoilCombinationMethod": "Adaptive Combine",
    "CoilString": "C:HEA;HEP",
    "ConversionSoftware": "dcm2niix",
    "ConversionSoftwareVersion": "v1.0.20211006",
    "DeviceSerialNumber": "35070",
    "DwellTime": 3e-06,
    "EchoTime": 0.00174,
    "FlipAngle": 7,
    "ImageOrientationPatientDICOM": [
      0.00112439,
      0.999996,
      0.00275746,
      0.00382199,
      0.00275315,
      -0.999989
    ],
    "ImageOrientationText": "Sag>Tra(-0.2)>Cor(0.1)",
    "ImageType": [
      "ORIGINAL",
      "PRIMARY",
      "OTHER",
      "ND",
      "NORM",
      "MEAN"
    ],
    "ImagingFrequency": 123.246,
    "InPlanePhaseEncodingDirectionDICOM": "ROW",
    "InstitutionAddress": "Mill Street 115,Belmount/FC5C61/,Northeast,US,02478",
    "InstitutionName": "Mclean Hospital",
    "InstitutionalDepartmentName": "Department",
    "MRAcquisitionType": "3D",
    "MagneticFieldStrength": 3,
    "Manufacturer": "Siemens",
    "ManufacturersModelName": "TrioTim",
    "MatrixCoilMode": "GRAPPA",
    "Modality": "MR",
    "NumberOfAverages": 4,
    "ParallelReductionFactorInPlane": 2,
    "PartialFourier": 1,
    "PatientPosition": "HFS",
    "PercentPhaseFOV": 75,
    "PercentSampling": 100,
    "PhaseEncodingSteps": 191,
    "PhaseResolution": 1,
    "PixelBandwidth": 651,
    "ProcedureStepDescription": "3T,VA,45",
    "ProtocolName": "mocoMEMPRAGE",
    "PulseSequenceDetails": "%CustomerSeq%\\WIP711_Moco\\tfl_multiecho_epinav_711",
    "ReceiveCoilName": "32Ch_Head",
    "ReconMatrixPE": 192,
    "RefLinesPE": 32,
    "RepetitionTime": 2.53,
    "SAR": 0.0756442,
    "ScanOptions": "IR",
    "ScanningSequence": "GR\\IR",
    "SequenceName": "Moco3d4_ns",
    "SequenceVariant": "SP\\MP",
    "SeriesDescription": "mocoMEMPRAGE RMS",
    "SeriesNumber": 6,
    "ShimSetting": [
      -1209,
      -9723,
      -25500,
      570,
      27,
      -256,
      440,
      70
    ],
    "SliceThickness": 1.33,
    "SoftwareVersions": "syngo MR B17",
    "StationName": "MRC35070",
    "TxRefAmp": 322.136,
    "dataset": "ds004219",
    "modality": "T1w",
    "session_id": "01",
    "subject_id": "03"
  },
  "cjv": 0.3705426295886562,
  "cnr": 3.6816728626976154,
  "efc": 0.598485295808101,
  "fber": -1.0,
  "fwhm_avg": 3.2893366925772063,
  "fwhm_x": 3.0631800777316176,
  "fwhm_y": 3.63195,
  "fwhm_z": 3.17288,
  "icvs_csf": 0.16930629361654925,
  "icvs_gm": 0.48116457580268934,
  "icvs_wm": 0.3495291305807614,
  "inu_med": 0.692054033279419,
  "inu_range": 0.33019406795501705,
  "provenance": {
    "md5sum": "7acaa0c3dc6e5e080e35fa812d7896c1",
    "settings": {
      "testing": false
    },
    "software": "mriqc",
    "version": "23.0.1",
    "warnings": {
      "large_rot_frame": true,
      "small_air_mask": false
    },
    "webapi_port": null,
    "webapi_url": "https://mriqc.nimh.nih.gov/api/v1"
  },
  "qi_1": 0.00957824342773719,
  "qi_2": 0.04562048238468426,
  "rpve_csf": 18.45788388136839,
  "rpve_gm": 7.325340470165157,
  "rpve_wm": 11.059154704235368,
  "size_x": 128,
  "size_y": 192,
  "size_z": 256,
  "snr_csf": 1.6264230014418886,
  "snr_gm": 8.974241321734647,
  "snr_total": 9.299620467853188,
  "snr_wm": 17.298197080383027,
  "snrd_csf": 19.294116361783868,
  "snrd_gm": 65.85872513903331,
  "snrd_total": 61.847077182622805,
  "snrd_wm": 100.38839004705125,
  "spacing_x": 1.3300001621246338,
  "spacing_y": 1.0,
  "spacing_z": 1.0,
  "summary_bg_k": 25.839092865730375,
  "summary_bg_mad": 0.0,
  "summary_bg_mean": 2.7833519601592474,
  "summary_bg_median": 0.0,
  "summary_bg_n": 2056221.0,
  "summary_bg_p05": 0.0,
  "summary_bg_p95": 18.828871697187424,
  "summary_bg_stdv": 6.5260178612045525,
  "summary_csf_k": 5.906551827520099,
  "summary_csf_mad": 89.93417707185615,
  "summary_csf_mean": 216.9851425185727,
  "summary_csf_median": 192.19470631331205,
  "summary_csf_n": 13976.0,
  "summary_csf_p05": 74.36402784660459,
  "summary_csf_p95": 448.9968132507056,
  "summary_csf_stdv": 118.16595691037784,
  "summary_gm_k": -0.025506805166429114,
  "summary_gm_mad": 72.95705944079029,
  "summary_gm_mean": 657.2781889431707,
  "summary_gm_median": 656.0392867401242,
  "summary_gm_n": 24238.0,
  "summary_gm_p05": 537.9866011869162,
  "summary_gm_p95": 779.3249964751299,
  "summary_gm_stdv": 73.10097085662244,
  "summary_wm_k": 0.6058990439832992,
  "summary_wm_mad": 54.495062716628304,
  "summary_wm_mean": 998.9654626638963,
  "summary_wm_median": 1000.0000404566526,
  "summary_wm_n": 137648.0,
  "summary_wm_p05": 902.6507676392794,
  "summary_wm_p95": 1091.3067143782973,
  "summary_wm_stdv": 57.80928517285517,
  "tpm_overlap_csf": 0.15865624242283058,
  "tpm_overlap_gm": 0.4692073358487452,
  "tpm_overlap_wm": 0.48608019873962177,
  "wm2max": 0.5744446813406021
}