{
  "aor": 0.0004846,
  "aqi": 0.005589572700000001,
  "bids_meta": {
    "AcquisitionMatrixPE": 64,
    "AcquisitionNumber": 1,
    "AcquisitionTime": "08:36:0.662500",
    "BandwidthPerPixelPhaseEncode": 71.023,
    "BaseResolution": 64,
    "CoilCombinationMethod": "Adaptive Combine",
    "CoilString": "C:HEA;HEP",
    "ConversionSoftware": "dcm2niix",
    "ConversionSoftwareVersion": "v1.0.20211006",
    "DerivedVendorReportedEchoSpacing": 0.000439998,
    "DeviceSerialNumber": "35070",
    "DwellTime": 2.8e-06,
    "EchoTime": 0.029,
    "EffectiveEchoSpacing": 0.000219999,
    "FlipAngle": 75,
    "ImageOrientationPatientDICOM": [
      0.999605,
      -0.000758021,
      -0.0281058,
      -2.77467e-08,
      0.999636,
      -0.0269615
    ],
    "ImageOrientationText": "Tra>Sag(-1.6)>Cor(-1.5)",
    "ImageType": [
      "ORIGINAL",
      "PRIMARY",
      "M",
      "ND",
      "NORM",
      "MOSAIC"
    ],
    "ImagingFrequency": 123.244,
    "InPlanePhaseEncodingDirectionDICOM": "COL",
    "InstitutionAddress": "Mill Street 115,Belmount/FC5C61/,Northeast,US,02478",
    "InstitutionName": "Mclean Hospital",
    "InstitutionalDepartmentName": "Department",
    "MRAcquisitionType": "2D",
    "MagneticFieldStrength": 3,
    "Manufacturer": "Siemens",
    "ManufacturersModelName": "TrioTim",
    "MatrixCoilMode": "GRAPPA",
    "Modality": "MR",
    "ParallelReductionFactorInPlane": 2,
    "PartialFourier": 1,
    "PatientPosition": "HFS",
    "PercentPhaseFOV": 100,
    "PercentSampling": 100,
    "PhaseEncodingDirection": "j",
    "PhaseEncodingSteps": 63,
    "PhaseResolution": 1,
    "PixelBandwidth": 2790,
    "ProcedureStepDescription": "3T,VA,45",
    "ProtocolName": "fMRI-GoNoGo",
    "PulseSequenceDetails": "%SiemensSeq%\\ep2d_pace",
    "ReceiveCoilName": "32Ch_Head",
    "ReconMatrixPE": 64,
    "RefLinesPE": 24,
    "RepetitionTime": 2,
    "SAR": 0.107439,
    "ScanOptions": "FS",
    "ScanningSequence": "EP",
    "SequenceName": "*epfid2d1_64",
    "SequenceVariant": "SK",
    "SeriesDescription": "fMRI-GoNoGo",
    "SeriesNumber": 17,
    "ShimSetting": [
      -1186,
      -9693,
      -25486,
      894,
      160,
      200,
      447,
      -1
    ],
    "SliceThickness": 3.5,
    "SliceTiming": [
      0.995,
      0,
      1.0475,
      0.0525,
      1.1,
      0.105,
      1.15,
      0.1575,
      1.2025,
      0.21,
      1.255,
      0.2625,
      1.3075,
      0.315,
      1.36,
      0.3675,
      1.4125,
      0.42,
      1.465,
      0.4725,
      1.5175,
      0.5225,
      1.57,
      0.575,
      1.6225,
      0.6275,
      1.675,
      0.68,
      1.7275,
      0.7325,
      1.7775,
      0.785,
      1.83,
      0.8375,
      1.8825,
      0.89,
      1.935,
      0.9425
    ],
    "SoftwareVersions": "syngo MR B17",
    "SpacingBetweenSlices": 3.5,
    "StationName": "MRC35070",
    "TaskName": "no4 attention",
    "TotalReadoutTime": 0.0138599,
    "TxRefAmp": 301.141,
    "dataset": "ds004219",
    "modality": "bold",
    "session_id": "01",
    "subject_id": "05",
    "task_id": "atten"
  },
  "dummy_trs": 0,
  "dvars_nstd": 21.376959631806013,
  "dvars_std": 1.1696236391973243,
  "dvars_vstd": 0.9935210904347824,
  "efc": 0.44263309629349656,
  "fber": 19921.275390625,
  "fd_mean": 0.09186802618832918,
  "fd_num": 10,
  "fd_perc": 3.3333333333333335,
  "fwhm_avg": 1.626775238095238,
  "fwhm_x": 1.5042114285714285,
  "fwhm_y": 1.7664028571428572,
  "fwhm_z": 1.6097114285714285,
  "gcor": 0.0313652,
  "gsr_x": -0.002162727527320385,
  "gsr_y": 0.007987779565155506,
  "provenance": {
    "md5sum": "743900a702479a2f737f99d69108078e",
    "settings": {
      "fd_thres": 0.2,
      "testing": false
    },
    "software": "mriqc",
    "version": "23.0.1",
    "webapi_port": null,
    "webapi_url": "https://mriqc.nimh.nih.gov/api/v1"
  },
  "size_t": 300,
  "size_x": 64,
  "size_y": 64,
  "size_z": 38,
  "snr": 7.275763119223176,
  "spacing_tr": 2.0,
  "spacing_x": 3.5,
  "spacing_y": 3.5,
  "spacing_z": 3.5,
  "summary_bg_k": 47.39101337851251,
  "summary_bg_mad": 4.091982108936265,
  "summary_bg_mean": 16.084505081176758,
  "summary_bg_median": 4.6566667556762695,
  "summary_bg_n": 100995.0,
  "summary_bg_p05": 0.01666666753590107,
  "summary_bg_p95": 68.59200210571242,
  "summary_bg_stdv": 40.3411979675293,
  "summary_fg_k": 0.6726333773248534,
  "summary_fg_mad": 93.91299608788681,
  "summary_fg_mean": 658.81396484375,
  "summary_fg_median": 658.9750366210938,
  "summary_fg_n": 23438.0,
  "summary_fg_p05": 520.5441925048829,
  "summary_fg_p95": 803.4201843261718,
  "summary_fg_stdv": 90.56932830810547,
  "tsnr": 73.9292218205519
}