{
  "aor": 0.004073466666666667,
  "aqi": 0.0113597344,
  "bids_meta": {
    "AcquisitionMatrixPE": 64,
    "AcquisitionNumber": 1,
    "AcquisitionTime": "08:50:1.582500",
    "BandwidthPerPixelPhaseEncode": 71.023,
    "BaseResolution": 64,
    "CoilCombinationMethod": "Adaptive Combine",
    "CoilString": "C:HEA;HEP",
    "ConversionSoftware": "dcm2niix",
    "ConversionSoftwareVersion": "v1.0.20211006",
    "DerivedVendorReportedEchoSpacing": 0.000439998,
    "DeviceSerialNumber": "35070",
    "DwellTime": 2.8e-06,
    "EchoTime": 0.029,
    "EffectiveEchoSpacing": 0.000219999,
    "FlipAngle": 75,
    "ImageOrientationPatientDICOM": [
      1,
      0,
      0,
      0,
      1,
      0
    ],
    "ImageOrientationText": "Tra",
    "ImageType": [
      "ORIGINAL",
      "PRIMARY",
      "M",
      "ND",
      "NORM",
      "MOSAIC"
    ],
    "ImagingFrequency": 123.246,
    "InPlanePhaseEncodingDirectionDICOM": "COL",
    "InstitutionAddress": "Mill Street 115,Belmount/FC5C61/,Northeast,US,02478",
    "InstitutionName": "Mclean Hospital",
    "InstitutionalDepartmentName": "Department",
    "MRAcquisitionType": "2D",
    "MagneticFieldStrength": 3,
    "Manufacturer": "Siemens",
    "ManufacturersModelName": "TrioTim",
    "MatrixCoilMode": "GRAPPA",
    "Modality": "MR",
    "ParallelReductionFactorInPlane": 2,
    "PartialFourier": 1,
    "PatientPosition": "HFS",
    "PercentPhaseFOV": 100,
    "PercentSampling": 100,
    "PhaseEncodingDirection": "j",
    "PhaseEncodingSteps": 63,
    "PhaseResolution": 1,
    "PixelBandwidth": 2790,
    "ProcedureStepDescription": "3T,VA,45",
    "ProtocolName": "fMRI-GoNoGo",
    "PulseSequenceDetails": "%SiemensSeq%\\ep2d_pace",
    "ReceiveCoilName": "32Ch_Head",
    "ReconMatrixPE": 64,
    "RefLinesPE": 24,
    "RepetitionTime": 2,
    "SAR": 0.173289,
    "ScanOptions": "FS",
    "ScanningSequence": "EP",
    "SequenceName": "*epfid2d1_64",
    "SequenceVariant": "SK",
    "SeriesDescription": "fMRI-GoNoGo",
    "SeriesNumber": 18,
    "ShimSetting": [
      -1214,
      -9697,
      -25478,
      622,
      1,
      -87,
      492,
      70
    ],
    "SliceThickness": 3.5,
    "SliceTiming": [
      0.9925,
      0,
      1.045,
      0.0525,
      1.0975,
      0.105,
      1.15,
      0.155,
      1.2025,
      0.2075,
      1.255,
      0.26,
      1.3075,
      0.3125,
      1.36,
      0.365,
      1.4125,
      0.4175,
      1.4625,
      0.47,
      1.515,
      0.5225,
      1.5675,
      0.575,
      1.62,
      0.6275,
      1.6725,
      0.68,
      1.725,
      0.7325,
      1.7775,
      0.7825,
      1.83,
      0.835,
      1.8825,
      0.8875,
      1.935,
      0.94
    ],
    "SoftwareVersions": "syngo MR B17",
    "SpacingBetweenSlices": 3.5,
    "StationName": "MRC35070",
    "TaskName": "no4 attention",
    "TotalReadoutTime": 0.0138599,
    "TxRefAmp": 322.136,
    "dataset": "ds004219",
    "modality": "bold",
    "session_id": "01",
    "subject_id": "03",
    "task_id": "atten"
  },
  "dummy_trs": 0,
  "dvars_nstd": 22.800280006688975,
  "dvars_std": 1.1391501111036784,
  "dvars_vstd": 1.0021212887290973,
  "efc": 0.4775868358867276,
  "fber": 23146.3203125,
  "fd_mean": 0.13086671932866328,
  "fd_num": 26,
  "fd_perc": 8.666666666666666,
  "fwhm_avg": 1.5350857142857144,
  "fwhm_x": 1.3886371428571427,
  "fwhm_y": 1.70144,
  "fwhm_z": 1.5151800000000002,
  "gcor": 0.0671766,
  "gsr_x": 0.004786400124430656,
  "gsr_y": 0.00697507057338953,
  "provenance": {
    "md5sum": "7daae5a5b404db4c950657ca84082027",
    "settings": {
      "fd_thres": 0.2,
      "testing": false
    },
    "software": "mriqc",
    "version": "23.0.1",
    "webapi_port": null,
    "webapi_url": "https://mriqc.nimh.nih.gov/api/v1"
  },
  "size_t": 300,
  "size_x": 64,
  "size_y": 64,
  "size_z": 38,
  "snr": 8.004649625361873,
  "spacing_tr": 2.0,
  "spacing_x": 3.5,
  "spacing_y": 3.5,
  "spacing_z": 3.5,
  "summary_bg_k": 31.03191865054591,
  "summary_bg_mad": 3.212304571108861,
  "summary_bg_mean": 17.358470916748047,
  "summary_bg_median": 3.8933334350585938,
  "summary_bg_n": 95991.0,
  "summary_bg_p05": 0.06000000238418579,
  "summary_bg_p95": 85.88333511352539,
  "summary_bg_stdv": 41.656768798828125,
  "summary_fg_k": 2.849397635920117,
  "summary_fg_mad": 70.92026445349534,
  "summary_fg_mean": 593.0438232421875,
  "summary_fg_median": 591.00830078125,
  "summary_fg_n": 27582.0,
  "summary_fg_p05": 488.1936920166016,
  "summary_fg_p95": 712.2481689453124,
  "summary_fg_stdv": 73.831787109375,
  "tsnr": 59.1290342900902
}