{
  "bids_meta": {
    "AcquisitionMatrixPE": 192,
    "AcquisitionNumber": 1,
    "AcquisitionTime": "08:10:8.312500",
    "BaseResolution": 256,
    "BodyPartExamined": "BRAIN",
    "CoilCombinationMethod": "Adaptive Combine",
    "ConsistencyInfo": "N4_VE11B_LATEST_20150530",
    "ConversionSoftware": "dcm2niix",
    "ConversionSoftwareVersion": "v1.0.20211006",
    "DeviceSerialNumber": "66094",
    "DwellTime": 3e-06,
    "EchoTime": 0.00169,
    "FlipAngle": 7,
    "ImageOrientationPatientDICOM": [
      0.00692545,
      0.996126,
      -0.0876586,
      -0.0213813,
      -0.0874932,
      -0.995936
    ],
    "ImageOrientationText": "Sag>Tra(1.2)>Cor(0.5)",
    "ImageType": [
      "ORIGINAL",
      "PRIMARY",
      "OTHER",
      "ND",
      "NORM",
      "MEAN"
    ],
    "ImagingFrequency": 123.251,
    "InPlanePhaseEncodingDirectionDICOM": "ROW",
    "InstitutionAddress": "Mill Street 115,Belmount,Boston,US,02478",
    "InstitutionName": "McLean Hospital BIC",
    "InstitutionalDepartmentName": "Department",
    "InversionTime": 1.2,
    "MRAcquisitionType": "3D",
    "MagneticFieldStrength": 3,
    "Manufacturer": "Siemens",
    "ManufacturersModelName": "Prisma",
    "MatrixCoilMode": "GRAPPA",
    "Modality": "MR",
    "NumberOfAverages": 4,
    "ParallelReductionFactorInPlane": 2,
    "PartialFourier": 1,
    "PatientPosition": "HFS",
    "PercentPhaseFOV": 75,
    "PercentSampling": 100,
    "PhaseEncodingSteps": 191,
    "PhaseResolution": 1,
    "PixelBandwidth": 650,
    "ProcedureStepDescription": "3P,VA,45",
    "ProtocolName": "T1_MEMPRAGE1_gr2",
    "PulseSequenceDetails": "%CustomerSeq%\\tfl_mgh_multiecho",
    "ReceiveCoilActiveElements": "HC1-7",
    "ReceiveCoilName": "HeadNeck_64",
    "ReconMatrixPE": 192,
    "RefLinesPE": 32,
    "RepetitionTime": 2.53,
    "SAR": 0.0308896,
    "ScanOptions": "IR",
    "ScanningSequence": "GR\\IR",
    "SequenceName": "tfl_me3d4_16ns",
    "SequenceVariant": "SK\\SP\\MP",
    "SeriesDescription": "T1_MEMPRAGE1_gr2 RMS",
    "SeriesNumber": 6,
    "ShimSetting": [
      1610,
      -9930,
      -3944,
      417,
      -34,
      -439,
      88,
      -1
    ],
    "SliceThickness": 1.33,
    "SoftwareVersions": "syngo MR E11",
    "SpoilingState": true,
    "StationName": "AWP66094",
    "TxRefAmp": 234.559,
    "dataset": "ds004219",
    "modality": "T1w",
    "session_id": "02",
    "subject_id": "01"
  },
  "cjv": 0.35491746255191015,
  "cnr": 3.840552001523683,
  "efc": 0.5320194792193327,
  "fber": -1.0,
  "fwhm_avg": 3.3317270091943825,
  "fwhm_x": 3.1064510275831463,
  "fwhm_y": 3.61668,
  "fwhm_z": 3.27205,
  "icvs_csf": 0.19129473237647263,
  "icvs_gm": 0.4730746692997355,
  "icvs_wm": 0.33563059832379183,
  "inu_med": 0.6900441646575928,
  "inu_range": 0.29351154565811155,
  "provenance": {
    "md5sum": "139b71f57a20dd5ed9af8c06b9d437e6",
    "settings": {
      "testing": false
    },
    "software": "mriqc",
    "version": "23.0.1",
    "warnings": {
      "large_rot_frame": true,
      "small_air_mask": false
    },
    "webapi_port": null,
    "webapi_url": "https://mriqc.nimh.nih.gov/api/v1"
  },
  "qi_1": 0.0020463962901964643,
  "qi_2": 0.11483245164107501,
  "rpve_csf": 20.196730203759117,
  "rpve_gm": 8.875764368988088,
  "rpve_wm": 13.750055693410532,
  "size_x": 128,
  "size_y": 192,
  "size_z": 256,
  "snr_csf": 1.8308358631138595,
  "snr_gm": 9.24862106645561,
  "snr_total": 9.869229116387464,
  "snr_wm": 18.528230419592923,
  "snrd_csf": 23.247821680956587,
  "snrd_gm": 67.5325771020295,
  "snrd_total": 64.54285363657509,
  "snrd_wm": 102.84816212673914,
  "spacing_x": 1.3300000429153442,
  "spacing_y": 1.0,
  "spacing_z": 1.0,
  "summary_bg_k": 14.379082114749266,
  "summary_bg_mad": 0.0,
  "summary_bg_mean": 2.4541591481976197,
  "summary_bg_median": 0.0,
  "summary_bg_n": 2095088.0,
  "summary_bg_p05": 0.0,
  "summary_bg_p95": 10.341177016496658,
  "summary_bg_stdv": 6.369937589048094,
  "summary_csf_k": 1.606545969533367,
  "summary_csf_mad": 107.2022406623305,
  "summary_csf_mean": 246.29732911712472,
  "summary_csf_median": 226.04021573066711,
  "summary_csf_n": 14383.0,
  "summary_csf_p05": 77.55882762372494,
  "summary_csf_p95": 481.5527859583497,
  "summary_csf_stdv": 123.45855914924184,
  "summary_gm_k": -0.0030289587183576216,
  "summary_gm_mad": 70.32128962365711,
  "summary_gm_mean": 658.3965138444848,
  "summary_gm_median": 656.6240272521973,
  "summary_gm_n": 18008.0,
  "summary_gm_p05": 544.5423608444631,
  "summary_gm_p95": 778.4911341950295,
  "summary_gm_stdv": 70.99499382963451,
  "summary_wm_k": 0.4759719350513123,
  "summary_wm_mad": 51.54882518335037,
  "summary_wm_mean": 1000.2989381617303,
  "summary_wm_median": 999.999960154295,
  "summary_wm_n": 116743.0,
  "summary_wm_p05": 912.6292283535004,
  "summary_wm_p95": 1089.1620769500732,
  "summary_wm_stdv": 53.97146163379951,
  "tpm_overlap_csf": 0.1692905726706981,
  "tpm_overlap_gm": 0.4857047417862582,
  "tpm_overlap_wm": 0.5063104671514106,
  "wm2max": 0.4481871430396146
}