{
  "aor": 0.0001679625,
  "aqi": 0.03076666875,
  "bids_meta": {
    "AcquisitionMatrixPE": 80,
    "AcquisitionNumber": 1,
    "AcquisitionTime": "08:39:0.715000",
    "BandwidthPerPixelPhaseEncode": 49.02,
    "BaseResolution": 80,
    "BodyPartExamined": "BRAIN",
    "CoilCombinationMethod": "Sum of Squares",
    "ConsistencyInfo": "N4_VE11B_LATEST_20150530",
    "ConversionSoftware": "dcm2niix",
    "ConversionSoftwareVersion": "v1.0.20211006",
    "DerivedVendorReportedEchoSpacing": 0.000509996,
    "DeviceSerialNumber": "66094",
    "DwellTime": 2.4e-06,
    "EchoTime": 0.03,
    "EchoTrainLength": 39,
    "EffectiveEchoSpacing": 0.000254998,
    "FlipAngle": 52,
    "ImageComments": "Unaliased MB6/PE4/LB",
    "ImageOrientationPatientDICOM": [
      0.999482,
      0.0183341,
      0.0264401,
      -0.017446,
      0.999289,
      -0.0334371
    ],
    "ImageOrientationText": "Tra>Cor(-1.9)>Sag(1.5)",
    "ImageType": [
      "ORIGINAL",
      "PRIMARY",
      "M",
      "MB",
      "ND",
      "NORM",
      "MOSAIC"
    ],
    "ImagingFrequency": 123.251,
    "InPlanePhaseEncodingDirectionDICOM": "COL",
    "InstitutionAddress": "Mill Street 115,Belmount,Boston,US,02478",
    "InstitutionName": "McLean Hospital BIC",
    "InstitutionalDepartmentName": "Department",
    "MRAcquisitionType": "2D",
    "MagneticFieldStrength": 3,
    "Manufacturer": "Siemens",
    "ManufacturersModelName": "Prisma",
    "MatrixCoilMode": "GRAPPA",
    "Modality": "MR",
    "MultibandAccelerationFactor": 6,
    "ParallelReductionFactorInPlane": 2,
    "PartialFourier": 1,
    "PatientPosition": "HFS",
    "PercentPhaseFOV": 100,
    "PercentSampling": 100,
    "PhaseEncodingDirection": "j",
    "PhaseEncodingSteps": 79,
    "PhaseResolution": 1,
    "PixelBandwidth": 2605,
    "ProcedureStepDescription": "3P,VA,45",
    "ProtocolName": "GNG_BOLDP_mb",
    "PulseSequenceDetails": "%CustomerSeq%\\cmrr_mbep2d_bold",
    "ReceiveCoilActiveElements": "HC1-7",
    "ReceiveCoilName": "HeadNeck_64",
    "ReconMatrixPE": 80,
    "RefLinesPE": 24,
    "RepetitionTime": 0.75,
    "SAR": 0.0441177,
    "ScanOptions": "FS",
    "ScanningSequence": "EP",
    "SequenceName": "epfid2d1_80",
    "SequenceVariant": "SK\\SS",
    "SeriesDescription": "GNG_BOLDP_mb",
    "SeriesNumber": 13,
    "ShimSetting": [
      1622,
      -9951,
      -3869,
      513,
      -1,
      -151,
      47,
      -58
    ],
    "SliceThickness": 2.75,
    "SliceTiming": [
      0,
      0.405,
      0.08,
      0.485,
      0.16,
      0.5675,
      0.2425,
      0.6475,
      0.3225,
      0,
      0.405,
      0.08,
      0.485,
      0.16,
      0.5675,
      0.2425,
      0.6475,
      0.3225,
      0,
      0.405,
      0.08,
      0.485,
      0.16,
      0.5675,
      0.2425,
      0.6475,
      0.3225,
      0,
      0.405,
      0.08,
      0.485,
      0.16,
      0.5675,
      0.2425,
      0.6475,
      0.3225,
      0,
      0.405,
      0.08,
      0.485,
      0.16,
      0.5675,
      0.2425,
      0.6475,
      0.3225,
      0,
      0.405,
      0.08,
      0.485,
      0.16,
      0.5675,
      0.2425,
      0.6475,
      0.3225
    ],
    "SoftwareVersions": "syngo MR E11",
    "SpacingBetweenSlices": 2.75,
    "StationName": "AWP66094",
    "TaskName": "no4 attention",
    "TotalReadoutTime": 0.0201448,
    "TxRefAmp": 213.273,
    "WipMemBlock": "adfc612e-9768-4b75-8c62-84b189572aad||Sequence: ve11b/master r/50434d5; Mar  3 2017 10:46:13 by eja",
    "dataset": "ds004219",
    "modality": "bold",
    "session_id": "01",
    "subject_id": "06",
    "task_id": "atten"
  },
  "dummy_trs": 0,
  "dvars_nstd": 44.08231924280346,
  "dvars_std": 1.1182848941301629,
  "dvars_vstd": 0.9861044023779717,
  "efc": 0.4167262718920767,
  "fber": 13963.9873046875,
  "fd_mean": 0.07504402858249,
  "fd_num": 5,
  "fd_perc": 0.625,
  "fwhm_avg": 1.7100133333333334,
  "fwhm_x": 1.6237745454545454,
  "fwhm_y": 1.8508981818181818,
  "fwhm_z": 1.6553672727272728,
  "gcor": 0.00765023,
  "gsr_x": -0.01120151486247778,
  "gsr_y": 0.0009973321575671434,
  "provenance": {
    "md5sum": "c14080269635f32a3ad734306ef35ef7",
    "settings": {
      "fd_thres": 0.2,
      "testing": false
    },
    "software": "mriqc",
    "version": "23.0.1",
    "webapi_port": null,
    "webapi_url": "https://mriqc.nimh.nih.gov/api/v1"
  },
  "size_t": 800,
  "size_x": 80,
  "size_y": 80,
  "size_z": 54,
  "snr": 7.989654672972104,
  "spacing_tr": 0.75,
  "spacing_x": 2.75,
  "spacing_y": 2.75,
  "spacing_z": 2.75,
  "summary_bg_k": 33.55853076505326,
  "summary_bg_mad": 52.41925016349578,
  "summary_bg_mean": 280.6784973144531,
  "summary_bg_median": 79.60499572753906,
  "summary_bg_n": 251127.0,
  "summary_bg_p05": 1.556249976158142,
  "summary_bg_p95": 1275.824938964843,
  "summary_bg_stdv": 679.57373046875,
  "summary_fg_k": 2.265759522259848,
  "summary_fg_mad": 1119.7193991353367,
  "summary_fg_mean": 9304.72265625,
  "summary_fg_median": 9311.04296875,
  "summary_fg_n": 43928.0,
  "summary_fg_p05": 7556.8863525390625,
  "summary_fg_p95": 11163.340380859376,
  "summary_fg_stdv": 1165.3741455078125,
  "tsnr": 34.30239158915356
}