{
  "aor": 0.0006183125000000002,
  "aqi": 0.03211977,
  "bids_meta": {
    "AcquisitionMatrixPE": 80,
    "AcquisitionNumber": 1,
    "AcquisitionTime": "08:25:23.767500",
    "BandwidthPerPixelPhaseEncode": 48.077,
    "BaseResolution": 80,
    "CoilCombinationMethod": "Sum of Squares",
    "CoilString": "t:HEA;HEP",
    "ConversionSoftware": "dcm2niix",
    "ConversionSoftwareVersion": "v1.0.20211006",
    "DerivedVendorReportedEchoSpacing": 0.000519999,
    "DeviceSerialNumber": "35070",
    "DwellTime": 2.3e-06,
    "EchoTime": 0.03,
    "EffectiveEchoSpacing": 0.00026,
    "FlipAngle": 52,
    "ImageComments": "Unaliased MB6/PE4 (remote)",
    "ImageOrientationPatientDICOM": [
      0.999785,
      1.28162e-05,
      -0.0207367,
      4.24425e-09,
      1,
      0.000618249
    ],
    "ImageOrientationText": "Tra>Sag(-1.2)>Cor(0.0)",
    "ImageType": [
      "ORIGINAL",
      "PRIMARY",
      "M",
      "MB",
      "ND",
      "NORM",
      "MOSAIC"
    ],
    "ImagingFrequency": 123.244,
    "InPlanePhaseEncodingDirectionDICOM": "COL",
    "InstitutionAddress": "Mill Street 115,Belmount/FC5C61/,Northeast,US,02478",
    "InstitutionName": "Mclean Hospital",
    "InstitutionalDepartmentName": "Department",
    "MRAcquisitionType": "2D",
    "MagneticFieldStrength": 3,
    "Manufacturer": "Siemens",
    "ManufacturersModelName": "TrioTim",
    "MatrixCoilMode": "GRAPPA",
    "Modality": "MR",
    "MultibandAccelerationFactor": 6,
    "ParallelReductionFactorInPlane": 2,
    "PartialFourier": 1,
    "PatientPosition": "HFS",
    "PercentPhaseFOV": 100,
    "PercentSampling": 100,
    "PhaseEncodingDirection": "j",
    "PhaseEncodingSteps": 79,
    "PhaseResolution": 1,
    "PixelBandwidth": 2717,
    "ProcedureStepDescription": "3T,No VA Brain,45",
    "ProtocolName": "BOLDmb_GNG",
    "PulseSequenceDetails": "%CustomerSeq%\\cmrr_mbep2d_bold",
    "ReceiveCoilName": "32Ch_Head",
    "ReconMatrixPE": 80,
    "RefLinesPE": 24,
    "RepetitionTime": 0.75,
    "SAR": 0.0544492,
    "ScanOptions": "FS",
    "ScanningSequence": "EP",
    "SequenceName": "epfid2d1_80",
    "SequenceVariant": "SK\\SS",
    "SeriesDescription": "BOLDmb_GNG",
    "SeriesNumber": 16,
    "ShimSetting": [
      -1204,
      -9640,
      -25485,
      791,
      51,
      273,
      239,
      -14
    ],
    "SliceThickness": 2.8,
    "SliceTiming": [
      0,
      0.42,
      0.085,
      0.5025,
      0.1675,
      0.5875,
      0.2525,
      0.67,
      0.335,
      0,
      0.42,
      0.085,
      0.5025,
      0.1675,
      0.5875,
      0.2525,
      0.67,
      0.335,
      0,
      0.42,
      0.085,
      0.5025,
      0.1675,
      0.5875,
      0.2525,
      0.67,
      0.335,
      0,
      0.42,
      0.085,
      0.5025,
      0.1675,
      0.5875,
      0.2525,
      0.67,
      0.335,
      0,
      0.42,
      0.085,
      0.5025,
      0.1675,
      0.5875,
      0.2525,
      0.67,
      0.335,
      0,
      0.42,
      0.085,
      0.5025,
      0.1675,
      0.5875,
      0.2525,
      0.67,
      0.335
    ],
    "SoftwareVersions": "syngo MR B17",
    "SpacingBetweenSlices": 2.8,
    "StationName": "MRC35070",
    "TaskName": "no4 attention",
    "TotalReadoutTime": 0.02054,
    "TxRefAmp": 303.087,
    "dataset": "ds004219",
    "modality": "bold",
    "session_id": "02",
    "subject_id": "05",
    "task_id": "atten"
  },
  "dummy_trs": 0,
  "dvars_nstd": 47.28313398300374,
  "dvars_std": 1.1497778039924902,
  "dvars_vstd": 1.0034278015394236,
  "efc": 0.4428992399923672,
  "fber": 13730.337890625,
  "fd_mean": 0.08452015333692478,
  "fd_num": 38,
  "fd_perc": 4.75,
  "fwhm_avg": 1.6330803986790137,
  "fwhm_x": 1.5038472727272727,
  "fwhm_y": 1.7978581818181818,
  "fwhm_z": 1.5975357414915856,
  "gcor": 0.0181929,
  "gsr_x": -0.0017431494779884815,
  "gsr_y": 0.010073152370750904,
  "provenance": {
    "md5sum": "e8ca6212e5fbaab74df381d4071224b9",
    "settings": {
      "fd_thres": 0.2,
      "testing": false
    },
    "software": "mriqc",
    "version": "23.0.1",
    "webapi_port": null,
    "webapi_url": "https://mriqc.nimh.nih.gov/api/v1"
  },
  "size_t": 800,
  "size_x": 80,
  "size_y": 80,
  "size_z": 54,
  "snr": 7.727855280553463,
  "spacing_tr": 0.75,
  "spacing_x": 2.75,
  "spacing_y": 2.75,
  "spacing_z": 2.799999952316284,
  "summary_bg_k": 36.86722241808037,
  "summary_bg_mad": 3.6750002349815643,
  "summary_bg_mean": 13.488903045654297,
  "summary_bg_median": 3.6575000286102295,
  "summary_bg_n": 241355.0,
  "summary_bg_p05": 0.004999999888241291,
  "summary_bg_p95": 57.800623703002856,
  "summary_bg_stdv": 31.558725357055664,
  "summary_fg_k": 1.7420104143245165,
  "summary_fg_mad": 52.69355057699951,
  "summary_fg_mean": 428.69451904296875,
  "summary_fg_median": 428.2287292480469,
  "summary_fg_n": 51167.0,
  "summary_fg_p05": 344.2609802246094,
  "summary_fg_p95": 518.7833862304686,
  "summary_fg_stdv": 55.413116455078125,
  "tsnr": 32.01793813146651
}