{
  "aor": 0.000181475,
  "aqi": 0.027051693375,
  "bids_meta": {
    "AcquisitionMatrixPE": 80,
    "AcquisitionNumber": 1,
    "AcquisitionTime": "09:24:23.145000",
    "BandwidthPerPixelPhaseEncode": 49.02,
    "BaseResolution": 80,
    "BodyPartExamined": "BRAIN",
    "CoilCombinationMethod": "Sum of Squares",
    "ConsistencyInfo": "N4_VE11B_LATEST_20150530",
    "ConversionSoftware": "dcm2niix",
    "ConversionSoftwareVersion": "v1.0.20211006",
    "DerivedVendorReportedEchoSpacing": 0.000509996,
    "DeviceSerialNumber": "66094",
    "DwellTime": 2.4e-06,
    "EchoTime": 0.03,
    "EchoTrainLength": 39,
    "EffectiveEchoSpacing": 0.000254998,
    "FlipAngle": 52,
    "ImageComments": "Unaliased MB6/PE4/LB",
    "ImageOrientationPatientDICOM": [
      0.999799,
      0.0181483,
      0.00855693,
      -0.0174516,
      0.996996,
      -0.0754634
    ],
    "ImageOrientationText": "Tra>Cor(-4.3)>Sag(0.6)",
    "ImageType": [
      "ORIGINAL",
      "PRIMARY",
      "M",
      "MB",
      "ND",
      "NORM",
      "MOSAIC"
    ],
    "ImagingFrequency": 123.251,
    "InPlanePhaseEncodingDirectionDICOM": "COL",
    "InstitutionAddress": "Mill Street 115,Belmount,Boston,US,02478",
    "InstitutionName": "Mclean Hospital",
    "InstitutionalDepartmentName": "Department",
    "MRAcquisitionType": "2D",
    "MagneticFieldStrength": 3,
    "Manufacturer": "Siemens",
    "ManufacturersModelName": "Prisma",
    "MatrixCoilMode": "GRAPPA",
    "Modality": "MR",
    "MultibandAccelerationFactor": 6,
    "ParallelReductionFactorInPlane": 2,
    "PartialFourier": 1,
    "PatientPosition": "HFS",
    "PercentPhaseFOV": 100,
    "PercentSampling": 100,
    "PhaseEncodingDirection": "j",
    "PhaseEncodingSteps": 79,
    "PhaseResolution": 1,
    "PixelBandwidth": 2605,
    "ProcedureStepDescription": "3P,No VA Brain,45",
    "ProtocolName": "GNG_BOLDP_mb",
    "PulseSequenceDetails": "%CustomerSeq%\\cmrr_mbep2d_bold",
    "ReceiveCoilActiveElements": "HC1-7",
    "ReceiveCoilName": "HeadNeck_64",
    "ReconMatrixPE": 80,
    "RefLinesPE": 24,
    "RepetitionTime": 0.75,
    "SAR": 0.0537869,
    "ScanOptions": "FS",
    "ScanningSequence": "EP",
    "SequenceName": "epfid2d1_80",
    "SequenceVariant": "SK\\SS",
    "SeriesDescription": "GNG_BOLDP_mb",
    "SeriesNumber": 11,
    "ShimSetting": [
      1618,
      -9945,
      -3946,
      441,
      35,
      -186,
      -21,
      -1
    ],
    "SliceThickness": 2.75,
    "SliceTiming": [
      0,
      0.4075,
      0.0825,
      0.4875,
      0.1625,
      0.5675,
      0.245,
      0.65,
      0.325,
      0,
      0.4075,
      0.0825,
      0.4875,
      0.1625,
      0.5675,
      0.245,
      0.65,
      0.325,
      0,
      0.4075,
      0.0825,
      0.4875,
      0.1625,
      0.5675,
      0.245,
      0.65,
      0.325,
      0,
      0.4075,
      0.0825,
      0.4875,
      0.1625,
      0.5675,
      0.245,
      0.65,
      0.325,
      0,
      0.4075,
      0.0825,
      0.4875,
      0.1625,
      0.5675,
      0.245,
      0.65,
      0.325,
      0,
      0.4075,
      0.0825,
      0.4875,
      0.1625,
      0.5675,
      0.245,
      0.65,
      0.325
    ],
    "SoftwareVersions": "syngo MR E11",
    "SpacingBetweenSlices": 2.75,
    "StationName": "AWP66094",
    "TaskName": "no4 attention",
    "TotalReadoutTime": 0.0201448,
    "TxRefAmp": 247.537,
    "WipMemBlock": "79a23b8d-a040-4da9-a864-e04f0e395c19||Sequence: ve11b/master r/50434d5; Mar  3 2017 10:46:13 by eja",
    "dataset": "ds004219",
    "modality": "bold",
    "session_id": "02",
    "subject_id": "07",
    "task_id": "atten"
  },
  "dummy_trs": 0,
  "dvars_nstd": 51.7543030739174,
  "dvars_std": 1.214151987296622,
  "dvars_vstd": 0.9969323494868575,
  "efc": 0.48998688239499155,
  "fber": 7289.6015625,
  "fd_mean": 0.06236757473572324,
  "fd_num": 1,
  "fd_perc": 0.125,
  "fwhm_avg": 1.667780606060606,
  "fwhm_x": 1.5917818181818182,
  "fwhm_y": 1.8308,
  "fwhm_z": 1.58076,
  "gcor": 0.00813481,
  "gsr_x": 0.002924846950918436,
  "gsr_y": 0.012779705226421356,
  "provenance": {
    "md5sum": "442d42872cbf24925c74fb4769afd497",
    "settings": {
      "fd_thres": 0.2,
      "testing": false
    },
    "software": "mriqc",
    "version": "23.0.1",
    "webapi_port": null,
    "webapi_url": "https://mriqc.nimh.nih.gov/api/v1"
  },
  "size_t": 800,
  "size_x": 80,
  "size_y": 80,
  "size_z": 54,
  "snr": 7.096114030308444,
  "spacing_tr": 0.75,
  "spacing_x": 2.75,
  "spacing_y": 2.75,
  "spacing_z": 2.75,
  "summary_bg_k": 13.750805130994213,
  "summary_bg_mad": 78.20170183839963,
  "summary_bg_mean": 438.5600891113281,
  "summary_bg_median": 98.11249542236328,
  "summary_bg_n": 234577.0,
  "summary_bg_p05": 35.19874954223633,
  "summary_bg_p95": 2377.6661132812496,
  "summary_bg_stdv": 873.02783203125,
  "summary_fg_k": 3.3092124088873085,
  "summary_fg_mad": 1054.7824354624017,
  "summary_fg_mean": 8210.1728515625,
  "summary_fg_median": 8223.634765625,
  "summary_fg_n": 55833.0,
  "summary_fg_p05": 6464.8787109375,
  "summary_fg_p95": 10005.089453124998,
  "summary_fg_stdv": 1158.88232421875,
  "tsnr": 34.302974867634475
}