{
  "bids_meta": {
    "AcquisitionMatrixPE": 192,
    "AcquisitionNumber": 1,
    "AcquisitionTime": "08:10:8.312500",
    "BaseResolution": 256,
    "BodyPartExamined": "BRAIN",
    "CoilCombinationMethod": "Adaptive Combine",
    "ConsistencyInfo": "N4_VE11B_LATEST_20150530",
    "ConversionSoftware": "dcm2niix",
    "ConversionSoftwareVersion": "v1.0.20211006",
    "DeviceSerialNumber": "66094",
    "DwellTime": 3e-06,
    "EchoTime": 0.00169,
    "FlipAngle": 7,
    "ImageOrientationPatientDICOM": [
      0.00692545,
      0.996126,
      -0.0876586,
      -0.0213813,
      -0.0874932,
      -0.995936
    ],
    "ImageOrientationText": "Sag>Tra(1.2)>Cor(0.5)",
    "ImageType": [
      "ORIGINAL",
      "PRIMARY",
      "OTHER",
      "ND",
      "NORM",
      "MEAN"
    ],
    "ImagingFrequency": 123.251,
    "InPlanePhaseEncodingDirectionDICOM": "ROW",
    "InstitutionAddress": "Mill Street 115,Belmount,Boston,US,02478",
    "InstitutionName": "McLean Hospital BIC",
    "InstitutionalDepartmentName": "Department",
    "InversionTime": 1.2,
    "MRAcquisitionType": "3D",
    "MagneticFieldStrength": 3,
    "Manufacturer": "Siemens",
    "ManufacturersModelName": "Prisma",
    "MatrixCoilMode": "GRAPPA",
    "Modality": "MR",
    "NumberOfAverages": 4,
    "ParallelReductionFactorInPlane": 2,
    "PartialFourier": 1,
    "PatientPosition": "HFS",
    "PercentPhaseFOV": 75,
    "PercentSampling": 100,
    "PhaseEncodingSteps": 191,
    "PhaseResolution": 1,
    "PixelBandwidth": 650,
    "ProcedureStepDescription": "3P,VA,45",
    "ProtocolName": "T1_MEMPRAGE1_gr2",
    "PulseSequenceDetails": "%CustomerSeq%\\tfl_mgh_multiecho",
    "ReceiveCoilActiveElements": "HC1-7",
    "ReceiveCoilName": "HeadNeck_64",
    "ReconMatrixPE": 192,
    "RefLinesPE": 32,
    "RepetitionTime": 2.53,
    "SAR": 0.0308896,
    "ScanOptions": "IR",
    "ScanningSequence": "GR\\IR",
    "SequenceName": "tfl_me3d4_16ns",
    "SequenceVariant": "SK\\SP\\MP",
    "SeriesDescription": "T1_MEMPRAGE1_gr2 RMS",
    "SeriesNumber": 6,
    "ShimSetting": [
      1610,
      -9930,
      -3944,
      417,
      -34,
      -439,
      88,
      -1
    ],
    "SliceThickness": 1.33,
    "SoftwareVersions": "syngo MR E11",
    "SpoilingState": true,
    "StationName": "AWP66094",
    "TxRefAmp": 234.559,
    "dataset": "ds004219",
    "modality": "T1w",
    "session_id": "01",
    "subject_id": "01"
  },
  "cjv": 0.3435805702997533,
  "cnr": 3.9147121699511365,
  "efc": 0.5258526530741915,
  "fber": 9132.26293520743,
  "fwhm_avg": 3.345000743492779,
  "fwhm_x": 3.109932230478337,
  "fwhm_y": 3.65173,
  "fwhm_z": 3.27334,
  "icvs_csf": 0.17527418433183212,
  "icvs_gm": 0.4869434600672499,
  "icvs_wm": 0.33778235560091796,
  "inu_med": 0.6744699478149414,
  "inu_range": 0.3028363883495331,
  "provenance": {
    "md5sum": "24bfaf6f6e508bf8400fcf5b962ef74f",
    "settings": {
      "testing": false
    },
    "software": "mriqc",
    "version": "23.0.1",
    "warnings": {
      "large_rot_frame": true,
      "small_air_mask": false
    },
    "webapi_port": null,
    "webapi_url": "https://mriqc.nimh.nih.gov/api/v1"
  },
  "qi_1": 0.0,
  "qi_2": 0.00411978000957688,
  "rpve_csf": 21.54010281622549,
  "rpve_gm": 8.717616499939364,
  "rpve_wm": 13.620358048889209,
  "size_x": 128,
  "size_y": 192,
  "size_z": 256,
  "snr_csf": 1.7826345526096123,
  "snr_gm": 9.952813103512158,
  "snr_total": 10.133533579711191,
  "snr_wm": 18.665153083011802,
  "snrd_csf": 15.997960484660387,
  "snrd_gm": 46.35560853700636,
  "snrd_total": 44.08407049249144,
  "snrd_wm": 69.89864245580759,
  "spacing_x": 1.3300000429153442,
  "spacing_y": 1.0,
  "spacing_z": 1.0,
  "summary_bg_k": 17.65952737567564,
  "summary_bg_mad": 9.37306586658268,
  "summary_bg_mean": 7.010359024220008,
  "summary_bg_median": 6.3220368549227715,
  "summary_bg_n": 2381355.0,
  "summary_bg_p05": 0.0,
  "summary_bg_p95": 25.718217954039574,
  "summary_bg_stdv": 9.622602829507894,
  "summary_csf_k": 4.440223744696599,
  "summary_csf_mad": 105.14411982309414,
  "summary_csf_mean": 250.76224592261005,
  "summary_csf_median": 228.88353838026524,
  "summary_csf_n": 12331.0,
  "summary_csf_p05": 82.72406728193164,
  "summary_csf_p95": 492.3447477221489,
  "summary_csf_stdv": 128.39101376041953,
  "summary_gm_k": 0.02682193440348568,
  "summary_gm_mad": 65.67522341891265,
  "summary_gm_mean": 664.5025079044452,
  "summary_gm_median": 663.2117710188031,
  "summary_gm_n": 23416.0,
  "summary_gm_p05": 555.9844350423664,
  "summary_gm_p95": 776.5353568196297,
  "summary_gm_stdv": 66.6341869842778,
  "summary_wm_k": 0.5773220371427565,
  "summary_wm_mad": 50.053446974608185,
  "summary_wm_mean": 1000.1351401760116,
  "summary_wm_median": 1000.0430135205388,
  "summary_wm_n": 116732.0,
  "summary_wm_p05": 912.2462642859667,
  "summary_wm_p95": 1088.1214589551091,
  "summary_wm_stdv": 53.57784774461275,
  "tpm_overlap_csf": 0.16902369210882723,
  "tpm_overlap_gm": 0.49156458839442124,
  "tpm_overlap_wm": 0.5073518643329971,
  "wm2max": 0.4263398177517831
}