{
  "aor": 0.0002217543859649123,
  "aqi": 0.026434637092731833,
  "bids_meta": {
    "AcquisitionMatrixPE": 80,
    "AcquisitionNumber": 1,
    "AcquisitionTime": "08:22:42.277500",
    "BandwidthPerPixelPhaseEncode": 49.02,
    "BaseResolution": 80,
    "BodyPartExamined": "BRAIN",
    "CoilCombinationMethod": "Sum of Squares",
    "ConsistencyInfo": "N4_VE11B_LATEST_20150530",
    "ConversionSoftware": "dcm2niix",
    "ConversionSoftwareVersion": "v1.0.20211006",
    "DerivedVendorReportedEchoSpacing": 0.000509996,
    "DeviceSerialNumber": "66094",
    "DwellTime": 2.4e-06,
    "EchoTime": 0.03,
    "EchoTrainLength": 39,
    "EffectiveEchoSpacing": 0.000254998,
    "FlipAngle": 52,
    "ImageComments": "Unaliased MB6/PE4/LB",
    "ImageOrientationPatientDICOM": [
      0.999848,
      0.0174524,
      0,
      -0.0174524,
      0.999848,
      0
    ],
    "ImageOrientationText": "Tra",
    "ImageType": [
      "ORIGINAL",
      "PRIMARY",
      "M",
      "MB",
      "ND",
      "NORM",
      "MOSAIC"
    ],
    "ImagingFrequency": 123.251,
    "InPlanePhaseEncodingDirectionDICOM": "COL",
    "InstitutionAddress": "Mill Street 115,Belmount,Boston,US,02478",
    "InstitutionName": "Mclean Hospital",
    "InstitutionalDepartmentName": "Department",
    "MRAcquisitionType": "2D",
    "MagneticFieldStrength": 3,
    "Manufacturer": "Siemens",
    "ManufacturersModelName": "Prisma",
    "MatrixCoilMode": "GRAPPA",
    "Modality": "MR",
    "MultibandAccelerationFactor": 6,
    "ParallelReductionFactorInPlane": 2,
    "PartialFourier": 1,
    "PatientPosition": "HFS",
    "PercentPhaseFOV": 100,
    "PercentSampling": 100,
    "PhaseEncodingDirection": "j",
    "PhaseEncodingSteps": 79,
    "PhaseResolution": 1,
    "PixelBandwidth": 2605,
    "ProcedureStepDescription": "3P,VA,45",
    "ProtocolName": "GNG_BOLDP_mb",
    "PulseSequenceDetails": "%CustomerSeq%\\cmrr_mbep2d_bold",
    "ReceiveCoilActiveElements": "HC1-7",
    "ReceiveCoilName": "HeadNeck_64",
    "ReconMatrixPE": 80,
    "RefLinesPE": 24,
    "RepetitionTime": 0.75,
    "SAR": 0.054409,
    "ScanOptions": "FS",
    "ScanningSequence": "EP",
    "SequenceName": "epfid2d1_80",
    "SequenceVariant": "SK\\SS",
    "SeriesDescription": "GNG_BOLDP_mb",
    "SeriesNumber": 13,
    "ShimSetting": [
      1614,
      -9991,
      -3846,
      516,
      -14,
      -204,
      -27,
      18
    ],
    "SliceThickness": 2.75,
    "SliceTiming": [
      0,
      0.405,
      0.08,
      0.4875,
      0.1625,
      0.5675,
      0.2425,
      0.6475,
      0.325,
      0,
      0.405,
      0.08,
      0.4875,
      0.1625,
      0.5675,
      0.2425,
      0.6475,
      0.325,
      0,
      0.405,
      0.08,
      0.4875,
      0.1625,
      0.5675,
      0.2425,
      0.6475,
      0.325,
      0,
      0.405,
      0.08,
      0.4875,
      0.1625,
      0.5675,
      0.2425,
      0.6475,
      0.325,
      0,
      0.405,
      0.08,
      0.4875,
      0.1625,
      0.5675,
      0.2425,
      0.6475,
      0.325,
      0,
      0.405,
      0.08,
      0.4875,
      0.1625,
      0.5675,
      0.2425,
      0.6475,
      0.325
    ],
    "SoftwareVersions": "syngo MR E11",
    "SpacingBetweenSlices": 2.75,
    "StationName": "AWP66094",
    "TaskName": "no4 attention",
    "TotalReadoutTime": 0.0201448,
    "TxRefAmp": 220.226,
    "WipMemBlock": "d2ce7b96-91d5-40af-bb1d-c7280940f633||Sequence: ve11b/master r/50434d5; Mar  3 2017 10:46:13 by eja",
    "dataset": "ds004219",
    "modality": "bold",
    "session_id": "01",
    "subject_id": "02",
    "task_id": "atten"
  },
  "dummy_trs": 2,
  "dvars_nstd": 45.8757700183815,
  "dvars_std": 1.194643961367628,
  "dvars_vstd": 0.997405631430364,
  "efc": 0.45032308137266097,
  "fber": 13289.060546875,
  "fd_mean": 0.10877852947978119,
  "fd_num": 56,
  "fd_perc": 7.017543859649122,
  "fwhm_avg": 1.835498181818182,
  "fwhm_x": 1.75068,
  "fwhm_y": 2.0186545454545457,
  "fwhm_z": 1.73716,
  "gcor": 0.0215254,
  "gsr_x": -0.0040467591024935246,
  "gsr_y": 0.011549828574061394,
  "provenance": {
    "md5sum": "2be9de755e3976933398e2530d00931e",
    "settings": {
      "fd_thres": 0.2,
      "testing": false
    },
    "software": "mriqc",
    "version": "23.0.1",
    "webapi_port": null,
    "webapi_url": "https://mriqc.nimh.nih.gov/api/v1"
  },
  "size_t": 798,
  "size_x": 80,
  "size_y": 80,
  "size_z": 54,
  "snr": 7.0470027461819695,
  "spacing_tr": 0.75,
  "spacing_x": 2.75,
  "spacing_y": 2.75,
  "spacing_z": 2.75,
  "summary_bg_k": 30.616976062157462,
  "summary_bg_mad": 67.59588483379586,
  "summary_bg_mean": 319.5077209472656,
  "summary_bg_median": 85.73558807373047,
  "summary_bg_n": 239066.0,
  "summary_bg_p05": 2.0250625610351562,
  "summary_bg_p95": 1451.847412109375,
  "summary_bg_stdv": 704.503173828125,
  "summary_fg_k": 1.2309157852634245,
  "summary_fg_mad": 1345.7843846754029,
  "summary_fg_mean": 9763.05078125,
  "summary_fg_median": 9731.142578125,
  "summary_fg_n": 52878.0,
  "summary_fg_p05": 7690.678564453125,
  "summary_fg_p95": 12069.334277343749,
  "summary_fg_stdv": 1380.8779296875,
  "tsnr": 34.58527889358811
}