{
  "bids_meta": {
    "AcquisitionMatrixPE": 192,
    "AcquisitionNumber": 1,
    "AcquisitionTime": "08:10:50.002500",
    "BaseResolution": 256,
    "BodyPartExamined": "BRAIN",
    "CoilCombinationMethod": "Adaptive Combine",
    "ConsistencyInfo": "N4_VE11B_LATEST_20150530",
    "ConversionSoftware": "dcm2niix",
    "ConversionSoftwareVersion": "v1.0.20211006",
    "DeviceSerialNumber": "66094",
    "DwellTime": 3e-06,
    "EchoTime": 0.00169,
    "FlipAngle": 7,
    "ImageOrientationPatientDICOM": [
      0.00657651,
      0.999961,
      0.00591797,
      0.0737851,
      0.00541672,
      -0.997259
    ],
    "ImageOrientationText": "Sag>Tra(-4.2)>Cor(0.4)",
    "ImageType": [
      "ORIGINAL",
      "PRIMARY",
      "OTHER",
      "ND",
      "NORM",
      "MEAN"
    ],
    "ImagingFrequency": 123.251,
    "InPlanePhaseEncodingDirectionDICOM": "ROW",
    "InstitutionAddress": "Mill Street 115,Belmount,Boston,US,02478",
    "InstitutionName": "McLean Hospital BIC",
    "InstitutionalDepartmentName": "Department",
    "InversionTime": 1.2,
    "MRAcquisitionType": "3D",
    "MagneticFieldStrength": 3,
    "Manufacturer": "Siemens",
    "ManufacturersModelName": "Prisma",
    "MatrixCoilMode": "GRAPPA",
    "Modality": "MR",
    "NumberOfAverages": 4,
    "ParallelReductionFactorInPlane": 2,
    "PartialFourier": 1,
    "PatientPosition": "HFS",
    "PercentPhaseFOV": 75,
    "PercentSampling": 100,
    "PhaseEncodingSteps": 191,
    "PhaseResolution": 1,
    "PixelBandwidth": 650,
    "ProcedureStepDescription": "3P,VA,45",
    "ProtocolName": "T1_MEMPRAGE1_gr2",
    "PulseSequenceDetails": "%CustomerSeq%\\tfl_mgh_multiecho",
    "ReceiveCoilActiveElements": "HC1-7",
    "ReceiveCoilName": "HeadNeck_64",
    "ReconMatrixPE": 192,
    "RefLinesPE": 32,
    "RepetitionTime": 2.53,
    "SAR": 0.0320923,
    "ScanOptions": "IR",
    "ScanningSequence": "GR\\IR",
    "SequenceName": "tfl_me3d4_16ns",
    "SequenceVariant": "SK\\SP\\MP",
    "SeriesDescription": "T1_MEMPRAGE1_gr2 RMS",
    "SeriesNumber": 6,
    "ShimSetting": [
      1621,
      -9984,
      -3889,
      423,
      -9,
      -335,
      75,
      -63
    ],
    "SliceThickness": 1.33,
    "SoftwareVersions": "syngo MR E11",
    "SpoilingState": true,
    "StationName": "AWP66094",
    "TxRefAmp": 213.273,
    "dataset": "ds004219",
    "modality": "T1w",
    "session_id": "01",
    "subject_id": "06"
  },
  "cjv": 0.39989511192005,
  "cnr": 3.4024022167856645,
  "efc": 0.5334682834530688,
  "fber": 6362.16135734072,
  "fwhm_avg": 3.352492974104964,
  "fwhm_x": 3.1066089223148934,
  "fwhm_y": 3.61287,
  "fwhm_z": 3.338,
  "icvs_csf": 0.19651633387464357,
  "icvs_gm": 0.45385164642149606,
  "icvs_wm": 0.3496320197038604,
  "inu_med": 0.6933763027191162,
  "inu_range": 0.33046843111515045,
  "provenance": {
    "md5sum": "7429567bfdbf5d52f62a624a6d957170",
    "settings": {
      "testing": false
    },
    "software": "mriqc",
    "version": "23.0.1",
    "warnings": {
      "large_rot_frame": true,
      "small_air_mask": false
    },
    "webapi_port": null,
    "webapi_url": "https://mriqc.nimh.nih.gov/api/v1"
  },
  "qi_1": 0.0,
  "qi_2": 0.0040746920607421366,
  "rpve_csf": 21.864499456883564,
  "rpve_gm": 10.026105149884206,
  "rpve_wm": 14.658144595925293,
  "size_x": 128,
  "size_y": 192,
  "size_z": 256,
  "snr_csf": 1.8216219263074753,
  "snr_gm": 9.767484663562472,
  "snr_total": 9.590517961923444,
  "snr_wm": 17.18244729590038,
  "snrd_csf": 13.651866840888207,
  "snrd_gm": 38.47227664437177,
  "snrd_total": 36.04454501034081,
  "snrd_wm": 56.00949154576245,
  "spacing_x": 1.3300000429153442,
  "spacing_y": 1.0,
  "spacing_z": 1.0,
  "summary_bg_k": 225.47422619562937,
  "summary_bg_mad": 0.0,
  "summary_bg_mean": 7.719824425137434,
  "summary_bg_median": 0.0,
  "summary_bg_n": 1918478.0,
  "summary_bg_p05": 0.0,
  "summary_bg_p95": 30.659990441054106,
  "summary_bg_stdv": 11.69688135803277,
  "summary_csf_k": 0.6152251323885012,
  "summary_csf_mad": 123.3682573336189,
  "summary_csf_mean": 269.4071832817239,
  "summary_csf_median": 243.74201579019427,
  "summary_csf_n": 11353.0,
  "summary_csf_p05": 89.17247166484594,
  "summary_csf_p95": 518.5497678928076,
  "summary_csf_stdv": 133.79904871450742,
  "summary_gm_k": -0.023743275135798214,
  "summary_gm_mad": 69.85854917829776,
  "summary_gm_mean": 686.8079486869818,
  "summary_gm_median": 686.8884944915771,
  "summary_gm_n": 10510.0,
  "summary_gm_p05": 567.059304529801,
  "summary_gm_p95": 801.7260285923257,
  "summary_gm_stdv": 70.32064441548441,
  "summary_wm_k": 0.4189197663666224,
  "summary_wm_mad": 55.353197647526216,
  "summary_wm_mean": 1000.811492576248,
  "summary_wm_median": 999.9999657087028,
  "summary_wm_n": 106386.0,
  "summary_wm_p05": 906.6129724122584,
  "summary_wm_p95": 1097.8043535724282,
  "summary_wm_stdv": 58.19865171766818,
  "tpm_overlap_csf": 0.15069657838003594,
  "tpm_overlap_gm": 0.477045410672746,
  "tpm_overlap_wm": 0.4955978873965664,
  "wm2max": 0.5407016860989721
}